# === DATA DESCRIPTION FILE ======================================================
#
# CAUTION - Investigational device.
# Limited by Federal Law to investigational use.
#
# Dataset name: Phantom_B0shimarray_05_01_09.40.28_(WIP_B0map) (convert_dicom_to_xmlrec.pl v0.4)
#
# CLINICAL TRYOUT             Research image export tool     V4.2
#
# === GENERAL INFORMATION ========================================================
#
.    Patient name                       :   Phantom_B0shimarray
.    Examination name                   :   
.    Protocol name                      :   WIP B0map
.    Examination date/time              :   2022.07.18 / 08:24:10
.    Series Type                        :   Image   MRSERIES
.    Acquisition nr                     :   5
.    Reconstruction nr                  :   1
.    Scan Duration [sec]                :   127.0
.    Max. number of cardiac phases      :   1
.    Max. number of echoes              :   1
.    Max. number of slices/locations    :   43
.    Max. number of dynamics            :   5
.    Max. number of mixes               :   1
.    Patient position                   :   HeadFirstSupine
.    Preparation direction              :   Anterior-Posterior
.    Technique                          :   T1FFE
.    Scan resolution  (x, y)            :   72  72
.    Scan mode                          :   MS
.    Repetition time [ms]               :   175.001  
.    FOV (ap,fh,rl) [mm]                :   220.000  172.000  220.000
.    Water Fat shift [pixels]           :   0.160
.    Angulation midslice(ap,fh,rl)[degr]:   0.000  0.000  0.000
.    Off Centre midslice(ap,fh,rl) [mm] :   -78.156  12.625  0.000
.    Flow compensation <0=no 1=yes> ?   :   0
.    Presaturation     <0=no 1=yes> ?   :   0
.    Phase encoding velocity [cm/sec]   :   0.000000  0.000000  0.000000
.    MTC               <0=no 1=yes> ?   :   0
.    SPIR              <0=no 1=yes> ?   :   0
.    EPI factor        <0,1=no EPI>     :   1
.    Dynamic scan      <0=no 1=yes> ?   :   1
.    Diffusion         <0=no 1=yes> ?   :   0
.    Diffusion echo time [ms]           :   0.0000
.    Max. number of diffusion values    :   1
.    Max. number of gradient orients    :   1
.    Number of label types   <0=no ASL> :   0
#
# === PIXEL VALUES =============================================================
#  PV = pixel value in REC file, FP = floating point value, DV = displayed value on console
#  RS = rescale slope,           RI = rescale intercept,    SS = scale slope
#  DV = PV * RS + RI             FP = DV / (RS * SS)
#
# === IMAGE INFORMATION DEFINITION =============================================
#  The rest of this file contains ONE line per image, this line contains the following information:
#
#  slice number                             (integer)
#  echo number                              (integer)
#  dynamic scan number                      (integer)
#  cardiac phase number                     (integer)
#  image_type_mr                            (integer)
#  scanning sequence                        (integer)
#  index in REC file (in images)            (integer)
#  image pixel size (in bits)               (integer)
#  scan percentage                          (integer)
#  recon resolution (x y)                   (2*integer)
#  rescale intercept                        (float)
#  rescale slope                            (float)
#  scale slope                              (float)
#  window center                            (integer)
#  window width                             (integer)
#  image angulation (ap,fh,rl in degrees )  (3*float)
#  image offcentre (ap,fh,rl in mm )        (3*float)
#  slice thickness (in mm )                 (float)
#  slice gap (in mm )                       (float)
#  image_display_orientation                (integer)
#  slice orientation ( TRA/SAG/COR )        (integer)
#  fmri_status_indication                   (integer)
#  image_type_ed_es  (end diast/end syst)   (integer)
#  pixel spacing (x,y) (in mm)              (2*float)
#  echo_time                                (float)
#  dyn_scan_begin_time                      (float)
#  trigger_time                             (float)
#  diffusion_b_factor                       (float)
#  number of averages                       (integer)
#  image_flip_angle (in degrees)            (float)
#  cardiac frequency   (bpm)                (integer)
#  minimum RR-interval (in ms)              (integer)
#  maximum RR-interval (in ms)              (integer)
#  TURBO factor  <0=no turbo>               (integer)
#  Inversion delay (in ms)                  (float)
#  diffusion b value number    (imagekey!)  (integer)
#  gradient orientation number (imagekey!)  (integer)
#  contrast type                            (string)
#  diffusion anisotropy type                (string)
#  diffusion (ap, fh, rl)                   (3*float)
#  label type (ASL)            (imagekey!)  (integer)
#
# === IMAGE INFORMATION ==========================================================
#  sl ec  dyn ph ty    idx pix scan% rec size                (re)scale              window        angulation              offcentre        thick   gap   info      spacing     echo     dtime   ttime    diff  avg  flip    freq   RR-int  turbo delay b grad cont anis         diffusion       L.ty

  1   1    1  1 0 2     0  16   100  112  112     0.00000   8.42027 7.32390e-02  1070  1860   0.00   0.00   0.00  -78.16  -71.37    0.00 4.000 0.000 0 1 1 2  1.964  1.964   1.98    0.00     0.00    0.00   1   25.00     0    0    0     1   0.0  1   1    7    0   0.000    0.000    0.000  1
  2   1    1  1 0 2     1  16   100  112  112     0.00000   8.42027 7.32390e-02  2110  3667   0.00   0.00   0.00  -78.16  -67.37    0.00 4.000 0.000 0 1 1 2  1.964  1.964   1.98    0.00     0.00    0.00   1   25.00     0    0    0     1   0.0  1   1    7    0   0.000    0.000    0.000  1
  3   1    1  1 0 2     2  16   100  112  112     0.00000   8.42027 7.32390e-02  2120  3685   0.00   0.00   0.00  -78.16  -63.37    0.00 4.000 0.000 0 1 1 2  1.964  1.964   1.98    0.00     0.00    0.00   1   25.00     0    0    0     1   0.0  1   1    7    0   0.000    0.000    0.000  1
  4   1    1  1 0 2     3  16   100  112  112     0.00000   8.42027 7.32390e-02  2167  3767   0.00   0.00   0.00  -78.16  -59.37    0.00 4.000 0.000 0 1 1 2  1.964  1.964   1.98    0.00     0.00    0.00   1   25.00     0    0    0     1   0.0  1   1    7    0   0.000    0.000    0.000  1
  5   1    1  1 0 2     4  16   100  112  112     0.00000   8.42027 7.32390e-02  2223  3863   0.00   0.00   0.00  -78.16  -55.37    0.00 4.000 0.000 0 1 1 2  1.964  1.964   1.98    0.00     0.00    0.00   1   25.00     0    0    0     1   0.0  1   1    7    0   0.000    0.000    0.000  1
  6   1    1  1 0 2     5  16   100  112  112     0.00000   8.42027 7.32390e-02  2315  4024   0.00   0.00   0.00  -78.16  -51.37    0.00 4.000 0.000 0 1 1 2  1.964  1.964   1.98    0.00     0.00    0.00   1   25.00     0    0    0     1   0.0  1   1    7    0   0.000    0.000    0.000  1
  7   1    1  1 0 2     6  16   100  112  112     0.00000   8.42027 7.32390e-02  2476  4305   0.00   0.00   0.00  -78.16  -47.37    0.00 4.000 0.000 0 1 1 2  1.964  1.964   1.98    0.00     0.00    0.00   1   25.00     0    0    0     1   0.0  1   1    7    0   0.000    0.000    0.000  1
  8   1    1  1 0 2     7  16   100  112  112     0.00000   8.42027 7.32390e-02  2575  4476   0.00   0.00   0.00  -78.16  -43.37    0.00 4.000 0.000 0 1 1 2  1.964  1.964   1.98    0.00     0.00    0.00   1   25.00     0    0    0     1   0.0  1   1    7    0   0.000    0.000    0.000  1
  9   1    1  1 0 2     8  16   100  112  112     0.00000   8.42027 7.32390e-02  2676  4651   0.00   0.00   0.00  -78.16  -39.37    0.00 4.000 0.000 0 1 1 2  1.964  1.964   1.98    0.00     0.00    0.00   1   25.00     0    0    0     1   0.0  1   1    7    0   0.000    0.000    0.000  1
 10   1    1  1 0 2     9  16   100  112  112     0.00000   8.42027 7.32390e-02  2823  4907   0.00   0.00   0.00  -78.16  -35.37    0.00 4.000 0.000 0 1 1 2  1.964  1.964   1.98    0.00     0.00    0.00   1   25.00     0    0    0     1   0.0  1   1    7    0   0.000    0.000    0.000  1
 11   1    1  1 0 2    10  16   100  112  112     0.00000   8.42027 7.32390e-02  2991  5199   0.00   0.00   0.00  -78.16  -31.37    0.00 4.000 0.000 0 1 1 2  1.964  1.964   1.98    0.00     0.00    0.00   1   25.00     0    0    0     1   0.0  1   1    7    0   0.000    0.000    0.000  1
 12   1    1  1 0 2    11  16   100  112  112     0.00000   8.42027 7.32390e-02  3115  5415   0.00   0.00   0.00  -78.16  -27.37    0.00 4.000 0.000 0 1 1 2  1.964  1.964   1.98    0.00     0.00    0.00   1   25.00     0    0    0     1   0.0  1   1    7    0   0.000    0.000    0.000  1
 13   1    1  1 0 2    12  16   100  112  112     0.00000   8.42027 7.32390e-02  3237  5626   0.00   0.00   0.00  -78.16  -23.37    0.00 4.000 0.000 0 1 1 2  1.964  1.964   1.98    0.00     0.00    0.00   1   25.00     0    0    0     1   0.0  1   1    7    0   0.000    0.000    0.000  1
 14   1    1  1 0 2    13  16   100  112  112     0.00000   8.42027 7.32390e-02  3488  6063   0.00   0.00   0.00  -78.16  -19.37    0.00 4.000 0.000 0 1 1 2  1.964  1.964   1.98    0.00     0.00    0.00   1   25.00     0    0    0     1   0.0  1   1    7    0   0.000    0.000    0.000  1
 15   1    1  1 0 2    14  16   100  112  112     0.00000   8.42027 7.32390e-02  3731  6486   0.00   0.00   0.00  -78.16  -15.37    0.00 4.000 0.000 0 1 1 2  1.964  1.964   1.98    0.00     0.00    0.00   1   25.00     0    0    0     1   0.0  1   1    7    0   0.000    0.000    0.000  1
 16   1    1  1 0 2    15  16   100  112  112     0.00000   8.42027 7.32390e-02  3986  6929   0.00   0.00   0.00  -78.16  -11.37    0.00 4.000 0.000 0 1 1 2  1.964  1.964   1.98    0.00     0.00    0.00   1   25.00     0    0    0     1   0.0  1   1    7    0   0.000    0.000    0.000  1
 17   1    1  1 0 2    16  16   100  112  112     0.00000   8.42027 7.32390e-02  4200  7301   0.00   0.00   0.00  -78.16   -7.37    0.00 4.000 0.000 0 1 1 2  1.964  1.964   1.98    0.00     0.00    0.00   1   25.00     0    0    0     1   0.0  1   1    7    0   0.000    0.000    0.000  1
 18   1    1  1 0 2    17  16   100  112  112     0.00000   8.42027 7.32390e-02  4468  7767   0.00   0.00   0.00  -78.16   -3.37    0.00 4.000 0.000 0 1 1 2  1.964  1.964   1.98    0.00     0.00    0.00   1   25.00     0    0    0     1   0.0  1   1    7    0   0.000    0.000    0.000  1
 19   1    1  1 0 2    18  16   100  112  112     0.00000   8.42027 7.32390e-02  4665  8109   0.00   0.00   0.00  -78.16    0.63    0.00 4.000 0.000 0 1 1 2  1.964  1.964   1.98    0.00     0.00    0.00   1   25.00     0    0    0     1   0.0  1   1    7    0   0.000    0.000    0.000  1
 20   1    1  1 0 2    19  16   100  112  112     0.00000   8.42027 7.32390e-02  4875  8475   0.00   0.00   0.00  -78.16    4.63    0.00 4.000 0.000 0 1 1 2  1.964  1.964   1.98    0.00     0.00    0.00   1   25.00     0    0    0     1   0.0  1   1    7    0   0.000    0.000    0.000  1
 21   1    1  1 0 2    20  16   100  112  112     0.00000   8.42027 7.32390e-02  5178  9001   0.00   0.00   0.00  -78.16    8.63    0.00 4.000 0.000 0 1 1 2  1.964  1.964   1.98    0.00     0.00    0.00   1   25.00     0    0    0     1   0.0  1   1    7    0   0.000    0.000    0.000  1
 22   1    1  1 0 2    21  16   100  112  112     0.00000   8.42027 7.32390e-02  5624  9776   0.00   0.00   0.00  -78.16   12.63    0.00 4.000 0.000 0 1 1 2  1.964  1.964   1.98    0.00     0.00    0.00   1   25.00     0    0    0     1   0.0  1   1    7    0   0.000    0.000    0.000  1
 23   1    1  1 0 2    22  16   100  112  112     0.00000   8.42027 7.32390e-02  6106 10614   0.00   0.00   0.00  -78.16   16.63    0.00 4.000 0.000 0 1 1 2  1.964  1.964   1.98    0.00     0.00    0.00   1   25.00     0    0    0     1   0.0  1   1    7    0   0.000    0.000    0.000  1
 24   1    1  1 0 2    23  16   100  112  112     0.00000   8.42027 7.32390e-02  6394 11115   0.00   0.00   0.00  -78.16   20.63    0.00 4.000 0.000 0 1 1 2  1.964  1.964   1.98    0.00     0.00    0.00   1   25.00     0    0    0     1   0.0  1   1    7    0   0.000    0.000    0.000  1
 25   1    1  1 0 2    24  16   100  112  112     0.00000   8.42027 7.32390e-02  6372 11077   0.00   0.00   0.00  -78.16   24.63    0.00 4.000 0.000 0 1 1 2  1.964  1.964   1.98    0.00     0.00    0.00   1   25.00     0    0    0     1   0.0  1   1    7    0   0.000    0.000    0.000  1
 26   1    1  1 0 2    25  16   100  112  112     0.00000   8.42027 7.32390e-02  6505 11309   0.00   0.00   0.00  -78.16   28.63    0.00 4.000 0.000 0 1 1 2  1.964  1.964   1.98    0.00     0.00    0.00   1   25.00     0    0    0     1   0.0  1   1    7    0   0.000    0.000    0.000  1
 27   1    1  1 0 2    26  16   100  112  112     0.00000   8.42027 7.32390e-02  6700 11646   0.00   0.00   0.00  -78.16   32.63    0.00 4.000 0.000 0 1 1 2  1.964  1.964   1.98    0.00     0.00    0.00   1   25.00     0    0    0     1   0.0  1   1    7    0   0.000    0.000    0.000  1
 28   1    1  1 0 2    27  16   100  112  112     0.00000   8.42027 7.32390e-02  6417 11156   0.00   0.00   0.00  -78.16   36.63    0.00 4.000 0.000 0 1 1 2  1.964  1.964   1.98    0.00     0.00    0.00   1   25.00     0    0    0     1   0.0  1   1    7    0   0.000    0.000    0.000  1
 29   1    1  1 0 2    28  16   100  112  112     0.00000   8.42027 7.32390e-02  6340 11021   0.00   0.00   0.00  -78.16   40.63    0.00 4.000 0.000 0 1 1 2  1.964  1.964   1.98    0.00     0.00    0.00   1   25.00     0    0    0     1   0.0  1   1    7    0   0.000    0.000    0.000  1
 30   1    1  1 0 2    29  16   100  112  112     0.00000   8.42027 7.32390e-02  6355 11047   0.00   0.00   0.00  -78.16   44.63    0.00 4.000 0.000 0 1 1 2  1.964  1.964   1.98    0.00     0.00    0.00   1   25.00     0    0    0     1   0.0  1   1    7    0   0.000    0.000    0.000  1
 31   1    1  1 0 2    30  16   100  112  112     0.00000   8.42027 7.32390e-02  6134 10663   0.00   0.00   0.00  -78.16   48.63    0.00 4.000 0.000 0 1 1 2  1.964  1.964   1.98    0.00     0.00    0.00   1   25.00     0    0    0     1   0.0  1   1    7    0   0.000    0.000    0.000  1
 32   1    1  1 0 2    31  16   100  112  112     0.00000   8.42027 7.32390e-02  6249 10862   0.00   0.00   0.00  -78.16   52.63    0.00 4.000 0.000 0 1 1 2  1.964  1.964   1.98    0.00     0.00    0.00   1   25.00     0    0    0     1   0.0  1   1    7    0   0.000    0.000    0.000  1
 33   1    1  1 0 2    32  16   100  112  112     0.00000   8.42027 7.32390e-02  6269 10897   0.00   0.00   0.00  -78.16   56.63    0.00 4.000 0.000 0 1 1 2  1.964  1.964   1.98    0.00     0.00    0.00   1   25.00     0    0    0     1   0.0  1   1    7    0   0.000    0.000    0.000  1
 34   1    1  1 0 2    33  16   100  112  112     0.00000   8.42027 7.32390e-02  6213 10801   0.00   0.00   0.00  -78.16   60.63    0.00 4.000 0.000 0 1 1 2  1.964  1.964   1.98    0.00     0.00    0.00   1   25.00     0    0    0     1   0.0  1   1    7    0   0.000    0.000    0.000  1
 35   1    1  1 0 2    34  16   100  112  112     0.00000   8.42027 7.32390e-02  6384 11097   0.00   0.00   0.00  -78.16   64.63    0.00 4.000 0.000 0 1 1 2  1.964  1.964   1.98    0.00     0.00    0.00   1   25.00     0    0    0     1   0.0  1   1    7    0   0.000    0.000    0.000  1
 36   1    1  1 0 2    35  16   100  112  112     0.00000   8.42027 7.32390e-02  6449 11211   0.00   0.00   0.00  -78.16   68.63    0.00 4.000 0.000 0 1 1 2  1.964  1.964   1.98    0.00     0.00    0.00   1   25.00     0    0    0     1   0.0  1   1    7    0   0.000    0.000    0.000  1
 37   1    1  1 0 2    36  16   100  112  112     0.00000   8.42027 7.32390e-02  6480 11265   0.00   0.00   0.00  -78.16   72.63    0.00 4.000 0.000 0 1 1 2  1.964  1.964   1.98    0.00     0.00    0.00   1   25.00     0    0    0     1   0.0  1   1    7    0   0.000    0.000    0.000  1
 38   1    1  1 0 2    37  16   100  112  112     0.00000   8.42027 7.32390e-02  6345 11029   0.00   0.00   0.00  -78.16   76.63    0.00 4.000 0.000 0 1 1 2  1.964  1.964   1.98    0.00     0.00    0.00   1   25.00     0    0    0     1   0.0  1   1    7    0   0.000    0.000    0.000  1
 39   1    1  1 0 2    38  16   100  112  112     0.00000   8.42027 7.32390e-02  6453 11217   0.00   0.00   0.00  -78.16   80.63    0.00 4.000 0.000 0 1 1 2  1.964  1.964   1.98    0.00     0.00    0.00   1   25.00     0    0    0     1   0.0  1   1    7    0   0.000    0.000    0.000  1
 40   1    1  1 0 2    39  16   100  112  112     0.00000   8.42027 7.32390e-02  6375 11081   0.00   0.00   0.00  -78.16   84.63    0.00 4.000 0.000 0 1 1 2  1.964  1.964   1.98    0.00     0.00    0.00   1   25.00     0    0    0     1   0.0  1   1    7    0   0.000    0.000    0.000  1
 41   1    1  1 0 2    40  16   100  112  112     0.00000   8.42027 7.32390e-02  6282 10920   0.00   0.00   0.00  -78.16   88.63    0.00 4.000 0.000 0 1 1 2  1.964  1.964   1.98    0.00     0.00    0.00   1   25.00     0    0    0     1   0.0  1   1    7    0   0.000    0.000    0.000  1
 42   1    1  1 0 2    41  16   100  112  112     0.00000   8.42027 7.32390e-02  6087 10581   0.00   0.00   0.00  -78.16   92.63    0.00 4.000 0.000 0 1 1 2  1.964  1.964   1.98    0.00     0.00    0.00   1   25.00     0    0    0     1   0.0  1   1    7    0   0.000    0.000    0.000  1
 43   1    1  1 0 2    42  16   100  112  112     0.00000   8.42027 7.32390e-02  1495  2600   0.00   0.00   0.00  -78.16   96.63    0.00 4.000 0.000 0 1 1 2  1.964  1.964   1.98    0.00     0.00    0.00   1   25.00     0    0    0     1   0.0  1   1    7    0   0.000    0.000    0.000  1
  1   1    1  1 18 5    43  16   100  112  112 -1000.00000   0.48840 2.04750e+00     0  2000   0.00   0.00   0.00  -78.16  -71.37    0.00 4.000 0.000 0 1 1 2  1.964  1.964   0.00    0.00     0.00    0.00   1   25.00     0    0    0     1   0.0  1   1    7    0   0.000    0.000    0.000  1
  2   1    1  1 18 5    44  16   100  112  112 -1000.00000   0.48840 2.04750e+00     0  2000   0.00   0.00   0.00  -78.16  -67.37    0.00 4.000 0.000 0 1 1 2  1.964  1.964   0.00    0.00     0.00    0.00   1   25.00     0    0    0     1   0.0  1   1    7    0   0.000    0.000    0.000  1
  3   1    1  1 18 5    45  16   100  112  112 -1000.00000   0.48840 2.04750e+00     0  2000   0.00   0.00   0.00  -78.16  -63.37    0.00 4.000 0.000 0 1 1 2  1.964  1.964   0.00    0.00     0.00    0.00   1   25.00     0    0    0     1   0.0  1   1    7    0   0.000    0.000    0.000  1
  4   1    1  1 18 5    46  16   100  112  112 -1000.00000   0.48840 2.04750e+00     0  2000   0.00   0.00   0.00  -78.16  -59.37    0.00 4.000 0.000 0 1 1 2  1.964  1.964   0.00    0.00     0.00    0.00   1   25.00     0    0    0     1   0.0  1   1    7    0   0.000    0.000    0.000  1
  5   1    1  1 18 5    47  16   100  112  112 -1000.00000   0.48840 2.04750e+00     0  2000   0.00   0.00   0.00  -78.16  -55.37    0.00 4.000 0.000 0 1 1 2  1.964  1.964   0.00    0.00     0.00    0.00   1   25.00     0    0    0     1   0.0  1   1    7    0   0.000    0.000    0.000  1
  6   1    1  1 18 5    48  16   100  112  112 -1000.00000   0.48840 2.04750e+00     0  2000   0.00   0.00   0.00  -78.16  -51.37    0.00 4.000 0.000 0 1 1 2  1.964  1.964   0.00    0.00     0.00    0.00   1   25.00     0    0    0     1   0.0  1   1    7    0   0.000    0.000    0.000  1
  7   1    1  1 18 5    49  16   100  112  112 -1000.00000   0.48840 2.04750e+00     0  2000   0.00   0.00   0.00  -78.16  -47.37    0.00 4.000 0.000 0 1 1 2  1.964  1.964   0.00    0.00     0.00    0.00   1   25.00     0    0    0     1   0.0  1   1    7    0   0.000    0.000    0.000  1
  8   1    1  1 18 5    50  16   100  112  112 -1000.00000   0.48840 2.04750e+00     0  2000   0.00   0.00   0.00  -78.16  -43.37    0.00 4.000 0.000 0 1 1 2  1.964  1.964   0.00    0.00     0.00    0.00   1   25.00     0    0    0     1   0.0  1   1    7    0   0.000    0.000    0.000  1
  9   1    1  1 18 5    51  16   100  112  112 -1000.00000   0.48840 2.04750e+00     0  2000   0.00   0.00   0.00  -78.16  -39.37    0.00 4.000 0.000 0 1 1 2  1.964  1.964   0.00    0.00     0.00    0.00   1   25.00     0    0    0     1   0.0  1   1    7    0   0.000    0.000    0.000  1
 10   1    1  1 18 5    52  16   100  112  112 -1000.00000   0.48840 2.04750e+00     0  2000   0.00   0.00   0.00  -78.16  -35.37    0.00 4.000 0.000 0 1 1 2  1.964  1.964   0.00    0.00     0.00    0.00   1   25.00     0    0    0     1   0.0  1   1    7    0   0.000    0.000    0.000  1
 11   1    1  1 18 5    53  16   100  112  112 -1000.00000   0.48840 2.04750e+00     0  2000   0.00   0.00   0.00  -78.16  -31.37    0.00 4.000 0.000 0 1 1 2  1.964  1.964   0.00    0.00     0.00    0.00   1   25.00     0    0    0     1   0.0  1   1    7    0   0.000    0.000    0.000  1
 12   1    1  1 18 5    54  16   100  112  112 -1000.00000   0.48840 2.04750e+00     0  2000   0.00   0.00   0.00  -78.16  -27.37    0.00 4.000 0.000 0 1 1 2  1.964  1.964   0.00    0.00     0.00    0.00   1   25.00     0    0    0     1   0.0  1   1    7    0   0.000    0.000    0.000  1
 13   1    1  1 18 5    55  16   100  112  112 -1000.00000   0.48840 2.04750e+00     0  2000   0.00   0.00   0.00  -78.16  -23.37    0.00 4.000 0.000 0 1 1 2  1.964  1.964   0.00    0.00     0.00    0.00   1   25.00     0    0    0     1   0.0  1   1    7    0   0.000    0.000    0.000  1
 14   1    1  1 18 5    56  16   100  112  112 -1000.00000   0.48840 2.04750e+00     0  2000   0.00   0.00   0.00  -78.16  -19.37    0.00 4.000 0.000 0 1 1 2  1.964  1.964   0.00    0.00     0.00    0.00   1   25.00     0    0    0     1   0.0  1   1    7    0   0.000    0.000    0.000  1
 15   1    1  1 18 5    57  16   100  112  112 -1000.00000   0.48840 2.04750e+00     0  2000   0.00   0.00   0.00  -78.16  -15.37    0.00 4.000 0.000 0 1 1 2  1.964  1.964   0.00    0.00     0.00    0.00   1   25.00     0    0    0     1   0.0  1   1    7    0   0.000    0.000    0.000  1
 16   1    1  1 18 5    58  16   100  112  112 -1000.00000   0.48840 2.04750e+00     0  2000   0.00   0.00   0.00  -78.16  -11.37    0.00 4.000 0.000 0 1 1 2  1.964  1.964   0.00    0.00     0.00    0.00   1   25.00     0    0    0     1   0.0  1   1    7    0   0.000    0.000    0.000  1
 17   1    1  1 18 5    59  16   100  112  112 -1000.00000   0.48840 2.04750e+00     0  2000   0.00   0.00   0.00  -78.16   -7.37    0.00 4.000 0.000 0 1 1 2  1.964  1.964   0.00    0.00     0.00    0.00   1   25.00     0    0    0     1   0.0  1   1    7    0   0.000    0.000    0.000  1
 18   1    1  1 18 5    60  16   100  112  112 -1000.00000   0.48840 2.04750e+00     0  2000   0.00   0.00   0.00  -78.16   -3.37    0.00 4.000 0.000 0 1 1 2  1.964  1.964   0.00    0.00     0.00    0.00   1   25.00     0    0    0     1   0.0  1   1    7    0   0.000    0.000    0.000  1
 19   1    1  1 18 5    61  16   100  112  112 -1000.00000   0.48840 2.04750e+00     0  2000   0.00   0.00   0.00  -78.16    0.63    0.00 4.000 0.000 0 1 1 2  1.964  1.964   0.00    0.00     0.00    0.00   1   25.00     0    0    0     1   0.0  1   1    7    0   0.000    0.000    0.000  1
 20   1    1  1 18 5    62  16   100  112  112 -1000.00000   0.48840 2.04750e+00     0  2000   0.00   0.00   0.00  -78.16    4.63    0.00 4.000 0.000 0 1 1 2  1.964  1.964   0.00    0.00     0.00    0.00   1   25.00     0    0    0     1   0.0  1   1    7    0   0.000    0.000    0.000  1
 21   1    1  1 18 5    63  16   100  112  112 -1000.00000   0.48840 2.04750e+00     0  2000   0.00   0.00   0.00  -78.16    8.63    0.00 4.000 0.000 0 1 1 2  1.964  1.964   0.00    0.00     0.00    0.00   1   25.00     0    0    0     1   0.0  1   1    7    0   0.000    0.000    0.000  1
 22   1    1  1 18 5    64  16   100  112  112 -1000.00000   0.48840 2.04750e+00     0  2000   0.00   0.00   0.00  -78.16   12.63    0.00 4.000 0.000 0 1 1 2  1.964  1.964   0.00    0.00     0.00    0.00   1   25.00     0    0    0     1   0.0  1   1    7    0   0.000    0.000    0.000  1
 23   1    1  1 18 5    65  16   100  112  112 -1000.00000   0.48840 2.04750e+00     0  2000   0.00   0.00   0.00  -78.16   16.63    0.00 4.000 0.000 0 1 1 2  1.964  1.964   0.00    0.00     0.00    0.00   1   25.00     0    0    0     1   0.0  1   1    7    0   0.000    0.000    0.000  1
 24   1    1  1 18 5    66  16   100  112  112 -1000.00000   0.48840 2.04750e+00     0  2000   0.00   0.00   0.00  -78.16   20.63    0.00 4.000 0.000 0 1 1 2  1.964  1.964   0.00    0.00     0.00    0.00   1   25.00     0    0    0     1   0.0  1   1    7    0   0.000    0.000    0.000  1
 25   1    1  1 18 5    67  16   100  112  112 -1000.00000   0.48840 2.04750e+00     0  2000   0.00   0.00   0.00  -78.16   24.63    0.00 4.000 0.000 0 1 1 2  1.964  1.964   0.00    0.00     0.00    0.00   1   25.00     0    0    0     1   0.0  1   1    7    0   0.000    0.000    0.000  1
 26   1    1  1 18 5    68  16   100  112  112 -1000.00000   0.48840 2.04750e+00     0  2000   0.00   0.00   0.00  -78.16   28.63    0.00 4.000 0.000 0 1 1 2  1.964  1.964   0.00    0.00     0.00    0.00   1   25.00     0    0    0     1   0.0  1   1    7    0   0.000    0.000    0.000  1
 27   1    1  1 18 5    69  16   100  112  112 -1000.00000   0.48840 2.04750e+00     0  2000   0.00   0.00   0.00  -78.16   32.63    0.00 4.000 0.000 0 1 1 2  1.964  1.964   0.00    0.00     0.00    0.00   1   25.00     0    0    0     1   0.0  1   1    7    0   0.000    0.000    0.000  1
 28   1    1  1 18 5    70  16   100  112  112 -1000.00000   0.48840 2.04750e+00     0  2000   0.00   0.00   0.00  -78.16   36.63    0.00 4.000 0.000 0 1 1 2  1.964  1.964   0.00    0.00     0.00    0.00   1   25.00     0    0    0     1   0.0  1   1    7    0   0.000    0.000    0.000  1
 29   1    1  1 18 5    71  16   100  112  112 -1000.00000   0.48840 2.04750e+00     0  2000   0.00   0.00   0.00  -78.16   40.63    0.00 4.000 0.000 0 1 1 2  1.964  1.964   0.00    0.00     0.00    0.00   1   25.00     0    0    0     1   0.0  1   1    7    0   0.000    0.000    0.000  1
 30   1    1  1 18 5    72  16   100  112  112 -1000.00000   0.48840 2.04750e+00     0  2000   0.00   0.00   0.00  -78.16   44.63    0.00 4.000 0.000 0 1 1 2  1.964  1.964   0.00    0.00     0.00    0.00   1   25.00     0    0    0     1   0.0  1   1    7    0   0.000    0.000    0.000  1
 31   1    1  1 18 5    73  16   100  112  112 -1000.00000   0.48840 2.04750e+00     0  2000   0.00   0.00   0.00  -78.16   48.63    0.00 4.000 0.000 0 1 1 2  1.964  1.964   0.00    0.00     0.00    0.00   1   25.00     0    0    0     1   0.0  1   1    7    0   0.000    0.000    0.000  1
 32   1    1  1 18 5    74  16   100  112  112 -1000.00000   0.48840 2.04750e+00     0  2000   0.00   0.00   0.00  -78.16   52.63    0.00 4.000 0.000 0 1 1 2  1.964  1.964   0.00    0.00     0.00    0.00   1   25.00     0    0    0     1   0.0  1   1    7    0   0.000    0.000    0.000  1
 33   1    1  1 18 5    75  16   100  112  112 -1000.00000   0.48840 2.04750e+00     0  2000   0.00   0.00   0.00  -78.16   56.63    0.00 4.000 0.000 0 1 1 2  1.964  1.964   0.00    0.00     0.00    0.00   1   25.00     0    0    0     1   0.0  1   1    7    0   0.000    0.000    0.000  1
 34   1    1  1 18 5    76  16   100  112  112 -1000.00000   0.48840 2.04750e+00     0  2000   0.00   0.00   0.00  -78.16   60.63    0.00 4.000 0.000 0 1 1 2  1.964  1.964   0.00    0.00     0.00    0.00   1   25.00     0    0    0     1   0.0  1   1    7    0   0.000    0.000    0.000  1
 35   1    1  1 18 5    77  16   100  112  112 -1000.00000   0.48840 2.04750e+00     0  2000   0.00   0.00   0.00  -78.16   64.63    0.00 4.000 0.000 0 1 1 2  1.964  1.964   0.00    0.00     0.00    0.00   1   25.00     0    0    0     1   0.0  1   1    7    0   0.000    0.000    0.000  1
 36   1    1  1 18 5    78  16   100  112  112 -1000.00000   0.48840 2.04750e+00     0  2000   0.00   0.00   0.00  -78.16   68.63    0.00 4.000 0.000 0 1 1 2  1.964  1.964   0.00    0.00     0.00    0.00   1   25.00     0    0    0     1   0.0  1   1    7    0   0.000    0.000    0.000  1
 37   1    1  1 18 5    79  16   100  112  112 -1000.00000   0.48840 2.04750e+00     0  2000   0.00   0.00   0.00  -78.16   72.63    0.00 4.000 0.000 0 1 1 2  1.964  1.964   0.00    0.00     0.00    0.00   1   25.00     0    0    0     1   0.0  1   1    7    0   0.000    0.000    0.000  1
 38   1    1  1 18 5    80  16   100  112  112 -1000.00000   0.48840 2.04750e+00     0  2000   0.00   0.00   0.00  -78.16   76.63    0.00 4.000 0.000 0 1 1 2  1.964  1.964   0.00    0.00     0.00    0.00   1   25.00     0    0    0     1   0.0  1   1    7    0   0.000    0.000    0.000  1
 39   1    1  1 18 5    81  16   100  112  112 -1000.00000   0.48840 2.04750e+00     0  2000   0.00   0.00   0.00  -78.16   80.63    0.00 4.000 0.000 0 1 1 2  1.964  1.964   0.00    0.00     0.00    0.00   1   25.00     0    0    0     1   0.0  1   1    7    0   0.000    0.000    0.000  1
 40   1    1  1 18 5    82  16   100  112  112 -1000.00000   0.48840 2.04750e+00     0  2000   0.00   0.00   0.00  -78.16   84.63    0.00 4.000 0.000 0 1 1 2  1.964  1.964   0.00    0.00     0.00    0.00   1   25.00     0    0    0     1   0.0  1   1    7    0   0.000    0.000    0.000  1
 41   1    1  1 18 5    83  16   100  112  112 -1000.00000   0.48840 2.04750e+00     0  2000   0.00   0.00   0.00  -78.16   88.63    0.00 4.000 0.000 0 1 1 2  1.964  1.964   0.00    0.00     0.00    0.00   1   25.00     0    0    0     1   0.0  1   1    7    0   0.000    0.000    0.000  1
 42   1    1  1 18 5    84  16   100  112  112 -1000.00000   0.48840 2.04750e+00     0  2000   0.00   0.00   0.00  -78.16   92.63    0.00 4.000 0.000 0 1 1 2  1.964  1.964   0.00    0.00     0.00    0.00   1   25.00     0    0    0     1   0.0  1   1    7    0   0.000    0.000    0.000  1
 43   1    1  1 18 5    85  16   100  112  112 -1000.00000   0.48840 2.04750e+00     0  2000   0.00   0.00   0.00  -78.16   96.63    0.00 4.000 0.000 0 1 1 2  1.964  1.964   0.00    0.00     0.00    0.00   1   25.00     0    0    0     1   0.0  1   1    7    0   0.000    0.000    0.000  1
  1   1    2  1 0 2    86  16   100  112  112     0.00000   8.42027 7.32390e-02  1097  1907   0.00   0.00   0.00  -78.16  -71.37    0.00 4.000 0.000 0 1 2 2  1.964  1.964   1.98   25.20     0.00    0.00   1   25.00     0    0    0     1   0.0  1   1    7    0   0.000    0.000    0.000  1
  2   1    2  1 0 2    87  16   100  112  112     0.00000   8.42027 7.32390e-02  2082  3619   0.00   0.00   0.00  -78.16  -67.37    0.00 4.000 0.000 0 1 2 2  1.964  1.964   1.98   25.20     0.00    0.00   1   25.00     0    0    0     1   0.0  1   1    7    0   0.000    0.000    0.000  1
  3   1    2  1 0 2    88  16   100  112  112     0.00000   8.42027 7.32390e-02  2120  3685   0.00   0.00   0.00  -78.16  -63.37    0.00 4.000 0.000 0 1 2 2  1.964  1.964   1.98   25.20     0.00    0.00   1   25.00     0    0    0     1   0.0  1   1    7    0   0.000    0.000    0.000  1
  4   1    2  1 0 2    89  16   100  112  112     0.00000   8.42027 7.32390e-02  2148  3734   0.00   0.00   0.00  -78.16  -59.37    0.00 4.000 0.000 0 1 2 2  1.964  1.964   1.98   25.20     0.00    0.00   1   25.00     0    0    0     1   0.0  1   1    7    0   0.000    0.000    0.000  1
  5   1    2  1 0 2    90  16   100  112  112     0.00000   8.42027 7.32390e-02  2224  3866   0.00   0.00   0.00  -78.16  -55.37    0.00 4.000 0.000 0 1 2 2  1.964  1.964   1.98   25.20     0.00    0.00   1   25.00     0    0    0     1   0.0  1   1    7    0   0.000    0.000    0.000  1
  6   1    2  1 0 2    91  16   100  112  112     0.00000   8.42027 7.32390e-02  2342  4071   0.00   0.00   0.00  -78.16  -51.37    0.00 4.000 0.000 0 1 2 2  1.964  1.964   1.98   25.20     0.00    0.00   1   25.00     0    0    0     1   0.0  1   1    7    0   0.000    0.000    0.000  1
  7   1    2  1 0 2    92  16   100  112  112     0.00000   8.42027 7.32390e-02  2429  4222   0.00   0.00   0.00  -78.16  -47.37    0.00 4.000 0.000 0 1 2 2  1.964  1.964   1.98   25.20     0.00    0.00   1   25.00     0    0    0     1   0.0  1   1    7    0   0.000    0.000    0.000  1
  8   1    2  1 0 2    93  16   100  112  112     0.00000   8.42027 7.32390e-02  2544  4422   0.00   0.00   0.00  -78.16  -43.37    0.00 4.000 0.000 0 1 2 2  1.964  1.964   1.98   25.20     0.00    0.00   1   25.00     0    0    0     1   0.0  1   1    7    0   0.000    0.000    0.000  1
  9   1    2  1 0 2    94  16   100  112  112     0.00000   8.42027 7.32390e-02  2683  4665   0.00   0.00   0.00  -78.16  -39.37    0.00 4.000 0.000 0 1 2 2  1.964  1.964   1.98   25.20     0.00    0.00   1   25.00     0    0    0     1   0.0  1   1    7    0   0.000    0.000    0.000  1
 10   1    2  1 0 2    95  16   100  112  112     0.00000   8.42027 7.32390e-02  2845  4945   0.00   0.00   0.00  -78.16  -35.37    0.00 4.000 0.000 0 1 2 2  1.964  1.964   1.98   25.20     0.00    0.00   1   25.00     0    0    0     1   0.0  1   1    7    0   0.000    0.000    0.000  1
 11   1    2  1 0 2    96  16   100  112  112     0.00000   8.42027 7.32390e-02  2922  5079   0.00   0.00   0.00  -78.16  -31.37    0.00 4.000 0.000 0 1 2 2  1.964  1.964   1.98   25.20     0.00    0.00   1   25.00     0    0    0     1   0.0  1   1    7    0   0.000    0.000    0.000  1
 12   1    2  1 0 2    97  16   100  112  112     0.00000   8.42027 7.32390e-02  3068  5333   0.00   0.00   0.00  -78.16  -27.37    0.00 4.000 0.000 0 1 2 2  1.964  1.964   1.98   25.20     0.00    0.00   1   25.00     0    0    0     1   0.0  1   1    7    0   0.000    0.000    0.000  1
 13   1    2  1 0 2    98  16   100  112  112     0.00000   8.42027 7.32390e-02  3226  5608   0.00   0.00   0.00  -78.16  -23.37    0.00 4.000 0.000 0 1 2 2  1.964  1.964   1.98   25.20     0.00    0.00   1   25.00     0    0    0     1   0.0  1   1    7    0   0.000    0.000    0.000  1
 14   1    2  1 0 2    99  16   100  112  112     0.00000   8.42027 7.32390e-02  3470  6033   0.00   0.00   0.00  -78.16  -19.37    0.00 4.000 0.000 0 1 2 2  1.964  1.964   1.98   25.20     0.00    0.00   1   25.00     0    0    0     1   0.0  1   1    7    0   0.000    0.000    0.000  1
 15   1    2  1 0 2   100  16   100  112  112     0.00000   8.42027 7.32390e-02  3716  6460   0.00   0.00   0.00  -78.16  -15.37    0.00 4.000 0.000 0 1 2 2  1.964  1.964   1.98   25.20     0.00    0.00   1   25.00     0    0    0     1   0.0  1   1    7    0   0.000    0.000    0.000  1
 16   1    2  1 0 2   101  16   100  112  112     0.00000   8.42027 7.32390e-02  3944  6855   0.00   0.00   0.00  -78.16  -11.37    0.00 4.000 0.000 0 1 2 2  1.964  1.964   1.98   25.20     0.00    0.00   1   25.00     0    0    0     1   0.0  1   1    7    0   0.000    0.000    0.000  1
 17   1    2  1 0 2   102  16   100  112  112     0.00000   8.42027 7.32390e-02  4193  7289   0.00   0.00   0.00  -78.16   -7.37    0.00 4.000 0.000 0 1 2 2  1.964  1.964   1.98   25.20     0.00    0.00   1   25.00     0    0    0     1   0.0  1   1    7    0   0.000    0.000    0.000  1
 18   1    2  1 0 2   103  16   100  112  112     0.00000   8.42027 7.32390e-02  4421  7684   0.00   0.00   0.00  -78.16   -3.37    0.00 4.000 0.000 0 1 2 2  1.964  1.964   1.98   25.20     0.00    0.00   1   25.00     0    0    0     1   0.0  1   1    7    0   0.000    0.000    0.000  1
 19   1    2  1 0 2   104  16   100  112  112     0.00000   8.42027 7.32390e-02  4642  8070   0.00   0.00   0.00  -78.16    0.63    0.00 4.000 0.000 0 1 2 2  1.964  1.964   1.98   25.20     0.00    0.00   1   25.00     0    0    0     1   0.0  1   1    7    0   0.000    0.000    0.000  1
 20   1    2  1 0 2   105  16   100  112  112     0.00000   8.42027 7.32390e-02  4844  8420   0.00   0.00   0.00  -78.16    4.63    0.00 4.000 0.000 0 1 2 2  1.964  1.964   1.98   25.20     0.00    0.00   1   25.00     0    0    0     1   0.0  1   1    7    0   0.000    0.000    0.000  1
 21   1    2  1 0 2   106  16   100  112  112     0.00000   8.42027 7.32390e-02  5130  8917   0.00   0.00   0.00  -78.16    8.63    0.00 4.000 0.000 0 1 2 2  1.964  1.964   1.98   25.20     0.00    0.00   1   25.00     0    0    0     1   0.0  1   1    7    0   0.000    0.000    0.000  1
 22   1    2  1 0 2   107  16   100  112  112     0.00000   8.42027 7.32390e-02  5567  9678   0.00   0.00   0.00  -78.16   12.63    0.00 4.000 0.000 0 1 2 2  1.964  1.964   1.98   25.20     0.00    0.00   1   25.00     0    0    0     1   0.0  1   1    7    0   0.000    0.000    0.000  1
 23   1    2  1 0 2   108  16   100  112  112     0.00000   8.42027 7.32390e-02  6038 10496   0.00   0.00   0.00  -78.16   16.63    0.00 4.000 0.000 0 1 2 2  1.964  1.964   1.98   25.20     0.00    0.00   1   25.00     0    0    0     1   0.0  1   1    7    0   0.000    0.000    0.000  1
 24   1    2  1 0 2   109  16   100  112  112     0.00000   8.42027 7.32390e-02  6419 11158   0.00   0.00   0.00  -78.16   20.63    0.00 4.000 0.000 0 1 2 2  1.964  1.964   1.98   25.20     0.00    0.00   1   25.00     0    0    0     1   0.0  1   1    7    0   0.000    0.000    0.000  1
 25   1    2  1 0 2   110  16   100  112  112     0.00000   8.42027 7.32390e-02  6373 11078   0.00   0.00   0.00  -78.16   24.63    0.00 4.000 0.000 0 1 2 2  1.964  1.964   1.98   25.20     0.00    0.00   1   25.00     0    0    0     1   0.0  1   1    7    0   0.000    0.000    0.000  1
 26   1    2  1 0 2   111  16   100  112  112     0.00000   8.42027 7.32390e-02  6504 11305   0.00   0.00   0.00  -78.16   28.63    0.00 4.000 0.000 0 1 2 2  1.964  1.964   1.98   25.20     0.00    0.00   1   25.00     0    0    0     1   0.0  1   1    7    0   0.000    0.000    0.000  1
 27   1    2  1 0 2   112  16   100  112  112     0.00000   8.42027 7.32390e-02  6616 11500   0.00   0.00   0.00  -78.16   32.63    0.00 4.000 0.000 0 1 2 2  1.964  1.964   1.98   25.20     0.00    0.00   1   25.00     0    0    0     1   0.0  1   1    7    0   0.000    0.000    0.000  1
 28   1    2  1 0 2   113  16   100  112  112     0.00000   8.42027 7.32390e-02  6395 11116   0.00   0.00   0.00  -78.16   36.63    0.00 4.000 0.000 0 1 2 2  1.964  1.964   1.98   25.20     0.00    0.00   1   25.00     0    0    0     1   0.0  1   1    7    0   0.000    0.000    0.000  1
 29   1    2  1 0 2   114  16   100  112  112     0.00000   8.42027 7.32390e-02  6214 10803   0.00   0.00   0.00  -78.16   40.63    0.00 4.000 0.000 0 1 2 2  1.964  1.964   1.98   25.20     0.00    0.00   1   25.00     0    0    0     1   0.0  1   1    7    0   0.000    0.000    0.000  1
 30   1    2  1 0 2   115  16   100  112  112     0.00000   8.42027 7.32390e-02  6322 10990   0.00   0.00   0.00  -78.16   44.63    0.00 4.000 0.000 0 1 2 2  1.964  1.964   1.98   25.20     0.00    0.00   1   25.00     0    0    0     1   0.0  1   1    7    0   0.000    0.000    0.000  1
 31   1    2  1 0 2   116  16   100  112  112     0.00000   8.42027 7.32390e-02  6086 10579   0.00   0.00   0.00  -78.16   48.63    0.00 4.000 0.000 0 1 2 2  1.964  1.964   1.98   25.20     0.00    0.00   1   25.00     0    0    0     1   0.0  1   1    7    0   0.000    0.000    0.000  1
 32   1    2  1 0 2   117  16   100  112  112     0.00000   8.42027 7.32390e-02  6256 10875   0.00   0.00   0.00  -78.16   52.63    0.00 4.000 0.000 0 1 2 2  1.964  1.964   1.98   25.20     0.00    0.00   1   25.00     0    0    0     1   0.0  1   1    7    0   0.000    0.000    0.000  1
 33   1    2  1 0 2   118  16   100  112  112     0.00000   8.42027 7.32390e-02  6227 10824   0.00   0.00   0.00  -78.16   56.63    0.00 4.000 0.000 0 1 2 2  1.964  1.964   1.98   25.20     0.00    0.00   1   25.00     0    0    0     1   0.0  1   1    7    0   0.000    0.000    0.000  1
 34   1    2  1 0 2   119  16   100  112  112     0.00000   8.42027 7.32390e-02  6165 10717   0.00   0.00   0.00  -78.16   60.63    0.00 4.000 0.000 0 1 2 2  1.964  1.964   1.98   25.20     0.00    0.00   1   25.00     0    0    0     1   0.0  1   1    7    0   0.000    0.000    0.000  1
 35   1    2  1 0 2   120  16   100  112  112     0.00000   8.42027 7.32390e-02  6329 11001   0.00   0.00   0.00  -78.16   64.63    0.00 4.000 0.000 0 1 2 2  1.964  1.964   1.98   25.20     0.00    0.00   1   25.00     0    0    0     1   0.0  1   1    7    0   0.000    0.000    0.000  1
 36   1    2  1 0 2   121  16   100  112  112     0.00000   8.42027 7.32390e-02  6447 11207   0.00   0.00   0.00  -78.16   68.63    0.00 4.000 0.000 0 1 2 2  1.964  1.964   1.98   25.20     0.00    0.00   1   25.00     0    0    0     1   0.0  1   1    7    0   0.000    0.000    0.000  1
 37   1    2  1 0 2   122  16   100  112  112     0.00000   8.42027 7.32390e-02  6428 11174   0.00   0.00   0.00  -78.16   72.63    0.00 4.000 0.000 0 1 2 2  1.964  1.964   1.98   25.20     0.00    0.00   1   25.00     0    0    0     1   0.0  1   1    7    0   0.000    0.000    0.000  1
 38   1    2  1 0 2   123  16   100  112  112     0.00000   8.42027 7.32390e-02  6326 10997   0.00   0.00   0.00  -78.16   76.63    0.00 4.000 0.000 0 1 2 2  1.964  1.964   1.98   25.20     0.00    0.00   1   25.00     0    0    0     1   0.0  1   1    7    0   0.000    0.000    0.000  1
 39   1    2  1 0 2   124  16   100  112  112     0.00000   8.42027 7.32390e-02  6400 11125   0.00   0.00   0.00  -78.16   80.63    0.00 4.000 0.000 0 1 2 2  1.964  1.964   1.98   25.20     0.00    0.00   1   25.00     0    0    0     1   0.0  1   1    7    0   0.000    0.000    0.000  1
 40   1    2  1 0 2   125  16   100  112  112     0.00000   8.42027 7.32390e-02  6374 11081   0.00   0.00   0.00  -78.16   84.63    0.00 4.000 0.000 0 1 2 2  1.964  1.964   1.98   25.20     0.00    0.00   1   25.00     0    0    0     1   0.0  1   1    7    0   0.000    0.000    0.000  1
 41   1    2  1 0 2   126  16   100  112  112     0.00000   8.42027 7.32390e-02  6284 10923   0.00   0.00   0.00  -78.16   88.63    0.00 4.000 0.000 0 1 2 2  1.964  1.964   1.98   25.20     0.00    0.00   1   25.00     0    0    0     1   0.0  1   1    7    0   0.000    0.000    0.000  1
 42   1    2  1 0 2   127  16   100  112  112     0.00000   8.42027 7.32390e-02  6060 10534   0.00   0.00   0.00  -78.16   92.63    0.00 4.000 0.000 0 1 2 2  1.964  1.964   1.98   25.20     0.00    0.00   1   25.00     0    0    0     1   0.0  1   1    7    0   0.000    0.000    0.000  1
 43   1    2  1 0 2   128  16   100  112  112     0.00000   8.42027 7.32390e-02  1469  2553   0.00   0.00   0.00  -78.16   96.63    0.00 4.000 0.000 0 1 2 2  1.964  1.964   1.98   25.20     0.00    0.00   1   25.00     0    0    0     1   0.0  1   1    7    0   0.000    0.000    0.000  1
  1   1    2  1 18 5   129  16   100  112  112 -1000.00000   0.48840 2.04750e+00     0  2000   0.00   0.00   0.00  -78.16  -71.37    0.00 4.000 0.000 0 1 2 2  1.964  1.964   0.00   25.20     0.00    0.00   1   25.00     0    0    0     1   0.0  1   1    7    0   0.000    0.000    0.000  1
  2   1    2  1 18 5   130  16   100  112  112 -1000.00000   0.48840 2.04750e+00     0  2000   0.00   0.00   0.00  -78.16  -67.37    0.00 4.000 0.000 0 1 2 2  1.964  1.964   0.00   25.20     0.00    0.00   1   25.00     0    0    0     1   0.0  1   1    7    0   0.000    0.000    0.000  1
  3   1    2  1 18 5   131  16   100  112  112 -1000.00000   0.48840 2.04750e+00     0  2000   0.00   0.00   0.00  -78.16  -63.37    0.00 4.000 0.000 0 1 2 2  1.964  1.964   0.00   25.20     0.00    0.00   1   25.00     0    0    0     1   0.0  1   1    7    0   0.000    0.000    0.000  1
  4   1    2  1 18 5   132  16   100  112  112 -1000.00000   0.48840 2.04750e+00     0  2000   0.00   0.00   0.00  -78.16  -59.37    0.00 4.000 0.000 0 1 2 2  1.964  1.964   0.00   25.20     0.00    0.00   1   25.00     0    0    0     1   0.0  1   1    7    0   0.000    0.000    0.000  1
  5   1    2  1 18 5   133  16   100  112  112 -1000.00000   0.48840 2.04750e+00     0  2000   0.00   0.00   0.00  -78.16  -55.37    0.00 4.000 0.000 0 1 2 2  1.964  1.964   0.00   25.20     0.00    0.00   1   25.00     0    0    0     1   0.0  1   1    7    0   0.000    0.000    0.000  1
  6   1    2  1 18 5   134  16   100  112  112 -1000.00000   0.48840 2.04750e+00     0  2000   0.00   0.00   0.00  -78.16  -51.37    0.00 4.000 0.000 0 1 2 2  1.964  1.964   0.00   25.20     0.00    0.00   1   25.00     0    0    0     1   0.0  1   1    7    0   0.000    0.000    0.000  1
  7   1    2  1 18 5   135  16   100  112  112 -1000.00000   0.48840 2.04750e+00     0  2000   0.00   0.00   0.00  -78.16  -47.37    0.00 4.000 0.000 0 1 2 2  1.964  1.964   0.00   25.20     0.00    0.00   1   25.00     0    0    0     1   0.0  1   1    7    0   0.000    0.000    0.000  1
  8   1    2  1 18 5   136  16   100  112  112 -1000.00000   0.48840 2.04750e+00     0  2000   0.00   0.00   0.00  -78.16  -43.37    0.00 4.000 0.000 0 1 2 2  1.964  1.964   0.00   25.20     0.00    0.00   1   25.00     0    0    0     1   0.0  1   1    7    0   0.000    0.000    0.000  1
  9   1    2  1 18 5   137  16   100  112  112 -1000.00000   0.48840 2.04750e+00     0  2000   0.00   0.00   0.00  -78.16  -39.37    0.00 4.000 0.000 0 1 2 2  1.964  1.964   0.00   25.20     0.00    0.00   1   25.00     0    0    0     1   0.0  1   1    7    0   0.000    0.000    0.000  1
 10   1    2  1 18 5   138  16   100  112  112 -1000.00000   0.48840 2.04750e+00     0  2000   0.00   0.00   0.00  -78.16  -35.37    0.00 4.000 0.000 0 1 2 2  1.964  1.964   0.00   25.20     0.00    0.00   1   25.00     0    0    0     1   0.0  1   1    7    0   0.000    0.000    0.000  1
 11   1    2  1 18 5   139  16   100  112  112 -1000.00000   0.48840 2.04750e+00     0  2000   0.00   0.00   0.00  -78.16  -31.37    0.00 4.000 0.000 0 1 2 2  1.964  1.964   0.00   25.20     0.00    0.00   1   25.00     0    0    0     1   0.0  1   1    7    0   0.000    0.000    0.000  1
 12   1    2  1 18 5   140  16   100  112  112 -1000.00000   0.48840 2.04750e+00     0  2000   0.00   0.00   0.00  -78.16  -27.37    0.00 4.000 0.000 0 1 2 2  1.964  1.964   0.00   25.20     0.00    0.00   1   25.00     0    0    0     1   0.0  1   1    7    0   0.000    0.000    0.000  1
 13   1    2  1 18 5   141  16   100  112  112 -1000.00000   0.48840 2.04750e+00     0  2000   0.00   0.00   0.00  -78.16  -23.37    0.00 4.000 0.000 0 1 2 2  1.964  1.964   0.00   25.20     0.00    0.00   1   25.00     0    0    0     1   0.0  1   1    7    0   0.000    0.000    0.000  1
 14   1    2  1 18 5   142  16   100  112  112 -1000.00000   0.48840 2.04750e+00     0  2000   0.00   0.00   0.00  -78.16  -19.37    0.00 4.000 0.000 0 1 2 2  1.964  1.964   0.00   25.20     0.00    0.00   1   25.00     0    0    0     1   0.0  1   1    7    0   0.000    0.000    0.000  1
 15   1    2  1 18 5   143  16   100  112  112 -1000.00000   0.48840 2.04750e+00     0  2000   0.00   0.00   0.00  -78.16  -15.37    0.00 4.000 0.000 0 1 2 2  1.964  1.964   0.00   25.20     0.00    0.00   1   25.00     0    0    0     1   0.0  1   1    7    0   0.000    0.000    0.000  1
 16   1    2  1 18 5   144  16   100  112  112 -1000.00000   0.48840 2.04750e+00     0  2000   0.00   0.00   0.00  -78.16  -11.37    0.00 4.000 0.000 0 1 2 2  1.964  1.964   0.00   25.20     0.00    0.00   1   25.00     0    0    0     1   0.0  1   1    7    0   0.000    0.000    0.000  1
 17   1    2  1 18 5   145  16   100  112  112 -1000.00000   0.48840 2.04750e+00     0  2000   0.00   0.00   0.00  -78.16   -7.37    0.00 4.000 0.000 0 1 2 2  1.964  1.964   0.00   25.20     0.00    0.00   1   25.00     0    0    0     1   0.0  1   1    7    0   0.000    0.000    0.000  1
 18   1    2  1 18 5   146  16   100  112  112 -1000.00000   0.48840 2.04750e+00     0  2000   0.00   0.00   0.00  -78.16   -3.37    0.00 4.000 0.000 0 1 2 2  1.964  1.964   0.00   25.20     0.00    0.00   1   25.00     0    0    0     1   0.0  1   1    7    0   0.000    0.000    0.000  1
 19   1    2  1 18 5   147  16   100  112  112 -1000.00000   0.48840 2.04750e+00     0  2000   0.00   0.00   0.00  -78.16    0.63    0.00 4.000 0.000 0 1 2 2  1.964  1.964   0.00   25.20     0.00    0.00   1   25.00     0    0    0     1   0.0  1   1    7    0   0.000    0.000    0.000  1
 20   1    2  1 18 5   148  16   100  112  112 -1000.00000   0.48840 2.04750e+00     0  2000   0.00   0.00   0.00  -78.16    4.63    0.00 4.000 0.000 0 1 2 2  1.964  1.964   0.00   25.20     0.00    0.00   1   25.00     0    0    0     1   0.0  1   1    7    0   0.000    0.000    0.000  1
 21   1    2  1 18 5   149  16   100  112  112 -1000.00000   0.48840 2.04750e+00     0  2000   0.00   0.00   0.00  -78.16    8.63    0.00 4.000 0.000 0 1 2 2  1.964  1.964   0.00   25.20     0.00    0.00   1   25.00     0    0    0     1   0.0  1   1    7    0   0.000    0.000    0.000  1
 22   1    2  1 18 5   150  16   100  112  112 -1000.00000   0.48840 2.04750e+00     0  2000   0.00   0.00   0.00  -78.16   12.63    0.00 4.000 0.000 0 1 2 2  1.964  1.964   0.00   25.20     0.00    0.00   1   25.00     0    0    0     1   0.0  1   1    7    0   0.000    0.000    0.000  1
 23   1    2  1 18 5   151  16   100  112  112 -1000.00000   0.48840 2.04750e+00     0  2000   0.00   0.00   0.00  -78.16   16.63    0.00 4.000 0.000 0 1 2 2  1.964  1.964   0.00   25.20     0.00    0.00   1   25.00     0    0    0     1   0.0  1   1    7    0   0.000    0.000    0.000  1
 24   1    2  1 18 5   152  16   100  112  112 -1000.00000   0.48840 2.04750e+00     0  2000   0.00   0.00   0.00  -78.16   20.63    0.00 4.000 0.000 0 1 2 2  1.964  1.964   0.00   25.20     0.00    0.00   1   25.00     0    0    0     1   0.0  1   1    7    0   0.000    0.000    0.000  1
 25   1    2  1 18 5   153  16   100  112  112 -1000.00000   0.48840 2.04750e+00     0  2000   0.00   0.00   0.00  -78.16   24.63    0.00 4.000 0.000 0 1 2 2  1.964  1.964   0.00   25.20     0.00    0.00   1   25.00     0    0    0     1   0.0  1   1    7    0   0.000    0.000    0.000  1
 26   1    2  1 18 5   154  16   100  112  112 -1000.00000   0.48840 2.04750e+00     0  2000   0.00   0.00   0.00  -78.16   28.63    0.00 4.000 0.000 0 1 2 2  1.964  1.964   0.00   25.20     0.00    0.00   1   25.00     0    0    0     1   0.0  1   1    7    0   0.000    0.000    0.000  1
 27   1    2  1 18 5   155  16   100  112  112 -1000.00000   0.48840 2.04750e+00     0  2000   0.00   0.00   0.00  -78.16   32.63    0.00 4.000 0.000 0 1 2 2  1.964  1.964   0.00   25.20     0.00    0.00   1   25.00     0    0    0     1   0.0  1   1    7    0   0.000    0.000    0.000  1
 28   1    2  1 18 5   156  16   100  112  112 -1000.00000   0.48840 2.04750e+00     0  2000   0.00   0.00   0.00  -78.16   36.63    0.00 4.000 0.000 0 1 2 2  1.964  1.964   0.00   25.20     0.00    0.00   1   25.00     0    0    0     1   0.0  1   1    7    0   0.000    0.000    0.000  1
 29   1    2  1 18 5   157  16   100  112  112 -1000.00000   0.48840 2.04750e+00     0  2000   0.00   0.00   0.00  -78.16   40.63    0.00 4.000 0.000 0 1 2 2  1.964  1.964   0.00   25.20     0.00    0.00   1   25.00     0    0    0     1   0.0  1   1    7    0   0.000    0.000    0.000  1
 30   1    2  1 18 5   158  16   100  112  112 -1000.00000   0.48840 2.04750e+00     0  2000   0.00   0.00   0.00  -78.16   44.63    0.00 4.000 0.000 0 1 2 2  1.964  1.964   0.00   25.20     0.00    0.00   1   25.00     0    0    0     1   0.0  1   1    7    0   0.000    0.000    0.000  1
 31   1    2  1 18 5   159  16   100  112  112 -1000.00000   0.48840 2.04750e+00     0  2000   0.00   0.00   0.00  -78.16   48.63    0.00 4.000 0.000 0 1 2 2  1.964  1.964   0.00   25.20     0.00    0.00   1   25.00     0    0    0     1   0.0  1   1    7    0   0.000    0.000    0.000  1
 32   1    2  1 18 5   160  16   100  112  112 -1000.00000   0.48840 2.04750e+00     0  2000   0.00   0.00   0.00  -78.16   52.63    0.00 4.000 0.000 0 1 2 2  1.964  1.964   0.00   25.20     0.00    0.00   1   25.00     0    0    0     1   0.0  1   1    7    0   0.000    0.000    0.000  1
 33   1    2  1 18 5   161  16   100  112  112 -1000.00000   0.48840 2.04750e+00     0  2000   0.00   0.00   0.00  -78.16   56.63    0.00 4.000 0.000 0 1 2 2  1.964  1.964   0.00   25.20     0.00    0.00   1   25.00     0    0    0     1   0.0  1   1    7    0   0.000    0.000    0.000  1
 34   1    2  1 18 5   162  16   100  112  112 -1000.00000   0.48840 2.04750e+00     0  2000   0.00   0.00   0.00  -78.16   60.63    0.00 4.000 0.000 0 1 2 2  1.964  1.964   0.00   25.20     0.00    0.00   1   25.00     0    0    0     1   0.0  1   1    7    0   0.000    0.000    0.000  1
 35   1    2  1 18 5   163  16   100  112  112 -1000.00000   0.48840 2.04750e+00     0  2000   0.00   0.00   0.00  -78.16   64.63    0.00 4.000 0.000 0 1 2 2  1.964  1.964   0.00   25.20     0.00    0.00   1   25.00     0    0    0     1   0.0  1   1    7    0   0.000    0.000    0.000  1
 36   1    2  1 18 5   164  16   100  112  112 -1000.00000   0.48840 2.04750e+00     0  2000   0.00   0.00   0.00  -78.16   68.63    0.00 4.000 0.000 0 1 2 2  1.964  1.964   0.00   25.20     0.00    0.00   1   25.00     0    0    0     1   0.0  1   1    7    0   0.000    0.000    0.000  1
 37   1    2  1 18 5   165  16   100  112  112 -1000.00000   0.48840 2.04750e+00     0  2000   0.00   0.00   0.00  -78.16   72.63    0.00 4.000 0.000 0 1 2 2  1.964  1.964   0.00   25.20     0.00    0.00   1   25.00     0    0    0     1   0.0  1   1    7    0   0.000    0.000    0.000  1
 38   1    2  1 18 5   166  16   100  112  112 -1000.00000   0.48840 2.04750e+00     0  2000   0.00   0.00   0.00  -78.16   76.63    0.00 4.000 0.000 0 1 2 2  1.964  1.964   0.00   25.20     0.00    0.00   1   25.00     0    0    0     1   0.0  1   1    7    0   0.000    0.000    0.000  1
 39   1    2  1 18 5   167  16   100  112  112 -1000.00000   0.48840 2.04750e+00     0  2000   0.00   0.00   0.00  -78.16   80.63    0.00 4.000 0.000 0 1 2 2  1.964  1.964   0.00   25.20     0.00    0.00   1   25.00     0    0    0     1   0.0  1   1    7    0   0.000    0.000    0.000  1
 40   1    2  1 18 5   168  16   100  112  112 -1000.00000   0.48840 2.04750e+00     0  2000   0.00   0.00   0.00  -78.16   84.63    0.00 4.000 0.000 0 1 2 2  1.964  1.964   0.00   25.20     0.00    0.00   1   25.00     0    0    0     1   0.0  1   1    7    0   0.000    0.000    0.000  1
 41   1    2  1 18 5   169  16   100  112  112 -1000.00000   0.48840 2.04750e+00     0  2000   0.00   0.00   0.00  -78.16   88.63    0.00 4.000 0.000 0 1 2 2  1.964  1.964   0.00   25.20     0.00    0.00   1   25.00     0    0    0     1   0.0  1   1    7    0   0.000    0.000    0.000  1
 42   1    2  1 18 5   170  16   100  112  112 -1000.00000   0.48840 2.04750e+00     0  2000   0.00   0.00   0.00  -78.16   92.63    0.00 4.000 0.000 0 1 2 2  1.964  1.964   0.00   25.20     0.00    0.00   1   25.00     0    0    0     1   0.0  1   1    7    0   0.000    0.000    0.000  1
 43   1    2  1 18 5   171  16   100  112  112 -1000.00000   0.48840 2.04750e+00     0  2000   0.00   0.00   0.00  -78.16   96.63    0.00 4.000 0.000 0 1 2 2  1.964  1.964   0.00   25.20     0.00    0.00   1   25.00     0    0    0     1   0.0  1   1    7    0   0.000    0.000    0.000  1
  1   1    3  1 0 2   172  16   100  112  112     0.00000   8.42027 7.32390e-02  1079  1875   0.00   0.00   0.00  -78.16  -71.37    0.00 4.000 0.000 0 1 3 2  1.964  1.964   1.98   50.40     0.00    0.00   1   25.00     0    0    0     1   0.0  1   1    7    0   0.000    0.000    0.000  1
  2   1    3  1 0 2   173  16   100  112  112     0.00000   8.42027 7.32390e-02  2062  3584   0.00   0.00   0.00  -78.16  -67.37    0.00 4.000 0.000 0 1 3 2  1.964  1.964   1.98   50.40     0.00    0.00   1   25.00     0    0    0     1   0.0  1   1    7    0   0.000    0.000    0.000  1
  3   1    3  1 0 2   174  16   100  112  112     0.00000   8.42027 7.32390e-02  2126  3695   0.00   0.00   0.00  -78.16  -63.37    0.00 4.000 0.000 0 1 3 2  1.964  1.964   1.98   50.40     0.00    0.00   1   25.00     0    0    0     1   0.0  1   1    7    0   0.000    0.000    0.000  1
  4   1    3  1 0 2   175  16   100  112  112     0.00000   8.42027 7.32390e-02  2150  3737   0.00   0.00   0.00  -78.16  -59.37    0.00 4.000 0.000 0 1 3 2  1.964  1.964   1.98   50.40     0.00    0.00   1   25.00     0    0    0     1   0.0  1   1    7    0   0.000    0.000    0.000  1
  5   1    3  1 0 2   176  16   100  112  112     0.00000   8.42027 7.32390e-02  2240  3895   0.00   0.00   0.00  -78.16  -55.37    0.00 4.000 0.000 0 1 3 2  1.964  1.964   1.98   50.40     0.00    0.00   1   25.00     0    0    0     1   0.0  1   1    7    0   0.000    0.000    0.000  1
  6   1    3  1 0 2   177  16   100  112  112     0.00000   8.42027 7.32390e-02  2339  4067   0.00   0.00   0.00  -78.16  -51.37    0.00 4.000 0.000 0 1 3 2  1.964  1.964   1.98   50.40     0.00    0.00   1   25.00     0    0    0     1   0.0  1   1    7    0   0.000    0.000    0.000  1
  7   1    3  1 0 2   178  16   100  112  112     0.00000   8.42027 7.32390e-02  2436  4235   0.00   0.00   0.00  -78.16  -47.37    0.00 4.000 0.000 0 1 3 2  1.964  1.964   1.98   50.40     0.00    0.00   1   25.00     0    0    0     1   0.0  1   1    7    0   0.000    0.000    0.000  1
  8   1    3  1 0 2   179  16   100  112  112     0.00000   8.42027 7.32390e-02  2535  4407   0.00   0.00   0.00  -78.16  -43.37    0.00 4.000 0.000 0 1 3 2  1.964  1.964   1.98   50.40     0.00    0.00   1   25.00     0    0    0     1   0.0  1   1    7    0   0.000    0.000    0.000  1
  9   1    3  1 0 2   180  16   100  112  112     0.00000   8.42027 7.32390e-02  2707  4705   0.00   0.00   0.00  -78.16  -39.37    0.00 4.000 0.000 0 1 3 2  1.964  1.964   1.98   50.40     0.00    0.00   1   25.00     0    0    0     1   0.0  1   1    7    0   0.000    0.000    0.000  1
 10   1    3  1 0 2   181  16   100  112  112     0.00000   8.42027 7.32390e-02  2777  4827   0.00   0.00   0.00  -78.16  -35.37    0.00 4.000 0.000 0 1 3 2  1.964  1.964   1.98   50.40     0.00    0.00   1   25.00     0    0    0     1   0.0  1   1    7    0   0.000    0.000    0.000  1
 11   1    3  1 0 2   182  16   100  112  112     0.00000   8.42027 7.32390e-02  2963  5150   0.00   0.00   0.00  -78.16  -31.37    0.00 4.000 0.000 0 1 3 2  1.964  1.964   1.98   50.40     0.00    0.00   1   25.00     0    0    0     1   0.0  1   1    7    0   0.000    0.000    0.000  1
 12   1    3  1 0 2   183  16   100  112  112     0.00000   8.42027 7.32390e-02  3033  5272   0.00   0.00   0.00  -78.16  -27.37    0.00 4.000 0.000 0 1 3 2  1.964  1.964   1.98   50.40     0.00    0.00   1   25.00     0    0    0     1   0.0  1   1    7    0   0.000    0.000    0.000  1
 13   1    3  1 0 2   184  16   100  112  112     0.00000   8.42027 7.32390e-02  3212  5583   0.00   0.00   0.00  -78.16  -23.37    0.00 4.000 0.000 0 1 3 2  1.964  1.964   1.98   50.40     0.00    0.00   1   25.00     0    0    0     1   0.0  1   1    7    0   0.000    0.000    0.000  1
 14   1    3  1 0 2   185  16   100  112  112     0.00000   8.42027 7.32390e-02  3452  6001   0.00   0.00   0.00  -78.16  -19.37    0.00 4.000 0.000 0 1 3 2  1.964  1.964   1.98   50.40     0.00    0.00   1   25.00     0    0    0     1   0.0  1   1    7    0   0.000    0.000    0.000  1
 15   1    3  1 0 2   186  16   100  112  112     0.00000   8.42027 7.32390e-02  3720  6466   0.00   0.00   0.00  -78.16  -15.37    0.00 4.000 0.000 0 1 3 2  1.964  1.964   1.98   50.40     0.00    0.00   1   25.00     0    0    0     1   0.0  1   1    7    0   0.000    0.000    0.000  1
 16   1    3  1 0 2   187  16   100  112  112     0.00000   8.42027 7.32390e-02  3941  6850   0.00   0.00   0.00  -78.16  -11.37    0.00 4.000 0.000 0 1 3 2  1.964  1.964   1.98   50.40     0.00    0.00   1   25.00     0    0    0     1   0.0  1   1    7    0   0.000    0.000    0.000  1
 17   1    3  1 0 2   188  16   100  112  112     0.00000   8.42027 7.32390e-02  4178  7263   0.00   0.00   0.00  -78.16   -7.37    0.00 4.000 0.000 0 1 3 2  1.964  1.964   1.98   50.40     0.00    0.00   1   25.00     0    0    0     1   0.0  1   1    7    0   0.000    0.000    0.000  1
 18   1    3  1 0 2   189  16   100  112  112     0.00000   8.42027 7.32390e-02  4403  7653   0.00   0.00   0.00  -78.16   -3.37    0.00 4.000 0.000 0 1 3 2  1.964  1.964   1.98   50.40     0.00    0.00   1   25.00     0    0    0     1   0.0  1   1    7    0   0.000    0.000    0.000  1
 19   1    3  1 0 2   190  16   100  112  112     0.00000   8.42027 7.32390e-02  4633  8054   0.00   0.00   0.00  -78.16    0.63    0.00 4.000 0.000 0 1 3 2  1.964  1.964   1.98   50.40     0.00    0.00   1   25.00     0    0    0     1   0.0  1   1    7    0   0.000    0.000    0.000  1
 20   1    3  1 0 2   191  16   100  112  112     0.00000   8.42027 7.32390e-02  4816  8371   0.00   0.00   0.00  -78.16    4.63    0.00 4.000 0.000 0 1 3 2  1.964  1.964   1.98   50.40     0.00    0.00   1   25.00     0    0    0     1   0.0  1   1    7    0   0.000    0.000    0.000  1
 21   1    3  1 0 2   192  16   100  112  112     0.00000   8.42027 7.32390e-02  5099  8864   0.00   0.00   0.00  -78.16    8.63    0.00 4.000 0.000 0 1 3 2  1.964  1.964   1.98   50.40     0.00    0.00   1   25.00     0    0    0     1   0.0  1   1    7    0   0.000    0.000    0.000  1
 22   1    3  1 0 2   193  16   100  112  112     0.00000   8.42027 7.32390e-02  5592  9720   0.00   0.00   0.00  -78.16   12.63    0.00 4.000 0.000 0 1 3 2  1.964  1.964   1.98   50.40     0.00    0.00   1   25.00     0    0    0     1   0.0  1   1    7    0   0.000    0.000    0.000  1
 23   1    3  1 0 2   194  16   100  112  112     0.00000   8.42027 7.32390e-02  6039 10498   0.00   0.00   0.00  -78.16   16.63    0.00 4.000 0.000 0 1 3 2  1.964  1.964   1.98   50.40     0.00    0.00   1   25.00     0    0    0     1   0.0  1   1    7    0   0.000    0.000    0.000  1
 24   1    3  1 0 2   195  16   100  112  112     0.00000   8.42027 7.32390e-02  6372 11077   0.00   0.00   0.00  -78.16   20.63    0.00 4.000 0.000 0 1 3 2  1.964  1.964   1.98   50.40     0.00    0.00   1   25.00     0    0    0     1   0.0  1   1    7    0   0.000    0.000    0.000  1
 25   1    3  1 0 2   196  16   100  112  112     0.00000   8.42027 7.32390e-02  6395 11116   0.00   0.00   0.00  -78.16   24.63    0.00 4.000 0.000 0 1 3 2  1.964  1.964   1.98   50.40     0.00    0.00   1   25.00     0    0    0     1   0.0  1   1    7    0   0.000    0.000    0.000  1
 26   1    3  1 0 2   197  16   100  112  112     0.00000   8.42027 7.32390e-02  6539 11367   0.00   0.00   0.00  -78.16   28.63    0.00 4.000 0.000 0 1 3 2  1.964  1.964   1.98   50.40     0.00    0.00   1   25.00     0    0    0     1   0.0  1   1    7    0   0.000    0.000    0.000  1
 27   1    3  1 0 2   198  16   100  112  112     0.00000   8.42027 7.32390e-02  6635 11534   0.00   0.00   0.00  -78.16   32.63    0.00 4.000 0.000 0 1 3 2  1.964  1.964   1.98   50.40     0.00    0.00   1   25.00     0    0    0     1   0.0  1   1    7    0   0.000    0.000    0.000  1
 28   1    3  1 0 2   199  16   100  112  112     0.00000   8.42027 7.32390e-02  6393 11113   0.00   0.00   0.00  -78.16   36.63    0.00 4.000 0.000 0 1 3 2  1.964  1.964   1.98   50.40     0.00    0.00   1   25.00     0    0    0     1   0.0  1   1    7    0   0.000    0.000    0.000  1
 29   1    3  1 0 2   200  16   100  112  112     0.00000   8.42027 7.32390e-02  6195 10768   0.00   0.00   0.00  -78.16   40.63    0.00 4.000 0.000 0 1 3 2  1.964  1.964   1.98   50.40     0.00    0.00   1   25.00     0    0    0     1   0.0  1   1    7    0   0.000    0.000    0.000  1
 30   1    3  1 0 2   201  16   100  112  112     0.00000   8.42027 7.32390e-02  6302 10954   0.00   0.00   0.00  -78.16   44.63    0.00 4.000 0.000 0 1 3 2  1.964  1.964   1.98   50.40     0.00    0.00   1   25.00     0    0    0     1   0.0  1   1    7    0   0.000    0.000    0.000  1
 31   1    3  1 0 2   202  16   100  112  112     0.00000   8.42027 7.32390e-02  6092 10590   0.00   0.00   0.00  -78.16   48.63    0.00 4.000 0.000 0 1 3 2  1.964  1.964   1.98   50.40     0.00    0.00   1   25.00     0    0    0     1   0.0  1   1    7    0   0.000    0.000    0.000  1
 32   1    3  1 0 2   203  16   100  112  112     0.00000   8.42027 7.32390e-02  6270 10900   0.00   0.00   0.00  -78.16   52.63    0.00 4.000 0.000 0 1 3 2  1.964  1.964   1.98   50.40     0.00    0.00   1   25.00     0    0    0     1   0.0  1   1    7    0   0.000    0.000    0.000  1
 33   1    3  1 0 2   204  16   100  112  112     0.00000   8.42027 7.32390e-02  6250 10865   0.00   0.00   0.00  -78.16   56.63    0.00 4.000 0.000 0 1 3 2  1.964  1.964   1.98   50.40     0.00    0.00   1   25.00     0    0    0     1   0.0  1   1    7    0   0.000    0.000    0.000  1
 34   1    3  1 0 2   205  16   100  112  112     0.00000   8.42027 7.32390e-02  6132 10659   0.00   0.00   0.00  -78.16   60.63    0.00 4.000 0.000 0 1 3 2  1.964  1.964   1.98   50.40     0.00    0.00   1   25.00     0    0    0     1   0.0  1   1    7    0   0.000    0.000    0.000  1
 35   1    3  1 0 2   206  16   100  112  112     0.00000   8.42027 7.32390e-02  6298 10948   0.00   0.00   0.00  -78.16   64.63    0.00 4.000 0.000 0 1 3 2  1.964  1.964   1.98   50.40     0.00    0.00   1   25.00     0    0    0     1   0.0  1   1    7    0   0.000    0.000    0.000  1
 36   1    3  1 0 2   207  16   100  112  112     0.00000   8.42027 7.32390e-02  6414 11150   0.00   0.00   0.00  -78.16   68.63    0.00 4.000 0.000 0 1 3 2  1.964  1.964   1.98   50.40     0.00    0.00   1   25.00     0    0    0     1   0.0  1   1    7    0   0.000    0.000    0.000  1
 37   1    3  1 0 2   208  16   100  112  112     0.00000   8.42027 7.32390e-02  6397 11120   0.00   0.00   0.00  -78.16   72.63    0.00 4.000 0.000 0 1 3 2  1.964  1.964   1.98   50.40     0.00    0.00   1   25.00     0    0    0     1   0.0  1   1    7    0   0.000    0.000    0.000  1
 38   1    3  1 0 2   209  16   100  112  112     0.00000   8.42027 7.32390e-02  6297 10946   0.00   0.00   0.00  -78.16   76.63    0.00 4.000 0.000 0 1 3 2  1.964  1.964   1.98   50.40     0.00    0.00   1   25.00     0    0    0     1   0.0  1   1    7    0   0.000    0.000    0.000  1
 39   1    3  1 0 2   210  16   100  112  112     0.00000   8.42027 7.32390e-02  6421 11162   0.00   0.00   0.00  -78.16   80.63    0.00 4.000 0.000 0 1 3 2  1.964  1.964   1.98   50.40     0.00    0.00   1   25.00     0    0    0     1   0.0  1   1    7    0   0.000    0.000    0.000  1
 40   1    3  1 0 2   211  16   100  112  112     0.00000   8.42027 7.32390e-02  6404 11132   0.00   0.00   0.00  -78.16   84.63    0.00 4.000 0.000 0 1 3 2  1.964  1.964   1.98   50.40     0.00    0.00   1   25.00     0    0    0     1   0.0  1   1    7    0   0.000    0.000    0.000  1
 41   1    3  1 0 2   212  16   100  112  112     0.00000   8.42027 7.32390e-02  6268 10896   0.00   0.00   0.00  -78.16   88.63    0.00 4.000 0.000 0 1 3 2  1.964  1.964   1.98   50.40     0.00    0.00   1   25.00     0    0    0     1   0.0  1   1    7    0   0.000    0.000    0.000  1
 42   1    3  1 0 2   213  16   100  112  112     0.00000   8.42027 7.32390e-02  6013 10453   0.00   0.00   0.00  -78.16   92.63    0.00 4.000 0.000 0 1 3 2  1.964  1.964   1.98   50.40     0.00    0.00   1   25.00     0    0    0     1   0.0  1   1    7    0   0.000    0.000    0.000  1
 43   1    3  1 0 2   214  16   100  112  112     0.00000   8.42027 7.32390e-02  1450  2521   0.00   0.00   0.00  -78.16   96.63    0.00 4.000 0.000 0 1 3 2  1.964  1.964   1.98   50.40     0.00    0.00   1   25.00     0    0    0     1   0.0  1   1    7    0   0.000    0.000    0.000  1
  1   1    3  1 18 5   215  16   100  112  112 -1000.00000   0.48840 2.04750e+00     0  2000   0.00   0.00   0.00  -78.16  -71.37    0.00 4.000 0.000 0 1 3 2  1.964  1.964   0.00   50.40     0.00    0.00   1   25.00     0    0    0     1   0.0  1   1    7    0   0.000    0.000    0.000  1
  2   1    3  1 18 5   216  16   100  112  112 -1000.00000   0.48840 2.04750e+00     0  2000   0.00   0.00   0.00  -78.16  -67.37    0.00 4.000 0.000 0 1 3 2  1.964  1.964   0.00   50.40     0.00    0.00   1   25.00     0    0    0     1   0.0  1   1    7    0   0.000    0.000    0.000  1
  3   1    3  1 18 5   217  16   100  112  112 -1000.00000   0.48840 2.04750e+00     0  2000   0.00   0.00   0.00  -78.16  -63.37    0.00 4.000 0.000 0 1 3 2  1.964  1.964   0.00   50.40     0.00    0.00   1   25.00     0    0    0     1   0.0  1   1    7    0   0.000    0.000    0.000  1
  4   1    3  1 18 5   218  16   100  112  112 -1000.00000   0.48840 2.04750e+00     0  2000   0.00   0.00   0.00  -78.16  -59.37    0.00 4.000 0.000 0 1 3 2  1.964  1.964   0.00   50.40     0.00    0.00   1   25.00     0    0    0     1   0.0  1   1    7    0   0.000    0.000    0.000  1
  5   1    3  1 18 5   219  16   100  112  112 -1000.00000   0.48840 2.04750e+00     0  2000   0.00   0.00   0.00  -78.16  -55.37    0.00 4.000 0.000 0 1 3 2  1.964  1.964   0.00   50.40     0.00    0.00   1   25.00     0    0    0     1   0.0  1   1    7    0   0.000    0.000    0.000  1
  6   1    3  1 18 5   220  16   100  112  112 -1000.00000   0.48840 2.04750e+00     0  2000   0.00   0.00   0.00  -78.16  -51.37    0.00 4.000 0.000 0 1 3 2  1.964  1.964   0.00   50.40     0.00    0.00   1   25.00     0    0    0     1   0.0  1   1    7    0   0.000    0.000    0.000  1
  7   1    3  1 18 5   221  16   100  112  112 -1000.00000   0.48840 2.04750e+00     0  2000   0.00   0.00   0.00  -78.16  -47.37    0.00 4.000 0.000 0 1 3 2  1.964  1.964   0.00   50.40     0.00    0.00   1   25.00     0    0    0     1   0.0  1   1    7    0   0.000    0.000    0.000  1
  8   1    3  1 18 5   222  16   100  112  112 -1000.00000   0.48840 2.04750e+00     0  2000   0.00   0.00   0.00  -78.16  -43.37    0.00 4.000 0.000 0 1 3 2  1.964  1.964   0.00   50.40     0.00    0.00   1   25.00     0    0    0     1   0.0  1   1    7    0   0.000    0.000    0.000  1
  9   1    3  1 18 5   223  16   100  112  112 -1000.00000   0.48840 2.04750e+00     0  2000   0.00   0.00   0.00  -78.16  -39.37    0.00 4.000 0.000 0 1 3 2  1.964  1.964   0.00   50.40     0.00    0.00   1   25.00     0    0    0     1   0.0  1   1    7    0   0.000    0.000    0.000  1
 10   1    3  1 18 5   224  16   100  112  112 -1000.00000   0.48840 2.04750e+00     0  2000   0.00   0.00   0.00  -78.16  -35.37    0.00 4.000 0.000 0 1 3 2  1.964  1.964   0.00   50.40     0.00    0.00   1   25.00     0    0    0     1   0.0  1   1    7    0   0.000    0.000    0.000  1
 11   1    3  1 18 5   225  16   100  112  112 -1000.00000   0.48840 2.04750e+00     0  2000   0.00   0.00   0.00  -78.16  -31.37    0.00 4.000 0.000 0 1 3 2  1.964  1.964   0.00   50.40     0.00    0.00   1   25.00     0    0    0     1   0.0  1   1    7    0   0.000    0.000    0.000  1
 12   1    3  1 18 5   226  16   100  112  112 -1000.00000   0.48840 2.04750e+00     0  2000   0.00   0.00   0.00  -78.16  -27.37    0.00 4.000 0.000 0 1 3 2  1.964  1.964   0.00   50.40     0.00    0.00   1   25.00     0    0    0     1   0.0  1   1    7    0   0.000    0.000    0.000  1
 13   1    3  1 18 5   227  16   100  112  112 -1000.00000   0.48840 2.04750e+00     0  2000   0.00   0.00   0.00  -78.16  -23.37    0.00 4.000 0.000 0 1 3 2  1.964  1.964   0.00   50.40     0.00    0.00   1   25.00     0    0    0     1   0.0  1   1    7    0   0.000    0.000    0.000  1
 14   1    3  1 18 5   228  16   100  112  112 -1000.00000   0.48840 2.04750e+00     0  2000   0.00   0.00   0.00  -78.16  -19.37    0.00 4.000 0.000 0 1 3 2  1.964  1.964   0.00   50.40     0.00    0.00   1   25.00     0    0    0     1   0.0  1   1    7    0   0.000    0.000    0.000  1
 15   1    3  1 18 5   229  16   100  112  112 -1000.00000   0.48840 2.04750e+00     0  2000   0.00   0.00   0.00  -78.16  -15.37    0.00 4.000 0.000 0 1 3 2  1.964  1.964   0.00   50.40     0.00    0.00   1   25.00     0    0    0     1   0.0  1   1    7    0   0.000    0.000    0.000  1
 16   1    3  1 18 5   230  16   100  112  112 -1000.00000   0.48840 2.04750e+00     0  2000   0.00   0.00   0.00  -78.16  -11.37    0.00 4.000 0.000 0 1 3 2  1.964  1.964   0.00   50.40     0.00    0.00   1   25.00     0    0    0     1   0.0  1   1    7    0   0.000    0.000    0.000  1
 17   1    3  1 18 5   231  16   100  112  112 -1000.00000   0.48840 2.04750e+00     0  2000   0.00   0.00   0.00  -78.16   -7.37    0.00 4.000 0.000 0 1 3 2  1.964  1.964   0.00   50.40     0.00    0.00   1   25.00     0    0    0     1   0.0  1   1    7    0   0.000    0.000    0.000  1
 18   1    3  1 18 5   232  16   100  112  112 -1000.00000   0.48840 2.04750e+00     0  2000   0.00   0.00   0.00  -78.16   -3.37    0.00 4.000 0.000 0 1 3 2  1.964  1.964   0.00   50.40     0.00    0.00   1   25.00     0    0    0     1   0.0  1   1    7    0   0.000    0.000    0.000  1
 19   1    3  1 18 5   233  16   100  112  112 -1000.00000   0.48840 2.04750e+00     0  2000   0.00   0.00   0.00  -78.16    0.63    0.00 4.000 0.000 0 1 3 2  1.964  1.964   0.00   50.40     0.00    0.00   1   25.00     0    0    0     1   0.0  1   1    7    0   0.000    0.000    0.000  1
 20   1    3  1 18 5   234  16   100  112  112 -1000.00000   0.48840 2.04750e+00     0  2000   0.00   0.00   0.00  -78.16    4.63    0.00 4.000 0.000 0 1 3 2  1.964  1.964   0.00   50.40     0.00    0.00   1   25.00     0    0    0     1   0.0  1   1    7    0   0.000    0.000    0.000  1
 21   1    3  1 18 5   235  16   100  112  112 -1000.00000   0.48840 2.04750e+00     0  2000   0.00   0.00   0.00  -78.16    8.63    0.00 4.000 0.000 0 1 3 2  1.964  1.964   0.00   50.40     0.00    0.00   1   25.00     0    0    0     1   0.0  1   1    7    0   0.000    0.000    0.000  1
 22   1    3  1 18 5   236  16   100  112  112 -1000.00000   0.48840 2.04750e+00     0  2000   0.00   0.00   0.00  -78.16   12.63    0.00 4.000 0.000 0 1 3 2  1.964  1.964   0.00   50.40     0.00    0.00   1   25.00     0    0    0     1   0.0  1   1    7    0   0.000    0.000    0.000  1
 23   1    3  1 18 5   237  16   100  112  112 -1000.00000   0.48840 2.04750e+00     0  2000   0.00   0.00   0.00  -78.16   16.63    0.00 4.000 0.000 0 1 3 2  1.964  1.964   0.00   50.40     0.00    0.00   1   25.00     0    0    0     1   0.0  1   1    7    0   0.000    0.000    0.000  1
 24   1    3  1 18 5   238  16   100  112  112 -1000.00000   0.48840 2.04750e+00     0  2000   0.00   0.00   0.00  -78.16   20.63    0.00 4.000 0.000 0 1 3 2  1.964  1.964   0.00   50.40     0.00    0.00   1   25.00     0    0    0     1   0.0  1   1    7    0   0.000    0.000    0.000  1
 25   1    3  1 18 5   239  16   100  112  112 -1000.00000   0.48840 2.04750e+00     0  2000   0.00   0.00   0.00  -78.16   24.63    0.00 4.000 0.000 0 1 3 2  1.964  1.964   0.00   50.40     0.00    0.00   1   25.00     0    0    0     1   0.0  1   1    7    0   0.000    0.000    0.000  1
 26   1    3  1 18 5   240  16   100  112  112 -1000.00000   0.48840 2.04750e+00     0  2000   0.00   0.00   0.00  -78.16   28.63    0.00 4.000 0.000 0 1 3 2  1.964  1.964   0.00   50.40     0.00    0.00   1   25.00     0    0    0     1   0.0  1   1    7    0   0.000    0.000    0.000  1
 27   1    3  1 18 5   241  16   100  112  112 -1000.00000   0.48840 2.04750e+00     0  2000   0.00   0.00   0.00  -78.16   32.63    0.00 4.000 0.000 0 1 3 2  1.964  1.964   0.00   50.40     0.00    0.00   1   25.00     0    0    0     1   0.0  1   1    7    0   0.000    0.000    0.000  1
 28   1    3  1 18 5   242  16   100  112  112 -1000.00000   0.48840 2.04750e+00     0  2000   0.00   0.00   0.00  -78.16   36.63    0.00 4.000 0.000 0 1 3 2  1.964  1.964   0.00   50.40     0.00    0.00   1   25.00     0    0    0     1   0.0  1   1    7    0   0.000    0.000    0.000  1
 29   1    3  1 18 5   243  16   100  112  112 -1000.00000   0.48840 2.04750e+00     0  2000   0.00   0.00   0.00  -78.16   40.63    0.00 4.000 0.000 0 1 3 2  1.964  1.964   0.00   50.40     0.00    0.00   1   25.00     0    0    0     1   0.0  1   1    7    0   0.000    0.000    0.000  1
 30   1    3  1 18 5   244  16   100  112  112 -1000.00000   0.48840 2.04750e+00     0  2000   0.00   0.00   0.00  -78.16   44.63    0.00 4.000 0.000 0 1 3 2  1.964  1.964   0.00   50.40     0.00    0.00   1   25.00     0    0    0     1   0.0  1   1    7    0   0.000    0.000    0.000  1
 31   1    3  1 18 5   245  16   100  112  112 -1000.00000   0.48840 2.04750e+00     0  2000   0.00   0.00   0.00  -78.16   48.63    0.00 4.000 0.000 0 1 3 2  1.964  1.964   0.00   50.40     0.00    0.00   1   25.00     0    0    0     1   0.0  1   1    7    0   0.000    0.000    0.000  1
 32   1    3  1 18 5   246  16   100  112  112 -1000.00000   0.48840 2.04750e+00     0  2000   0.00   0.00   0.00  -78.16   52.63    0.00 4.000 0.000 0 1 3 2  1.964  1.964   0.00   50.40     0.00    0.00   1   25.00     0    0    0     1   0.0  1   1    7    0   0.000    0.000    0.000  1
 33   1    3  1 18 5   247  16   100  112  112 -1000.00000   0.48840 2.04750e+00     0  2000   0.00   0.00   0.00  -78.16   56.63    0.00 4.000 0.000 0 1 3 2  1.964  1.964   0.00   50.40     0.00    0.00   1   25.00     0    0    0     1   0.0  1   1    7    0   0.000    0.000    0.000  1
 34   1    3  1 18 5   248  16   100  112  112 -1000.00000   0.48840 2.04750e+00     0  2000   0.00   0.00   0.00  -78.16   60.63    0.00 4.000 0.000 0 1 3 2  1.964  1.964   0.00   50.40     0.00    0.00   1   25.00     0    0    0     1   0.0  1   1    7    0   0.000    0.000    0.000  1
 35   1    3  1 18 5   249  16   100  112  112 -1000.00000   0.48840 2.04750e+00     0  2000   0.00   0.00   0.00  -78.16   64.63    0.00 4.000 0.000 0 1 3 2  1.964  1.964   0.00   50.40     0.00    0.00   1   25.00     0    0    0     1   0.0  1   1    7    0   0.000    0.000    0.000  1
 36   1    3  1 18 5   250  16   100  112  112 -1000.00000   0.48840 2.04750e+00     0  2000   0.00   0.00   0.00  -78.16   68.63    0.00 4.000 0.000 0 1 3 2  1.964  1.964   0.00   50.40     0.00    0.00   1   25.00     0    0    0     1   0.0  1   1    7    0   0.000    0.000    0.000  1
 37   1    3  1 18 5   251  16   100  112  112 -1000.00000   0.48840 2.04750e+00     0  2000   0.00   0.00   0.00  -78.16   72.63    0.00 4.000 0.000 0 1 3 2  1.964  1.964   0.00   50.40     0.00    0.00   1   25.00     0    0    0     1   0.0  1   1    7    0   0.000    0.000    0.000  1
 38   1    3  1 18 5   252  16   100  112  112 -1000.00000   0.48840 2.04750e+00     0  2000   0.00   0.00   0.00  -78.16   76.63    0.00 4.000 0.000 0 1 3 2  1.964  1.964   0.00   50.40     0.00    0.00   1   25.00     0    0    0     1   0.0  1   1    7    0   0.000    0.000    0.000  1
 39   1    3  1 18 5   253  16   100  112  112 -1000.00000   0.48840 2.04750e+00     0  2000   0.00   0.00   0.00  -78.16   80.63    0.00 4.000 0.000 0 1 3 2  1.964  1.964   0.00   50.40     0.00    0.00   1   25.00     0    0    0     1   0.0  1   1    7    0   0.000    0.000    0.000  1
 40   1    3  1 18 5   254  16   100  112  112 -1000.00000   0.48840 2.04750e+00     0  2000   0.00   0.00   0.00  -78.16   84.63    0.00 4.000 0.000 0 1 3 2  1.964  1.964   0.00   50.40     0.00    0.00   1   25.00     0    0    0     1   0.0  1   1    7    0   0.000    0.000    0.000  1
 41   1    3  1 18 5   255  16   100  112  112 -1000.00000   0.48840 2.04750e+00     0  2000   0.00   0.00   0.00  -78.16   88.63    0.00 4.000 0.000 0 1 3 2  1.964  1.964   0.00   50.40     0.00    0.00   1   25.00     0    0    0     1   0.0  1   1    7    0   0.000    0.000    0.000  1
 42   1    3  1 18 5   256  16   100  112  112 -1000.00000   0.48840 2.04750e+00     0  2000   0.00   0.00   0.00  -78.16   92.63    0.00 4.000 0.000 0 1 3 2  1.964  1.964   0.00   50.40     0.00    0.00   1   25.00     0    0    0     1   0.0  1   1    7    0   0.000    0.000    0.000  1
 43   1    3  1 18 5   257  16   100  112  112 -1000.00000   0.48840 2.04750e+00     0  2000   0.00   0.00   0.00  -78.16   96.63    0.00 4.000 0.000 0 1 3 2  1.964  1.964   0.00   50.40     0.00    0.00   1   25.00     0    0    0     1   0.0  1   1    7    0   0.000    0.000    0.000  1
  1   1    4  1 0 2   258  16   100  112  112     0.00000   8.42027 7.32390e-02  1111  1931   0.00   0.00   0.00  -78.16  -71.37    0.00 4.000 0.000 0 1 4 2  1.964  1.964   1.98   75.60     0.00    0.00   1   25.00     0    0    0     1   0.0  1   1    7    0   0.000    0.000    0.000  1
  2   1    4  1 0 2   259  16   100  112  112     0.00000   8.42027 7.32390e-02  2084  3622   0.00   0.00   0.00  -78.16  -67.37    0.00 4.000 0.000 0 1 4 2  1.964  1.964   1.98   75.60     0.00    0.00   1   25.00     0    0    0     1   0.0  1   1    7    0   0.000    0.000    0.000  1
  3   1    4  1 0 2   260  16   100  112  112     0.00000   8.42027 7.32390e-02  2134  3710   0.00   0.00   0.00  -78.16  -63.37    0.00 4.000 0.000 0 1 4 2  1.964  1.964   1.98   75.60     0.00    0.00   1   25.00     0    0    0     1   0.0  1   1    7    0   0.000    0.000    0.000  1
  4   1    4  1 0 2   261  16   100  112  112     0.00000   8.42027 7.32390e-02  2139  3718   0.00   0.00   0.00  -78.16  -59.37    0.00 4.000 0.000 0 1 4 2  1.964  1.964   1.98   75.60     0.00    0.00   1   25.00     0    0    0     1   0.0  1   1    7    0   0.000    0.000    0.000  1
  5   1    4  1 0 2   262  16   100  112  112     0.00000   8.42027 7.32390e-02  2228  3873   0.00   0.00   0.00  -78.16  -55.37    0.00 4.000 0.000 0 1 4 2  1.964  1.964   1.98   75.60     0.00    0.00   1   25.00     0    0    0     1   0.0  1   1    7    0   0.000    0.000    0.000  1
  6   1    4  1 0 2   263  16   100  112  112     0.00000   8.42027 7.32390e-02  2286  3973   0.00   0.00   0.00  -78.16  -51.37    0.00 4.000 0.000 0 1 4 2  1.964  1.964   1.98   75.60     0.00    0.00   1   25.00     0    0    0     1   0.0  1   1    7    0   0.000    0.000    0.000  1
  7   1    4  1 0 2   264  16   100  112  112     0.00000   8.42027 7.32390e-02  2390  4155   0.00   0.00   0.00  -78.16  -47.37    0.00 4.000 0.000 0 1 4 2  1.964  1.964   1.98   75.60     0.00    0.00   1   25.00     0    0    0     1   0.0  1   1    7    0   0.000    0.000    0.000  1
  8   1    4  1 0 2   265  16   100  112  112     0.00000   8.42027 7.32390e-02  2539  4414   0.00   0.00   0.00  -78.16  -43.37    0.00 4.000 0.000 0 1 4 2  1.964  1.964   1.98   75.60     0.00    0.00   1   25.00     0    0    0     1   0.0  1   1    7    0   0.000    0.000    0.000  1
  9   1    4  1 0 2   266  16   100  112  112     0.00000   8.42027 7.32390e-02  2704  4700   0.00   0.00   0.00  -78.16  -39.37    0.00 4.000 0.000 0 1 4 2  1.964  1.964   1.98   75.60     0.00    0.00   1   25.00     0    0    0     1   0.0  1   1    7    0   0.000    0.000    0.000  1
 10   1    4  1 0 2   267  16   100  112  112     0.00000   8.42027 7.32390e-02  2764  4805   0.00   0.00   0.00  -78.16  -35.37    0.00 4.000 0.000 0 1 4 2  1.964  1.964   1.98   75.60     0.00    0.00   1   25.00     0    0    0     1   0.0  1   1    7    0   0.000    0.000    0.000  1
 11   1    4  1 0 2   268  16   100  112  112     0.00000   8.42027 7.32390e-02  2951  5130   0.00   0.00   0.00  -78.16  -31.37    0.00 4.000 0.000 0 1 4 2  1.964  1.964   1.98   75.60     0.00    0.00   1   25.00     0    0    0     1   0.0  1   1    7    0   0.000    0.000    0.000  1
 12   1    4  1 0 2   269  16   100  112  112     0.00000   8.42027 7.32390e-02  3035  5277   0.00   0.00   0.00  -78.16  -27.37    0.00 4.000 0.000 0 1 4 2  1.964  1.964   1.98   75.60     0.00    0.00   1   25.00     0    0    0     1   0.0  1   1    7    0   0.000    0.000    0.000  1
 13   1    4  1 0 2   270  16   100  112  112     0.00000   8.42027 7.32390e-02  3185  5537   0.00   0.00   0.00  -78.16  -23.37    0.00 4.000 0.000 0 1 4 2  1.964  1.964   1.98   75.60     0.00    0.00   1   25.00     0    0    0     1   0.0  1   1    7    0   0.000    0.000    0.000  1
 14   1    4  1 0 2   271  16   100  112  112     0.00000   8.42027 7.32390e-02  3407  5923   0.00   0.00   0.00  -78.16  -19.37    0.00 4.000 0.000 0 1 4 2  1.964  1.964   1.98   75.60     0.00    0.00   1   25.00     0    0    0     1   0.0  1   1    7    0   0.000    0.000    0.000  1
 15   1    4  1 0 2   272  16   100  112  112     0.00000   8.42027 7.32390e-02  3681  6398   0.00   0.00   0.00  -78.16  -15.37    0.00 4.000 0.000 0 1 4 2  1.964  1.964   1.98   75.60     0.00    0.00   1   25.00     0    0    0     1   0.0  1   1    7    0   0.000    0.000    0.000  1
 16   1    4  1 0 2   273  16   100  112  112     0.00000   8.42027 7.32390e-02  3918  6810   0.00   0.00   0.00  -78.16  -11.37    0.00 4.000 0.000 0 1 4 2  1.964  1.964   1.98   75.60     0.00    0.00   1   25.00     0    0    0     1   0.0  1   1    7    0   0.000    0.000    0.000  1
 17   1    4  1 0 2   274  16   100  112  112     0.00000   8.42027 7.32390e-02  4176  7259   0.00   0.00   0.00  -78.16   -7.37    0.00 4.000 0.000 0 1 4 2  1.964  1.964   1.98   75.60     0.00    0.00   1   25.00     0    0    0     1   0.0  1   1    7    0   0.000    0.000    0.000  1
 18   1    4  1 0 2   275  16   100  112  112     0.00000   8.42027 7.32390e-02  4378  7611   0.00   0.00   0.00  -78.16   -3.37    0.00 4.000 0.000 0 1 4 2  1.964  1.964   1.98   75.60     0.00    0.00   1   25.00     0    0    0     1   0.0  1   1    7    0   0.000    0.000    0.000  1
 19   1    4  1 0 2   276  16   100  112  112     0.00000   8.42027 7.32390e-02  4606  8006   0.00   0.00   0.00  -78.16    0.63    0.00 4.000 0.000 0 1 4 2  1.964  1.964   1.98   75.60     0.00    0.00   1   25.00     0    0    0     1   0.0  1   1    7    0   0.000    0.000    0.000  1
 20   1    4  1 0 2   277  16   100  112  112     0.00000   8.42027 7.32390e-02  4827  8391   0.00   0.00   0.00  -78.16    4.63    0.00 4.000 0.000 0 1 4 2  1.964  1.964   1.98   75.60     0.00    0.00   1   25.00     0    0    0     1   0.0  1   1    7    0   0.000    0.000    0.000  1
 21   1    4  1 0 2   278  16   100  112  112     0.00000   8.42027 7.32390e-02  5124  8907   0.00   0.00   0.00  -78.16    8.63    0.00 4.000 0.000 0 1 4 2  1.964  1.964   1.98   75.60     0.00    0.00   1   25.00     0    0    0     1   0.0  1   1    7    0   0.000    0.000    0.000  1
 22   1    4  1 0 2   279  16   100  112  112     0.00000   8.42027 7.32390e-02  5610  9752   0.00   0.00   0.00  -78.16   12.63    0.00 4.000 0.000 0 1 4 2  1.964  1.964   1.98   75.60     0.00    0.00   1   25.00     0    0    0     1   0.0  1   1    7    0   0.000    0.000    0.000  1
 23   1    4  1 0 2   280  16   100  112  112     0.00000   8.42027 7.32390e-02  6095 10594   0.00   0.00   0.00  -78.16   16.63    0.00 4.000 0.000 0 1 4 2  1.964  1.964   1.98   75.60     0.00    0.00   1   25.00     0    0    0     1   0.0  1   1    7    0   0.000    0.000    0.000  1
 24   1    4  1 0 2   281  16   100  112  112     0.00000   8.42027 7.32390e-02  6430 11177   0.00   0.00   0.00  -78.16   20.63    0.00 4.000 0.000 0 1 4 2  1.964  1.964   1.98   75.60     0.00    0.00   1   25.00     0    0    0     1   0.0  1   1    7    0   0.000    0.000    0.000  1
 25   1    4  1 0 2   282  16   100  112  112     0.00000   8.42027 7.32390e-02  6359 11054   0.00   0.00   0.00  -78.16   24.63    0.00 4.000 0.000 0 1 4 2  1.964  1.964   1.98   75.60     0.00    0.00   1   25.00     0    0    0     1   0.0  1   1    7    0   0.000    0.000    0.000  1
 26   1    4  1 0 2   283  16   100  112  112     0.00000   8.42027 7.32390e-02  6473 11252   0.00   0.00   0.00  -78.16   28.63    0.00 4.000 0.000 0 1 4 2  1.964  1.964   1.98   75.60     0.00    0.00   1   25.00     0    0    0     1   0.0  1   1    7    0   0.000    0.000    0.000  1
 27   1    4  1 0 2   284  16   100  112  112     0.00000   8.42027 7.32390e-02  6576 11431   0.00   0.00   0.00  -78.16   32.63    0.00 4.000 0.000 0 1 4 2  1.964  1.964   1.98   75.60     0.00    0.00   1   25.00     0    0    0     1   0.0  1   1    7    0   0.000    0.000    0.000  1
 28   1    4  1 0 2   285  16   100  112  112     0.00000   8.42027 7.32390e-02  6351 11041   0.00   0.00   0.00  -78.16   36.63    0.00 4.000 0.000 0 1 4 2  1.964  1.964   1.98   75.60     0.00    0.00   1   25.00     0    0    0     1   0.0  1   1    7    0   0.000    0.000    0.000  1
 29   1    4  1 0 2   286  16   100  112  112     0.00000   8.42027 7.32390e-02  6155 10700   0.00   0.00   0.00  -78.16   40.63    0.00 4.000 0.000 0 1 4 2  1.964  1.964   1.98   75.60     0.00    0.00   1   25.00     0    0    0     1   0.0  1   1    7    0   0.000    0.000    0.000  1
 30   1    4  1 0 2   287  16   100  112  112     0.00000   8.42027 7.32390e-02  6271 10901   0.00   0.00   0.00  -78.16   44.63    0.00 4.000 0.000 0 1 4 2  1.964  1.964   1.98   75.60     0.00    0.00   1   25.00     0    0    0     1   0.0  1   1    7    0   0.000    0.000    0.000  1
 31   1    4  1 0 2   288  16   100  112  112     0.00000   8.42027 7.32390e-02  6061 10535   0.00   0.00   0.00  -78.16   48.63    0.00 4.000 0.000 0 1 4 2  1.964  1.964   1.98   75.60     0.00    0.00   1   25.00     0    0    0     1   0.0  1   1    7    0   0.000    0.000    0.000  1
 32   1    4  1 0 2   289  16   100  112  112     0.00000   8.42027 7.32390e-02  6239 10846   0.00   0.00   0.00  -78.16   52.63    0.00 4.000 0.000 0 1 4 2  1.964  1.964   1.98   75.60     0.00    0.00   1   25.00     0    0    0     1   0.0  1   1    7    0   0.000    0.000    0.000  1
 33   1    4  1 0 2   290  16   100  112  112     0.00000   8.42027 7.32390e-02  6219 10810   0.00   0.00   0.00  -78.16   56.63    0.00 4.000 0.000 0 1 4 2  1.964  1.964   1.98   75.60     0.00    0.00   1   25.00     0    0    0     1   0.0  1   1    7    0   0.000    0.000    0.000  1
 34   1    4  1 0 2   291  16   100  112  112     0.00000   8.42027 7.32390e-02  6113 10626   0.00   0.00   0.00  -78.16   60.63    0.00 4.000 0.000 0 1 4 2  1.964  1.964   1.98   75.60     0.00    0.00   1   25.00     0    0    0     1   0.0  1   1    7    0   0.000    0.000    0.000  1
 35   1    4  1 0 2   292  16   100  112  112     0.00000   8.42027 7.32390e-02  6305 10960   0.00   0.00   0.00  -78.16   64.63    0.00 4.000 0.000 0 1 4 2  1.964  1.964   1.98   75.60     0.00    0.00   1   25.00     0    0    0     1   0.0  1   1    7    0   0.000    0.000    0.000  1
 36   1    4  1 0 2   293  16   100  112  112     0.00000   8.42027 7.32390e-02  6349 11037   0.00   0.00   0.00  -78.16   68.63    0.00 4.000 0.000 0 1 4 2  1.964  1.964   1.98   75.60     0.00    0.00   1   25.00     0    0    0     1   0.0  1   1    7    0   0.000    0.000    0.000  1
 37   1    4  1 0 2   294  16   100  112  112     0.00000   8.42027 7.32390e-02  6395 11116   0.00   0.00   0.00  -78.16   72.63    0.00 4.000 0.000 0 1 4 2  1.964  1.964   1.98   75.60     0.00    0.00   1   25.00     0    0    0     1   0.0  1   1    7    0   0.000    0.000    0.000  1
 38   1    4  1 0 2   295  16   100  112  112     0.00000   8.42027 7.32390e-02  6281 10919   0.00   0.00   0.00  -78.16   76.63    0.00 4.000 0.000 0 1 4 2  1.964  1.964   1.98   75.60     0.00    0.00   1   25.00     0    0    0     1   0.0  1   1    7    0   0.000    0.000    0.000  1
 39   1    4  1 0 2   296  16   100  112  112     0.00000   8.42027 7.32390e-02  6397 11121   0.00   0.00   0.00  -78.16   80.63    0.00 4.000 0.000 0 1 4 2  1.964  1.964   1.98   75.60     0.00    0.00   1   25.00     0    0    0     1   0.0  1   1    7    0   0.000    0.000    0.000  1
 40   1    4  1 0 2   297  16   100  112  112     0.00000   8.42027 7.32390e-02  6414 11149   0.00   0.00   0.00  -78.16   84.63    0.00 4.000 0.000 0 1 4 2  1.964  1.964   1.98   75.60     0.00    0.00   1   25.00     0    0    0     1   0.0  1   1    7    0   0.000    0.000    0.000  1
 41   1    4  1 0 2   298  16   100  112  112     0.00000   8.42027 7.32390e-02  6234 10837   0.00   0.00   0.00  -78.16   88.63    0.00 4.000 0.000 0 1 4 2  1.964  1.964   1.98   75.60     0.00    0.00   1   25.00     0    0    0     1   0.0  1   1    7    0   0.000    0.000    0.000  1
 42   1    4  1 0 2   299  16   100  112  112     0.00000   8.42027 7.32390e-02  6058 10530   0.00   0.00   0.00  -78.16   92.63    0.00 4.000 0.000 0 1 4 2  1.964  1.964   1.98   75.60     0.00    0.00   1   25.00     0    0    0     1   0.0  1   1    7    0   0.000    0.000    0.000  1
 43   1    4  1 0 2   300  16   100  112  112     0.00000   8.42027 7.32390e-02  1480  2572   0.00   0.00   0.00  -78.16   96.63    0.00 4.000 0.000 0 1 4 2  1.964  1.964   1.98   75.60     0.00    0.00   1   25.00     0    0    0     1   0.0  1   1    7    0   0.000    0.000    0.000  1
  1   1    4  1 18 5   301  16   100  112  112 -1000.00000   0.48840 2.04750e+00     0  2000   0.00   0.00   0.00  -78.16  -71.37    0.00 4.000 0.000 0 1 4 2  1.964  1.964   0.00   75.60     0.00    0.00   1   25.00     0    0    0     1   0.0  1   1    7    0   0.000    0.000    0.000  1
  2   1    4  1 18 5   302  16   100  112  112 -1000.00000   0.48840 2.04750e+00     0  2000   0.00   0.00   0.00  -78.16  -67.37    0.00 4.000 0.000 0 1 4 2  1.964  1.964   0.00   75.60     0.00    0.00   1   25.00     0    0    0     1   0.0  1   1    7    0   0.000    0.000    0.000  1
  3   1    4  1 18 5   303  16   100  112  112 -1000.00000   0.48840 2.04750e+00     0  2000   0.00   0.00   0.00  -78.16  -63.37    0.00 4.000 0.000 0 1 4 2  1.964  1.964   0.00   75.60     0.00    0.00   1   25.00     0    0    0     1   0.0  1   1    7    0   0.000    0.000    0.000  1
  4   1    4  1 18 5   304  16   100  112  112 -1000.00000   0.48840 2.04750e+00     0  2000   0.00   0.00   0.00  -78.16  -59.37    0.00 4.000 0.000 0 1 4 2  1.964  1.964   0.00   75.60     0.00    0.00   1   25.00     0    0    0     1   0.0  1   1    7    0   0.000    0.000    0.000  1
  5   1    4  1 18 5   305  16   100  112  112 -1000.00000   0.48840 2.04750e+00     0  2000   0.00   0.00   0.00  -78.16  -55.37    0.00 4.000 0.000 0 1 4 2  1.964  1.964   0.00   75.60     0.00    0.00   1   25.00     0    0    0     1   0.0  1   1    7    0   0.000    0.000    0.000  1
  6   1    4  1 18 5   306  16   100  112  112 -1000.00000   0.48840 2.04750e+00     0  2000   0.00   0.00   0.00  -78.16  -51.37    0.00 4.000 0.000 0 1 4 2  1.964  1.964   0.00   75.60     0.00    0.00   1   25.00     0    0    0     1   0.0  1   1    7    0   0.000    0.000    0.000  1
  7   1    4  1 18 5   307  16   100  112  112 -1000.00000   0.48840 2.04750e+00     0  2000   0.00   0.00   0.00  -78.16  -47.37    0.00 4.000 0.000 0 1 4 2  1.964  1.964   0.00   75.60     0.00    0.00   1   25.00     0    0    0     1   0.0  1   1    7    0   0.000    0.000    0.000  1
  8   1    4  1 18 5   308  16   100  112  112 -1000.00000   0.48840 2.04750e+00     0  2000   0.00   0.00   0.00  -78.16  -43.37    0.00 4.000 0.000 0 1 4 2  1.964  1.964   0.00   75.60     0.00    0.00   1   25.00     0    0    0     1   0.0  1   1    7    0   0.000    0.000    0.000  1
  9   1    4  1 18 5   309  16   100  112  112 -1000.00000   0.48840 2.04750e+00     0  2000   0.00   0.00   0.00  -78.16  -39.37    0.00 4.000 0.000 0 1 4 2  1.964  1.964   0.00   75.60     0.00    0.00   1   25.00     0    0    0     1   0.0  1   1    7    0   0.000    0.000    0.000  1
 10   1    4  1 18 5   310  16   100  112  112 -1000.00000   0.48840 2.04750e+00     0  2000   0.00   0.00   0.00  -78.16  -35.37    0.00 4.000 0.000 0 1 4 2  1.964  1.964   0.00   75.60     0.00    0.00   1   25.00     0    0    0     1   0.0  1   1    7    0   0.000    0.000    0.000  1
 11   1    4  1 18 5   311  16   100  112  112 -1000.00000   0.48840 2.04750e+00     0  2000   0.00   0.00   0.00  -78.16  -31.37    0.00 4.000 0.000 0 1 4 2  1.964  1.964   0.00   75.60     0.00    0.00   1   25.00     0    0    0     1   0.0  1   1    7    0   0.000    0.000    0.000  1
 12   1    4  1 18 5   312  16   100  112  112 -1000.00000   0.48840 2.04750e+00     0  2000   0.00   0.00   0.00  -78.16  -27.37    0.00 4.000 0.000 0 1 4 2  1.964  1.964   0.00   75.60     0.00    0.00   1   25.00     0    0    0     1   0.0  1   1    7    0   0.000    0.000    0.000  1
 13   1    4  1 18 5   313  16   100  112  112 -1000.00000   0.48840 2.04750e+00     0  2000   0.00   0.00   0.00  -78.16  -23.37    0.00 4.000 0.000 0 1 4 2  1.964  1.964   0.00   75.60     0.00    0.00   1   25.00     0    0    0     1   0.0  1   1    7    0   0.000    0.000    0.000  1
 14   1    4  1 18 5   314  16   100  112  112 -1000.00000   0.48840 2.04750e+00     0  2000   0.00   0.00   0.00  -78.16  -19.37    0.00 4.000 0.000 0 1 4 2  1.964  1.964   0.00   75.60     0.00    0.00   1   25.00     0    0    0     1   0.0  1   1    7    0   0.000    0.000    0.000  1
 15   1    4  1 18 5   315  16   100  112  112 -1000.00000   0.48840 2.04750e+00     0  2000   0.00   0.00   0.00  -78.16  -15.37    0.00 4.000 0.000 0 1 4 2  1.964  1.964   0.00   75.60     0.00    0.00   1   25.00     0    0    0     1   0.0  1   1    7    0   0.000    0.000    0.000  1
 16   1    4  1 18 5   316  16   100  112  112 -1000.00000   0.48840 2.04750e+00     0  2000   0.00   0.00   0.00  -78.16  -11.37    0.00 4.000 0.000 0 1 4 2  1.964  1.964   0.00   75.60     0.00    0.00   1   25.00     0    0    0     1   0.0  1   1    7    0   0.000    0.000    0.000  1
 17   1    4  1 18 5   317  16   100  112  112 -1000.00000   0.48840 2.04750e+00     0  2000   0.00   0.00   0.00  -78.16   -7.37    0.00 4.000 0.000 0 1 4 2  1.964  1.964   0.00   75.60     0.00    0.00   1   25.00     0    0    0     1   0.0  1   1    7    0   0.000    0.000    0.000  1
 18   1    4  1 18 5   318  16   100  112  112 -1000.00000   0.48840 2.04750e+00     0  2000   0.00   0.00   0.00  -78.16   -3.37    0.00 4.000 0.000 0 1 4 2  1.964  1.964   0.00   75.60     0.00    0.00   1   25.00     0    0    0     1   0.0  1   1    7    0   0.000    0.000    0.000  1
 19   1    4  1 18 5   319  16   100  112  112 -1000.00000   0.48840 2.04750e+00     0  2000   0.00   0.00   0.00  -78.16    0.63    0.00 4.000 0.000 0 1 4 2  1.964  1.964   0.00   75.60     0.00    0.00   1   25.00     0    0    0     1   0.0  1   1    7    0   0.000    0.000    0.000  1
 20   1    4  1 18 5   320  16   100  112  112 -1000.00000   0.48840 2.04750e+00     0  2000   0.00   0.00   0.00  -78.16    4.63    0.00 4.000 0.000 0 1 4 2  1.964  1.964   0.00   75.60     0.00    0.00   1   25.00     0    0    0     1   0.0  1   1    7    0   0.000    0.000    0.000  1
 21   1    4  1 18 5   321  16   100  112  112 -1000.00000   0.48840 2.04750e+00     0  2000   0.00   0.00   0.00  -78.16    8.63    0.00 4.000 0.000 0 1 4 2  1.964  1.964   0.00   75.60     0.00    0.00   1   25.00     0    0    0     1   0.0  1   1    7    0   0.000    0.000    0.000  1
 22   1    4  1 18 5   322  16   100  112  112 -1000.00000   0.48840 2.04750e+00     0  2000   0.00   0.00   0.00  -78.16   12.63    0.00 4.000 0.000 0 1 4 2  1.964  1.964   0.00   75.60     0.00    0.00   1   25.00     0    0    0     1   0.0  1   1    7    0   0.000    0.000    0.000  1
 23   1    4  1 18 5   323  16   100  112  112 -1000.00000   0.48840 2.04750e+00     0  2000   0.00   0.00   0.00  -78.16   16.63    0.00 4.000 0.000 0 1 4 2  1.964  1.964   0.00   75.60     0.00    0.00   1   25.00     0    0    0     1   0.0  1   1    7    0   0.000    0.000    0.000  1
 24   1    4  1 18 5   324  16   100  112  112 -1000.00000   0.48840 2.04750e+00     0  2000   0.00   0.00   0.00  -78.16   20.63    0.00 4.000 0.000 0 1 4 2  1.964  1.964   0.00   75.60     0.00    0.00   1   25.00     0    0    0     1   0.0  1   1    7    0   0.000    0.000    0.000  1
 25   1    4  1 18 5   325  16   100  112  112 -1000.00000   0.48840 2.04750e+00     0  2000   0.00   0.00   0.00  -78.16   24.63    0.00 4.000 0.000 0 1 4 2  1.964  1.964   0.00   75.60     0.00    0.00   1   25.00     0    0    0     1   0.0  1   1    7    0   0.000    0.000    0.000  1
 26   1    4  1 18 5   326  16   100  112  112 -1000.00000   0.48840 2.04750e+00     0  2000   0.00   0.00   0.00  -78.16   28.63    0.00 4.000 0.000 0 1 4 2  1.964  1.964   0.00   75.60     0.00    0.00   1   25.00     0    0    0     1   0.0  1   1    7    0   0.000    0.000    0.000  1
 27   1    4  1 18 5   327  16   100  112  112 -1000.00000   0.48840 2.04750e+00     0  2000   0.00   0.00   0.00  -78.16   32.63    0.00 4.000 0.000 0 1 4 2  1.964  1.964   0.00   75.60     0.00    0.00   1   25.00     0    0    0     1   0.0  1   1    7    0   0.000    0.000    0.000  1
 28   1    4  1 18 5   328  16   100  112  112 -1000.00000   0.48840 2.04750e+00     0  2000   0.00   0.00   0.00  -78.16   36.63    0.00 4.000 0.000 0 1 4 2  1.964  1.964   0.00   75.60     0.00    0.00   1   25.00     0    0    0     1   0.0  1   1    7    0   0.000    0.000    0.000  1
 29   1    4  1 18 5   329  16   100  112  112 -1000.00000   0.48840 2.04750e+00     0  2000   0.00   0.00   0.00  -78.16   40.63    0.00 4.000 0.000 0 1 4 2  1.964  1.964   0.00   75.60     0.00    0.00   1   25.00     0    0    0     1   0.0  1   1    7    0   0.000    0.000    0.000  1
 30   1    4  1 18 5   330  16   100  112  112 -1000.00000   0.48840 2.04750e+00     0  2000   0.00   0.00   0.00  -78.16   44.63    0.00 4.000 0.000 0 1 4 2  1.964  1.964   0.00   75.60     0.00    0.00   1   25.00     0    0    0     1   0.0  1   1    7    0   0.000    0.000    0.000  1
 31   1    4  1 18 5   331  16   100  112  112 -1000.00000   0.48840 2.04750e+00     0  2000   0.00   0.00   0.00  -78.16   48.63    0.00 4.000 0.000 0 1 4 2  1.964  1.964   0.00   75.60     0.00    0.00   1   25.00     0    0    0     1   0.0  1   1    7    0   0.000    0.000    0.000  1
 32   1    4  1 18 5   332  16   100  112  112 -1000.00000   0.48840 2.04750e+00     0  2000   0.00   0.00   0.00  -78.16   52.63    0.00 4.000 0.000 0 1 4 2  1.964  1.964   0.00   75.60     0.00    0.00   1   25.00     0    0    0     1   0.0  1   1    7    0   0.000    0.000    0.000  1
 33   1    4  1 18 5   333  16   100  112  112 -1000.00000   0.48840 2.04750e+00     0  2000   0.00   0.00   0.00  -78.16   56.63    0.00 4.000 0.000 0 1 4 2  1.964  1.964   0.00   75.60     0.00    0.00   1   25.00     0    0    0     1   0.0  1   1    7    0   0.000    0.000    0.000  1
 34   1    4  1 18 5   334  16   100  112  112 -1000.00000   0.48840 2.04750e+00     0  2000   0.00   0.00   0.00  -78.16   60.63    0.00 4.000 0.000 0 1 4 2  1.964  1.964   0.00   75.60     0.00    0.00   1   25.00     0    0    0     1   0.0  1   1    7    0   0.000    0.000    0.000  1
 35   1    4  1 18 5   335  16   100  112  112 -1000.00000   0.48840 2.04750e+00     0  2000   0.00   0.00   0.00  -78.16   64.63    0.00 4.000 0.000 0 1 4 2  1.964  1.964   0.00   75.60     0.00    0.00   1   25.00     0    0    0     1   0.0  1   1    7    0   0.000    0.000    0.000  1
 36   1    4  1 18 5   336  16   100  112  112 -1000.00000   0.48840 2.04750e+00     0  2000   0.00   0.00   0.00  -78.16   68.63    0.00 4.000 0.000 0 1 4 2  1.964  1.964   0.00   75.60     0.00    0.00   1   25.00     0    0    0     1   0.0  1   1    7    0   0.000    0.000    0.000  1
 37   1    4  1 18 5   337  16   100  112  112 -1000.00000   0.48840 2.04750e+00     0  2000   0.00   0.00   0.00  -78.16   72.63    0.00 4.000 0.000 0 1 4 2  1.964  1.964   0.00   75.60     0.00    0.00   1   25.00     0    0    0     1   0.0  1   1    7    0   0.000    0.000    0.000  1
 38   1    4  1 18 5   338  16   100  112  112 -1000.00000   0.48840 2.04750e+00     0  2000   0.00   0.00   0.00  -78.16   76.63    0.00 4.000 0.000 0 1 4 2  1.964  1.964   0.00   75.60     0.00    0.00   1   25.00     0    0    0     1   0.0  1   1    7    0   0.000    0.000    0.000  1
 39   1    4  1 18 5   339  16   100  112  112 -1000.00000   0.48840 2.04750e+00     0  2000   0.00   0.00   0.00  -78.16   80.63    0.00 4.000 0.000 0 1 4 2  1.964  1.964   0.00   75.60     0.00    0.00   1   25.00     0    0    0     1   0.0  1   1    7    0   0.000    0.000    0.000  1
 40   1    4  1 18 5   340  16   100  112  112 -1000.00000   0.48840 2.04750e+00     0  2000   0.00   0.00   0.00  -78.16   84.63    0.00 4.000 0.000 0 1 4 2  1.964  1.964   0.00   75.60     0.00    0.00   1   25.00     0    0    0     1   0.0  1   1    7    0   0.000    0.000    0.000  1
 41   1    4  1 18 5   341  16   100  112  112 -1000.00000   0.48840 2.04750e+00     0  2000   0.00   0.00   0.00  -78.16   88.63    0.00 4.000 0.000 0 1 4 2  1.964  1.964   0.00   75.60     0.00    0.00   1   25.00     0    0    0     1   0.0  1   1    7    0   0.000    0.000    0.000  1
 42   1    4  1 18 5   342  16   100  112  112 -1000.00000   0.48840 2.04750e+00     0  2000   0.00   0.00   0.00  -78.16   92.63    0.00 4.000 0.000 0 1 4 2  1.964  1.964   0.00   75.60     0.00    0.00   1   25.00     0    0    0     1   0.0  1   1    7    0   0.000    0.000    0.000  1
 43   1    4  1 18 5   343  16   100  112  112 -1000.00000   0.48840 2.04750e+00     0  2000   0.00   0.00   0.00  -78.16   96.63    0.00 4.000 0.000 0 1 4 2  1.964  1.964   0.00   75.60     0.00    0.00   1   25.00     0    0    0     1   0.0  1   1    7    0   0.000    0.000    0.000  1
  1   1    5  1 0 2   344  16   100  112  112     0.00000   8.42027 7.32390e-02  1070  1860   0.00   0.00   0.00  -78.16  -71.37    0.00 4.000 0.000 0 1 5 2  1.964  1.964   1.98  100.80     0.00    0.00   1   25.00     0    0    0     1   0.0  1   1    7    0   0.000    0.000    0.000  1
  2   1    5  1 0 2   345  16   100  112  112     0.00000   8.42027 7.32390e-02  2064  3588   0.00   0.00   0.00  -78.16  -67.37    0.00 4.000 0.000 0 1 5 2  1.964  1.964   1.98  100.80     0.00    0.00   1   25.00     0    0    0     1   0.0  1   1    7    0   0.000    0.000    0.000  1
  3   1    5  1 0 2   346  16   100  112  112     0.00000   8.42027 7.32390e-02  2088  3630   0.00   0.00   0.00  -78.16  -63.37    0.00 4.000 0.000 0 1 5 2  1.964  1.964   1.98  100.80     0.00    0.00   1   25.00     0    0    0     1   0.0  1   1    7    0   0.000    0.000    0.000  1
  4   1    5  1 0 2   347  16   100  112  112     0.00000   8.42027 7.32390e-02  2149  3736   0.00   0.00   0.00  -78.16  -59.37    0.00 4.000 0.000 0 1 5 2  1.964  1.964   1.98  100.80     0.00    0.00   1   25.00     0    0    0     1   0.0  1   1    7    0   0.000    0.000    0.000  1
  5   1    5  1 0 2   348  16   100  112  112     0.00000   8.42027 7.32390e-02  2219  3858   0.00   0.00   0.00  -78.16  -55.37    0.00 4.000 0.000 0 1 5 2  1.964  1.964   1.98  100.80     0.00    0.00   1   25.00     0    0    0     1   0.0  1   1    7    0   0.000    0.000    0.000  1
  6   1    5  1 0 2   349  16   100  112  112     0.00000   8.42027 7.32390e-02  2286  3973   0.00   0.00   0.00  -78.16  -51.37    0.00 4.000 0.000 0 1 5 2  1.964  1.964   1.98  100.80     0.00    0.00   1   25.00     0    0    0     1   0.0  1   1    7    0   0.000    0.000    0.000  1
  7   1    5  1 0 2   350  16   100  112  112     0.00000   8.42027 7.32390e-02  2395  4163   0.00   0.00   0.00  -78.16  -47.37    0.00 4.000 0.000 0 1 5 2  1.964  1.964   1.98  100.80     0.00    0.00   1   25.00     0    0    0     1   0.0  1   1    7    0   0.000    0.000    0.000  1
  8   1    5  1 0 2   351  16   100  112  112     0.00000   8.42027 7.32390e-02  2562  4454   0.00   0.00   0.00  -78.16  -43.37    0.00 4.000 0.000 0 1 5 2  1.964  1.964   1.98  100.80     0.00    0.00   1   25.00     0    0    0     1   0.0  1   1    7    0   0.000    0.000    0.000  1
  9   1    5  1 0 2   352  16   100  112  112     0.00000   8.42027 7.32390e-02  2694  4683   0.00   0.00   0.00  -78.16  -39.37    0.00 4.000 0.000 0 1 5 2  1.964  1.964   1.98  100.80     0.00    0.00   1   25.00     0    0    0     1   0.0  1   1    7    0   0.000    0.000    0.000  1
 10   1    5  1 0 2   353  16   100  112  112     0.00000   8.42027 7.32390e-02  2801  4868   0.00   0.00   0.00  -78.16  -35.37    0.00 4.000 0.000 0 1 5 2  1.964  1.964   1.98  100.80     0.00    0.00   1   25.00     0    0    0     1   0.0  1   1    7    0   0.000    0.000    0.000  1
 11   1    5  1 0 2   354  16   100  112  112     0.00000   8.42027 7.32390e-02  2935  5102   0.00   0.00   0.00  -78.16  -31.37    0.00 4.000 0.000 0 1 5 2  1.964  1.964   1.98  100.80     0.00    0.00   1   25.00     0    0    0     1   0.0  1   1    7    0   0.000    0.000    0.000  1
 12   1    5  1 0 2   355  16   100  112  112     0.00000   8.42027 7.32390e-02  3053  5308   0.00   0.00   0.00  -78.16  -27.37    0.00 4.000 0.000 0 1 5 2  1.964  1.964   1.98  100.80     0.00    0.00   1   25.00     0    0    0     1   0.0  1   1    7    0   0.000    0.000    0.000  1
 13   1    5  1 0 2   356  16   100  112  112     0.00000   8.42027 7.32390e-02  3193  5550   0.00   0.00   0.00  -78.16  -23.37    0.00 4.000 0.000 0 1 5 2  1.964  1.964   1.98  100.80     0.00    0.00   1   25.00     0    0    0     1   0.0  1   1    7    0   0.000    0.000    0.000  1
 14   1    5  1 0 2   357  16   100  112  112     0.00000   8.42027 7.32390e-02  3453  6002   0.00   0.00   0.00  -78.16  -19.37    0.00 4.000 0.000 0 1 5 2  1.964  1.964   1.98  100.80     0.00    0.00   1   25.00     0    0    0     1   0.0  1   1    7    0   0.000    0.000    0.000  1
 15   1    5  1 0 2   358  16   100  112  112     0.00000   8.42027 7.32390e-02  3696  6425   0.00   0.00   0.00  -78.16  -15.37    0.00 4.000 0.000 0 1 5 2  1.964  1.964   1.98  100.80     0.00    0.00   1   25.00     0    0    0     1   0.0  1   1    7    0   0.000    0.000    0.000  1
 16   1    5  1 0 2   359  16   100  112  112     0.00000   8.42027 7.32390e-02  3940  6850   0.00   0.00   0.00  -78.16  -11.37    0.00 4.000 0.000 0 1 5 2  1.964  1.964   1.98  100.80     0.00    0.00   1   25.00     0    0    0     1   0.0  1   1    7    0   0.000    0.000    0.000  1
 17   1    5  1 0 2   360  16   100  112  112     0.00000   8.42027 7.32390e-02  4180  7266   0.00   0.00   0.00  -78.16   -7.37    0.00 4.000 0.000 0 1 5 2  1.964  1.964   1.98  100.80     0.00    0.00   1   25.00     0    0    0     1   0.0  1   1    7    0   0.000    0.000    0.000  1
 18   1    5  1 0 2   361  16   100  112  112     0.00000   8.42027 7.32390e-02  4411  7667   0.00   0.00   0.00  -78.16   -3.37    0.00 4.000 0.000 0 1 5 2  1.964  1.964   1.98  100.80     0.00    0.00   1   25.00     0    0    0     1   0.0  1   1    7    0   0.000    0.000    0.000  1
 19   1    5  1 0 2   362  16   100  112  112     0.00000   8.42027 7.32390e-02  4602  8000   0.00   0.00   0.00  -78.16    0.63    0.00 4.000 0.000 0 1 5 2  1.964  1.964   1.98  100.80     0.00    0.00   1   25.00     0    0    0     1   0.0  1   1    7    0   0.000    0.000    0.000  1
 20   1    5  1 0 2   363  16   100  112  112     0.00000   8.42027 7.32390e-02  4784  8315   0.00   0.00   0.00  -78.16    4.63    0.00 4.000 0.000 0 1 5 2  1.964  1.964   1.98  100.80     0.00    0.00   1   25.00     0    0    0     1   0.0  1   1    7    0   0.000    0.000    0.000  1
 21   1    5  1 0 2   364  16   100  112  112     0.00000   8.42027 7.32390e-02  5105  8874   0.00   0.00   0.00  -78.16    8.63    0.00 4.000 0.000 0 1 5 2  1.964  1.964   1.98  100.80     0.00    0.00   1   25.00     0    0    0     1   0.0  1   1    7    0   0.000    0.000    0.000  1
 22   1    5  1 0 2   365  16   100  112  112     0.00000   8.42027 7.32390e-02  5565  9674   0.00   0.00   0.00  -78.16   12.63    0.00 4.000 0.000 0 1 5 2  1.964  1.964   1.98  100.80     0.00    0.00   1   25.00     0    0    0     1   0.0  1   1    7    0   0.000    0.000    0.000  1
 23   1    5  1 0 2   366  16   100  112  112     0.00000   8.42027 7.32390e-02  6072 10555   0.00   0.00   0.00  -78.16   16.63    0.00 4.000 0.000 0 1 5 2  1.964  1.964   1.98  100.80     0.00    0.00   1   25.00     0    0    0     1   0.0  1   1    7    0   0.000    0.000    0.000  1
 24   1    5  1 0 2   367  16   100  112  112     0.00000   8.42027 7.32390e-02  6381 11092   0.00   0.00   0.00  -78.16   20.63    0.00 4.000 0.000 0 1 5 2  1.964  1.964   1.98  100.80     0.00    0.00   1   25.00     0    0    0     1   0.0  1   1    7    0   0.000    0.000    0.000  1
 25   1    5  1 0 2   368  16   100  112  112     0.00000   8.42027 7.32390e-02  6339 11019   0.00   0.00   0.00  -78.16   24.63    0.00 4.000 0.000 0 1 5 2  1.964  1.964   1.98  100.80     0.00    0.00   1   25.00     0    0    0     1   0.0  1   1    7    0   0.000    0.000    0.000  1
 26   1    5  1 0 2   369  16   100  112  112     0.00000   8.42027 7.32390e-02  6422 11164   0.00   0.00   0.00  -78.16   28.63    0.00 4.000 0.000 0 1 5 2  1.964  1.964   1.98  100.80     0.00    0.00   1   25.00     0    0    0     1   0.0  1   1    7    0   0.000    0.000    0.000  1
 27   1    5  1 0 2   370  16   100  112  112     0.00000   8.42027 7.32390e-02  6590 11455   0.00   0.00   0.00  -78.16   32.63    0.00 4.000 0.000 0 1 5 2  1.964  1.964   1.98  100.80     0.00    0.00   1   25.00     0    0    0     1   0.0  1   1    7    0   0.000    0.000    0.000  1
 28   1    5  1 0 2   371  16   100  112  112     0.00000   8.42027 7.32390e-02  6351 11041   0.00   0.00   0.00  -78.16   36.63    0.00 4.000 0.000 0 1 5 2  1.964  1.964   1.98  100.80     0.00    0.00   1   25.00     0    0    0     1   0.0  1   1    7    0   0.000    0.000    0.000  1
 29   1    5  1 0 2   372  16   100  112  112     0.00000   8.42027 7.32390e-02  6227 10824   0.00   0.00   0.00  -78.16   40.63    0.00 4.000 0.000 0 1 5 2  1.964  1.964   1.98  100.80     0.00    0.00   1   25.00     0    0    0     1   0.0  1   1    7    0   0.000    0.000    0.000  1
 30   1    5  1 0 2   373  16   100  112  112     0.00000   8.42027 7.32390e-02  6314 10975   0.00   0.00   0.00  -78.16   44.63    0.00 4.000 0.000 0 1 5 2  1.964  1.964   1.98  100.80     0.00    0.00   1   25.00     0    0    0     1   0.0  1   1    7    0   0.000    0.000    0.000  1
 31   1    5  1 0 2   374  16   100  112  112     0.00000   8.42027 7.32390e-02  6014 10455   0.00   0.00   0.00  -78.16   48.63    0.00 4.000 0.000 0 1 5 2  1.964  1.964   1.98  100.80     0.00    0.00   1   25.00     0    0    0     1   0.0  1   1    7    0   0.000    0.000    0.000  1
 32   1    5  1 0 2   375  16   100  112  112     0.00000   8.42027 7.32390e-02  6281 10919   0.00   0.00   0.00  -78.16   52.63    0.00 4.000 0.000 0 1 5 2  1.964  1.964   1.98  100.80     0.00    0.00   1   25.00     0    0    0     1   0.0  1   1    7    0   0.000    0.000    0.000  1
 33   1    5  1 0 2   376  16   100  112  112     0.00000   8.42027 7.32390e-02  6147 10686   0.00   0.00   0.00  -78.16   56.63    0.00 4.000 0.000 0 1 5 2  1.964  1.964   1.98  100.80     0.00    0.00   1   25.00     0    0    0     1   0.0  1   1    7    0   0.000    0.000    0.000  1
 34   1    5  1 0 2   377  16   100  112  112     0.00000   8.42027 7.32390e-02  6093 10591   0.00   0.00   0.00  -78.16   60.63    0.00 4.000 0.000 0 1 5 2  1.964  1.964   1.98  100.80     0.00    0.00   1   25.00     0    0    0     1   0.0  1   1    7    0   0.000    0.000    0.000  1
 35   1    5  1 0 2   378  16   100  112  112     0.00000   8.42027 7.32390e-02  6332 11007   0.00   0.00   0.00  -78.16   64.63    0.00 4.000 0.000 0 1 5 2  1.964  1.964   1.98  100.80     0.00    0.00   1   25.00     0    0    0     1   0.0  1   1    7    0   0.000    0.000    0.000  1
 36   1    5  1 0 2   379  16   100  112  112     0.00000   8.42027 7.32390e-02  6449 11210   0.00   0.00   0.00  -78.16   68.63    0.00 4.000 0.000 0 1 5 2  1.964  1.964   1.98  100.80     0.00    0.00   1   25.00     0    0    0     1   0.0  1   1    7    0   0.000    0.000    0.000  1
 37   1    5  1 0 2   380  16   100  112  112     0.00000   8.42027 7.32390e-02  6419 11158   0.00   0.00   0.00  -78.16   72.63    0.00 4.000 0.000 0 1 5 2  1.964  1.964   1.98  100.80     0.00    0.00   1   25.00     0    0    0     1   0.0  1   1    7    0   0.000    0.000    0.000  1
 38   1    5  1 0 2   381  16   100  112  112     0.00000   8.42027 7.32390e-02  6327 10998   0.00   0.00   0.00  -78.16   76.63    0.00 4.000 0.000 0 1 5 2  1.964  1.964   1.98  100.80     0.00    0.00   1   25.00     0    0    0     1   0.0  1   1    7    0   0.000    0.000    0.000  1
 39   1    5  1 0 2   382  16   100  112  112     0.00000   8.42027 7.32390e-02  6361 11057   0.00   0.00   0.00  -78.16   80.63    0.00 4.000 0.000 0 1 5 2  1.964  1.964   1.98  100.80     0.00    0.00   1   25.00     0    0    0     1   0.0  1   1    7    0   0.000    0.000    0.000  1
 40   1    5  1 0 2   383  16   100  112  112     0.00000   8.42027 7.32390e-02  6307 10964   0.00   0.00   0.00  -78.16   84.63    0.00 4.000 0.000 0 1 5 2  1.964  1.964   1.98  100.80     0.00    0.00   1   25.00     0    0    0     1   0.0  1   1    7    0   0.000    0.000    0.000  1
 41   1    5  1 0 2   384  16   100  112  112     0.00000   8.42027 7.32390e-02  6239 10845   0.00   0.00   0.00  -78.16   88.63    0.00 4.000 0.000 0 1 5 2  1.964  1.964   1.98  100.80     0.00    0.00   1   25.00     0    0    0     1   0.0  1   1    7    0   0.000    0.000    0.000  1
 42   1    5  1 0 2   385  16   100  112  112     0.00000   8.42027 7.32390e-02  6030 10482   0.00   0.00   0.00  -78.16   92.63    0.00 4.000 0.000 0 1 5 2  1.964  1.964   1.98  100.80     0.00    0.00   1   25.00     0    0    0     1   0.0  1   1    7    0   0.000    0.000    0.000  1
 43   1    5  1 0 2   386  16   100  112  112     0.00000   8.42027 7.32390e-02  1434  2493   0.00   0.00   0.00  -78.16   96.63    0.00 4.000 0.000 0 1 5 2  1.964  1.964   1.98  100.80     0.00    0.00   1   25.00     0    0    0     1   0.0  1   1    7    0   0.000    0.000    0.000  1
  1   1    5  1 18 5   387  16   100  112  112 -1000.00000   0.48840 2.04750e+00     0  2000   0.00   0.00   0.00  -78.16  -71.37    0.00 4.000 0.000 0 1 5 2  1.964  1.964   0.00  100.80     0.00    0.00   1   25.00     0    0    0     1   0.0  1   1    7    0   0.000    0.000    0.000  1
  2   1    5  1 18 5   388  16   100  112  112 -1000.00000   0.48840 2.04750e+00     0  2000   0.00   0.00   0.00  -78.16  -67.37    0.00 4.000 0.000 0 1 5 2  1.964  1.964   0.00  100.80     0.00    0.00   1   25.00     0    0    0     1   0.0  1   1    7    0   0.000    0.000    0.000  1
  3   1    5  1 18 5   389  16   100  112  112 -1000.00000   0.48840 2.04750e+00     0  2000   0.00   0.00   0.00  -78.16  -63.37    0.00 4.000 0.000 0 1 5 2  1.964  1.964   0.00  100.80     0.00    0.00   1   25.00     0    0    0     1   0.0  1   1    7    0   0.000    0.000    0.000  1
  4   1    5  1 18 5   390  16   100  112  112 -1000.00000   0.48840 2.04750e+00     0  2000   0.00   0.00   0.00  -78.16  -59.37    0.00 4.000 0.000 0 1 5 2  1.964  1.964   0.00  100.80     0.00    0.00   1   25.00     0    0    0     1   0.0  1   1    7    0   0.000    0.000    0.000  1
  5   1    5  1 18 5   391  16   100  112  112 -1000.00000   0.48840 2.04750e+00     0  2000   0.00   0.00   0.00  -78.16  -55.37    0.00 4.000 0.000 0 1 5 2  1.964  1.964   0.00  100.80     0.00    0.00   1   25.00     0    0    0     1   0.0  1   1    7    0   0.000    0.000    0.000  1
  6   1    5  1 18 5   392  16   100  112  112 -1000.00000   0.48840 2.04750e+00     0  2000   0.00   0.00   0.00  -78.16  -51.37    0.00 4.000 0.000 0 1 5 2  1.964  1.964   0.00  100.80     0.00    0.00   1   25.00     0    0    0     1   0.0  1   1    7    0   0.000    0.000    0.000  1
  7   1    5  1 18 5   393  16   100  112  112 -1000.00000   0.48840 2.04750e+00     0  2000   0.00   0.00   0.00  -78.16  -47.37    0.00 4.000 0.000 0 1 5 2  1.964  1.964   0.00  100.80     0.00    0.00   1   25.00     0    0    0     1   0.0  1   1    7    0   0.000    0.000    0.000  1
  8   1    5  1 18 5   394  16   100  112  112 -1000.00000   0.48840 2.04750e+00     0  2000   0.00   0.00   0.00  -78.16  -43.37    0.00 4.000 0.000 0 1 5 2  1.964  1.964   0.00  100.80     0.00    0.00   1   25.00     0    0    0     1   0.0  1   1    7    0   0.000    0.000    0.000  1
  9   1    5  1 18 5   395  16   100  112  112 -1000.00000   0.48840 2.04750e+00     0  2000   0.00   0.00   0.00  -78.16  -39.37    0.00 4.000 0.000 0 1 5 2  1.964  1.964   0.00  100.80     0.00    0.00   1   25.00     0    0    0     1   0.0  1   1    7    0   0.000    0.000    0.000  1
 10   1    5  1 18 5   396  16   100  112  112 -1000.00000   0.48840 2.04750e+00     0  2000   0.00   0.00   0.00  -78.16  -35.37    0.00 4.000 0.000 0 1 5 2  1.964  1.964   0.00  100.80     0.00    0.00   1   25.00     0    0    0     1   0.0  1   1    7    0   0.000    0.000    0.000  1
 11   1    5  1 18 5   397  16   100  112  112 -1000.00000   0.48840 2.04750e+00     0  2000   0.00   0.00   0.00  -78.16  -31.37    0.00 4.000 0.000 0 1 5 2  1.964  1.964   0.00  100.80     0.00    0.00   1   25.00     0    0    0     1   0.0  1   1    7    0   0.000    0.000    0.000  1
 12   1    5  1 18 5   398  16   100  112  112 -1000.00000   0.48840 2.04750e+00     0  2000   0.00   0.00   0.00  -78.16  -27.37    0.00 4.000 0.000 0 1 5 2  1.964  1.964   0.00  100.80     0.00    0.00   1   25.00     0    0    0     1   0.0  1   1    7    0   0.000    0.000    0.000  1
 13   1    5  1 18 5   399  16   100  112  112 -1000.00000   0.48840 2.04750e+00     0  2000   0.00   0.00   0.00  -78.16  -23.37    0.00 4.000 0.000 0 1 5 2  1.964  1.964   0.00  100.80     0.00    0.00   1   25.00     0    0    0     1   0.0  1   1    7    0   0.000    0.000    0.000  1
 14   1    5  1 18 5   400  16   100  112  112 -1000.00000   0.48840 2.04750e+00     0  2000   0.00   0.00   0.00  -78.16  -19.37    0.00 4.000 0.000 0 1 5 2  1.964  1.964   0.00  100.80     0.00    0.00   1   25.00     0    0    0     1   0.0  1   1    7    0   0.000    0.000    0.000  1
 15   1    5  1 18 5   401  16   100  112  112 -1000.00000   0.48840 2.04750e+00     0  2000   0.00   0.00   0.00  -78.16  -15.37    0.00 4.000 0.000 0 1 5 2  1.964  1.964   0.00  100.80     0.00    0.00   1   25.00     0    0    0     1   0.0  1   1    7    0   0.000    0.000    0.000  1
 16   1    5  1 18 5   402  16   100  112  112 -1000.00000   0.48840 2.04750e+00     0  2000   0.00   0.00   0.00  -78.16  -11.37    0.00 4.000 0.000 0 1 5 2  1.964  1.964   0.00  100.80     0.00    0.00   1   25.00     0    0    0     1   0.0  1   1    7    0   0.000    0.000    0.000  1
 17   1    5  1 18 5   403  16   100  112  112 -1000.00000   0.48840 2.04750e+00     0  2000   0.00   0.00   0.00  -78.16   -7.37    0.00 4.000 0.000 0 1 5 2  1.964  1.964   0.00  100.80     0.00    0.00   1   25.00     0    0    0     1   0.0  1   1    7    0   0.000    0.000    0.000  1
 18   1    5  1 18 5   404  16   100  112  112 -1000.00000   0.48840 2.04750e+00     0  2000   0.00   0.00   0.00  -78.16   -3.37    0.00 4.000 0.000 0 1 5 2  1.964  1.964   0.00  100.80     0.00    0.00   1   25.00     0    0    0     1   0.0  1   1    7    0   0.000    0.000    0.000  1
 19   1    5  1 18 5   405  16   100  112  112 -1000.00000   0.48840 2.04750e+00     0  2000   0.00   0.00   0.00  -78.16    0.63    0.00 4.000 0.000 0 1 5 2  1.964  1.964   0.00  100.80     0.00    0.00   1   25.00     0    0    0     1   0.0  1   1    7    0   0.000    0.000    0.000  1
 20   1    5  1 18 5   406  16   100  112  112 -1000.00000   0.48840 2.04750e+00     0  2000   0.00   0.00   0.00  -78.16    4.63    0.00 4.000 0.000 0 1 5 2  1.964  1.964   0.00  100.80     0.00    0.00   1   25.00     0    0    0     1   0.0  1   1    7    0   0.000    0.000    0.000  1
 21   1    5  1 18 5   407  16   100  112  112 -1000.00000   0.48840 2.04750e+00     0  2000   0.00   0.00   0.00  -78.16    8.63    0.00 4.000 0.000 0 1 5 2  1.964  1.964   0.00  100.80     0.00    0.00   1   25.00     0    0    0     1   0.0  1   1    7    0   0.000    0.000    0.000  1
 22   1    5  1 18 5   408  16   100  112  112 -1000.00000   0.48840 2.04750e+00     0  2000   0.00   0.00   0.00  -78.16   12.63    0.00 4.000 0.000 0 1 5 2  1.964  1.964   0.00  100.80     0.00    0.00   1   25.00     0    0    0     1   0.0  1   1    7    0   0.000    0.000    0.000  1
 23   1    5  1 18 5   409  16   100  112  112 -1000.00000   0.48840 2.04750e+00     0  2000   0.00   0.00   0.00  -78.16   16.63    0.00 4.000 0.000 0 1 5 2  1.964  1.964   0.00  100.80     0.00    0.00   1   25.00     0    0    0     1   0.0  1   1    7    0   0.000    0.000    0.000  1
 24   1    5  1 18 5   410  16   100  112  112 -1000.00000   0.48840 2.04750e+00     0  2000   0.00   0.00   0.00  -78.16   20.63    0.00 4.000 0.000 0 1 5 2  1.964  1.964   0.00  100.80     0.00    0.00   1   25.00     0    0    0     1   0.0  1   1    7    0   0.000    0.000    0.000  1
 25   1    5  1 18 5   411  16   100  112  112 -1000.00000   0.48840 2.04750e+00     0  2000   0.00   0.00   0.00  -78.16   24.63    0.00 4.000 0.000 0 1 5 2  1.964  1.964   0.00  100.80     0.00    0.00   1   25.00     0    0    0     1   0.0  1   1    7    0   0.000    0.000    0.000  1
 26   1    5  1 18 5   412  16   100  112  112 -1000.00000   0.48840 2.04750e+00     0  2000   0.00   0.00   0.00  -78.16   28.63    0.00 4.000 0.000 0 1 5 2  1.964  1.964   0.00  100.80     0.00    0.00   1   25.00     0    0    0     1   0.0  1   1    7    0   0.000    0.000    0.000  1
 27   1    5  1 18 5   413  16   100  112  112 -1000.00000   0.48840 2.04750e+00     0  2000   0.00   0.00   0.00  -78.16   32.63    0.00 4.000 0.000 0 1 5 2  1.964  1.964   0.00  100.80     0.00    0.00   1   25.00     0    0    0     1   0.0  1   1    7    0   0.000    0.000    0.000  1
 28   1    5  1 18 5   414  16   100  112  112 -1000.00000   0.48840 2.04750e+00     0  2000   0.00   0.00   0.00  -78.16   36.63    0.00 4.000 0.000 0 1 5 2  1.964  1.964   0.00  100.80     0.00    0.00   1   25.00     0    0    0     1   0.0  1   1    7    0   0.000    0.000    0.000  1
 29   1    5  1 18 5   415  16   100  112  112 -1000.00000   0.48840 2.04750e+00     0  2000   0.00   0.00   0.00  -78.16   40.63    0.00 4.000 0.000 0 1 5 2  1.964  1.964   0.00  100.80     0.00    0.00   1   25.00     0    0    0     1   0.0  1   1    7    0   0.000    0.000    0.000  1
 30   1    5  1 18 5   416  16   100  112  112 -1000.00000   0.48840 2.04750e+00     0  2000   0.00   0.00   0.00  -78.16   44.63    0.00 4.000 0.000 0 1 5 2  1.964  1.964   0.00  100.80     0.00    0.00   1   25.00     0    0    0     1   0.0  1   1    7    0   0.000    0.000    0.000  1
 31   1    5  1 18 5   417  16   100  112  112 -1000.00000   0.48840 2.04750e+00     0  2000   0.00   0.00   0.00  -78.16   48.63    0.00 4.000 0.000 0 1 5 2  1.964  1.964   0.00  100.80     0.00    0.00   1   25.00     0    0    0     1   0.0  1   1    7    0   0.000    0.000    0.000  1
 32   1    5  1 18 5   418  16   100  112  112 -1000.00000   0.48840 2.04750e+00     0  2000   0.00   0.00   0.00  -78.16   52.63    0.00 4.000 0.000 0 1 5 2  1.964  1.964   0.00  100.80     0.00    0.00   1   25.00     0    0    0     1   0.0  1   1    7    0   0.000    0.000    0.000  1
 33   1    5  1 18 5   419  16   100  112  112 -1000.00000   0.48840 2.04750e+00     0  2000   0.00   0.00   0.00  -78.16   56.63    0.00 4.000 0.000 0 1 5 2  1.964  1.964   0.00  100.80     0.00    0.00   1   25.00     0    0    0     1   0.0  1   1    7    0   0.000    0.000    0.000  1
 34   1    5  1 18 5   420  16   100  112  112 -1000.00000   0.48840 2.04750e+00     0  2000   0.00   0.00   0.00  -78.16   60.63    0.00 4.000 0.000 0 1 5 2  1.964  1.964   0.00  100.80     0.00    0.00   1   25.00     0    0    0     1   0.0  1   1    7    0   0.000    0.000    0.000  1
 35   1    5  1 18 5   421  16   100  112  112 -1000.00000   0.48840 2.04750e+00     0  2000   0.00   0.00   0.00  -78.16   64.63    0.00 4.000 0.000 0 1 5 2  1.964  1.964   0.00  100.80     0.00    0.00   1   25.00     0    0    0     1   0.0  1   1    7    0   0.000    0.000    0.000  1
 36   1    5  1 18 5   422  16   100  112  112 -1000.00000   0.48840 2.04750e+00     0  2000   0.00   0.00   0.00  -78.16   68.63    0.00 4.000 0.000 0 1 5 2  1.964  1.964   0.00  100.80     0.00    0.00   1   25.00     0    0    0     1   0.0  1   1    7    0   0.000    0.000    0.000  1
 37   1    5  1 18 5   423  16   100  112  112 -1000.00000   0.48840 2.04750e+00     0  2000   0.00   0.00   0.00  -78.16   72.63    0.00 4.000 0.000 0 1 5 2  1.964  1.964   0.00  100.80     0.00    0.00   1   25.00     0    0    0     1   0.0  1   1    7    0   0.000    0.000    0.000  1
 38   1    5  1 18 5   424  16   100  112  112 -1000.00000   0.48840 2.04750e+00     0  2000   0.00   0.00   0.00  -78.16   76.63    0.00 4.000 0.000 0 1 5 2  1.964  1.964   0.00  100.80     0.00    0.00   1   25.00     0    0    0     1   0.0  1   1    7    0   0.000    0.000    0.000  1
 39   1    5  1 18 5   425  16   100  112  112 -1000.00000   0.48840 2.04750e+00     0  2000   0.00   0.00   0.00  -78.16   80.63    0.00 4.000 0.000 0 1 5 2  1.964  1.964   0.00  100.80     0.00    0.00   1   25.00     0    0    0     1   0.0  1   1    7    0   0.000    0.000    0.000  1
 40   1    5  1 18 5   426  16   100  112  112 -1000.00000   0.48840 2.04750e+00     0  2000   0.00   0.00   0.00  -78.16   84.63    0.00 4.000 0.000 0 1 5 2  1.964  1.964   0.00  100.80     0.00    0.00   1   25.00     0    0    0     1   0.0  1   1    7    0   0.000    0.000    0.000  1
 41   1    5  1 18 5   427  16   100  112  112 -1000.00000   0.48840 2.04750e+00     0  2000   0.00   0.00   0.00  -78.16   88.63    0.00 4.000 0.000 0 1 5 2  1.964  1.964   0.00  100.80     0.00    0.00   1   25.00     0    0    0     1   0.0  1   1    7    0   0.000    0.000    0.000  1
 42   1    5  1 18 5   428  16   100  112  112 -1000.00000   0.48840 2.04750e+00     0  2000   0.00   0.00   0.00  -78.16   92.63    0.00 4.000 0.000 0 1 5 2  1.964  1.964   0.00  100.80     0.00    0.00   1   25.00     0    0    0     1   0.0  1   1    7    0   0.000    0.000    0.000  1
 43   1    5  1 18 5   429  16   100  112  112 -1000.00000   0.48840 2.04750e+00     0  2000   0.00   0.00   0.00  -78.16   96.63    0.00 4.000 0.000 0 1 5 2  1.964  1.964   0.00  100.80     0.00    0.00   1   25.00     0    0    0     1   0.0  1   1    7    0   0.000    0.000    0.000  1

# === END OF DATA DESCRIPTION FILE ===============================================
