# === DATA DESCRIPTION FILE ======================================================
#
# CAUTION - Investigational device.
# Limited by Federal Law to investigational use.
#
# Dataset name: GRISSOM_PHANTOM_26AUG2022_12_01_08.52.24_(WIP_CoilFieldMaps) (convert_dicom_to_xmlrec.pl v0.4)
#
# CLINICAL TRYOUT             Research image export tool     V4.2
#
# === GENERAL INFORMATION ========================================================
#
.    Patient name                       :   GRISSOM_PHANTOM_26AUG2022
.    Examination name                   :   
.    Protocol name                      :   WIP CoilFieldMaps
.    Examination date/time              :   2022.08.26 / 08:00:41
.    Series Type                        :   Image   MRSERIES
.    Acquisition nr                     :   12
.    Reconstruction nr                  :   1
.    Scan Duration [sec]                :   449.4
.    Max. number of cardiac phases      :   1
.    Max. number of echoes              :   1
.    Max. number of slices/locations    :   16
.    Max. number of dynamics            :   16
.    Max. number of mixes               :   1
.    Patient position                   :   HeadFirstSupine
.    Preparation direction              :   Right-Left
.    Technique                          :   T1FFE
.    Scan resolution  (x, y)            :   84  85
.    Scan mode                          :   3D
.    Repetition time [ms]               :   15.000  
.    FOV (ap,fh,rl) [mm]                :   96.000  166.000  118.571
.    Water Fat shift [pixels]           :   1.147
.    Angulation midslice(ap,fh,rl)[degr]:   0.000  0.000  -0.003
.    Off Centre midslice(ap,fh,rl) [mm] :   -68.216  17.836  6.453
.    Flow compensation <0=no 1=yes> ?   :   0
.    Presaturation     <0=no 1=yes> ?   :   0
.    Phase encoding velocity [cm/sec]   :   0.000000  0.000000  0.000000
.    MTC               <0=no 1=yes> ?   :   0
.    SPIR              <0=no 1=yes> ?   :   0
.    EPI factor        <0,1=no EPI>     :   1
.    Dynamic scan      <0=no 1=yes> ?   :   1
.    Diffusion         <0=no 1=yes> ?   :   0
.    Diffusion echo time [ms]           :   0.0000
.    Max. number of diffusion values    :   1
.    Max. number of gradient orients    :   1
.    Number of label types   <0=no ASL> :   0
#
# === PIXEL VALUES =============================================================
#  PV = pixel value in REC file, FP = floating point value, DV = displayed value on console
#  RS = rescale slope,           RI = rescale intercept,    SS = scale slope
#  DV = PV * RS + RI             FP = DV / (RS * SS)
#
# === IMAGE INFORMATION DEFINITION =============================================
#  The rest of this file contains ONE line per image, this line contains the following information:
#
#  slice number                             (integer)
#  echo number                              (integer)
#  dynamic scan number                      (integer)
#  cardiac phase number                     (integer)
#  image_type_mr                            (integer)
#  scanning sequence                        (integer)
#  index in REC file (in images)            (integer)
#  image pixel size (in bits)               (integer)
#  scan percentage                          (integer)
#  recon resolution (x y)                   (2*integer)
#  rescale intercept                        (float)
#  rescale slope                            (float)
#  scale slope                              (float)
#  window center                            (integer)
#  window width                             (integer)
#  image angulation (ap,fh,rl in degrees )  (3*float)
#  image offcentre (ap,fh,rl in mm )        (3*float)
#  slice thickness (in mm )                 (float)
#  slice gap (in mm )                       (float)
#  image_display_orientation                (integer)
#  slice orientation ( TRA/SAG/COR )        (integer)
#  fmri_status_indication                   (integer)
#  image_type_ed_es  (end diast/end syst)   (integer)
#  pixel spacing (x,y) (in mm)              (2*float)
#  echo_time                                (float)
#  dyn_scan_begin_time                      (float)
#  trigger_time                             (float)
#  diffusion_b_factor                       (float)
#  number of averages                       (integer)
#  image_flip_angle (in degrees)            (float)
#  cardiac frequency   (bpm)                (integer)
#  minimum RR-interval (in ms)              (integer)
#  maximum RR-interval (in ms)              (integer)
#  TURBO factor  <0=no turbo>               (integer)
#  Inversion delay (in ms)                  (float)
#  diffusion b value number    (imagekey!)  (integer)
#  gradient orientation number (imagekey!)  (integer)
#  contrast type                            (string)
#  diffusion anisotropy type                (string)
#  diffusion (ap, fh, rl)                   (3*float)
#  label type (ASL)            (imagekey!)  (integer)
#
# === IMAGE INFORMATION ==========================================================
#  sl ec  dyn ph ty    idx pix scan% rec size                (re)scale              window        angulation              offcentre        thick   gap   info      spacing     echo     dtime   ttime    diff  avg  flip    freq   RR-int  turbo delay b grad cont anis         diffusion       L.ty

  1   1    1  1 0 2     0  16    79  224  224     0.00000   1.78364 3.92684e-03   502   873   0.00   0.00  -0.00 -113.22   17.84    6.45 6.000 0.000 0 3 1 2  0.741  0.741   2.69    0.00     0.00    0.00   1   15.00     0    0    0     1   0.0  1   1    7    0   0.000    0.000    0.000  1
  2   1    1  1 0 2     1  16    79  224  224     0.00000   1.78364 3.92684e-03   954  1658   0.00   0.00  -0.00 -107.22   17.84    6.45 6.000 0.000 0 3 1 2  0.741  0.741   2.69    0.00     0.00    0.00   1   15.00     0    0    0     1   0.0  1   1    7    0   0.000    0.000    0.000  1
  3   1    1  1 0 2     2  16    79  224  224     0.00000   1.78364 3.92684e-03  1047  1820   0.00   0.00  -0.00 -101.22   17.84    6.45 6.000 0.000 0 3 1 2  0.741  0.741   2.69    0.00     0.00    0.00   1   15.00     0    0    0     1   0.0  1   1    7    0   0.000    0.000    0.000  1
  4   1    1  1 0 2     3  16    79  224  224     0.00000   1.78364 3.92684e-03  1055  1834   0.00   0.00  -0.00  -95.22   17.84    6.45 6.000 0.000 0 3 1 2  0.741  0.741   2.69    0.00     0.00    0.00   1   15.00     0    0    0     1   0.0  1   1    7    0   0.000    0.000    0.000  1
  5   1    1  1 0 2     4  16    79  224  224     0.00000   1.78364 3.92684e-03  1079  1875   0.00   0.00  -0.00  -89.22   17.84    6.45 6.000 0.000 0 3 1 2  0.741  0.741   2.69    0.00     0.00    0.00   1   15.00     0    0    0     1   0.0  1   1    7    0   0.000    0.000    0.000  1
  6   1    1  1 0 2     5  16    79  224  224     0.00000   1.78364 3.92684e-03  1067  1855   0.00   0.00  -0.00  -83.22   17.84    6.45 6.000 0.000 0 3 1 2  0.741  0.741   2.69    0.00     0.00    0.00   1   15.00     0    0    0     1   0.0  1   1    7    0   0.000    0.000    0.000  1
  7   1    1  1 0 2     6  16    79  224  224     0.00000   1.78364 3.92684e-03  1083  1883   0.00   0.00  -0.00  -77.22   17.84    6.45 6.000 0.000 0 3 1 2  0.741  0.741   2.69    0.00     0.00    0.00   1   15.00     0    0    0     1   0.0  1   1    7    0   0.000    0.000    0.000  1
  8   1    1  1 0 2     7  16    79  224  224     0.00000   1.78364 3.92684e-03  1072  1863   0.00   0.00  -0.00  -71.22   17.84    6.45 6.000 0.000 0 3 1 2  0.741  0.741   2.69    0.00     0.00    0.00   1   15.00     0    0    0     1   0.0  1   1    7    0   0.000    0.000    0.000  1
  9   1    1  1 0 2     8  16    79  224  224     0.00000   1.78364 3.92684e-03  1070  1860   0.00   0.00  -0.00  -65.22   17.84    6.45 6.000 0.000 0 3 1 2  0.741  0.741   2.69    0.00     0.00    0.00   1   15.00     0    0    0     1   0.0  1   1    7    0   0.000    0.000    0.000  1
 10   1    1  1 0 2     9  16    79  224  224     0.00000   1.78364 3.92684e-03  1053  1831   0.00   0.00  -0.00  -59.22   17.84    6.45 6.000 0.000 0 3 1 2  0.741  0.741   2.69    0.00     0.00    0.00   1   15.00     0    0    0     1   0.0  1   1    7    0   0.000    0.000    0.000  1
 11   1    1  1 0 2    10  16    79  224  224     0.00000   1.78364 3.92684e-03  1025  1782   0.00   0.00  -0.00  -53.22   17.83    6.45 6.000 0.000 0 3 1 2  0.741  0.741   2.69    0.00     0.00    0.00   1   15.00     0    0    0     1   0.0  1   1    7    0   0.000    0.000    0.000  1
 12   1    1  1 0 2    11  16    79  224  224     0.00000   1.78364 3.92684e-03  1011  1758   0.00   0.00  -0.00  -47.22   17.83    6.45 6.000 0.000 0 3 1 2  0.741  0.741   2.69    0.00     0.00    0.00   1   15.00     0    0    0     1   0.0  1   1    7    0   0.000    0.000    0.000  1
 13   1    1  1 0 2    12  16    79  224  224     0.00000   1.78364 3.92684e-03  1009  1754   0.00   0.00  -0.00  -41.22   17.83    6.45 6.000 0.000 0 3 1 2  0.741  0.741   2.69    0.00     0.00    0.00   1   15.00     0    0    0     1   0.0  1   1    7    0   0.000    0.000    0.000  1
 14   1    1  1 0 2    13  16    79  224  224     0.00000   1.78364 3.92684e-03   938  1631   0.00   0.00  -0.00  -35.22   17.83    6.45 6.000 0.000 0 3 1 2  0.741  0.741   2.69    0.00     0.00    0.00   1   15.00     0    0    0     1   0.0  1   1    7    0   0.000    0.000    0.000  1
 15   1    1  1 0 2    14  16    79  224  224     0.00000   1.78364 3.92684e-03   822  1429   0.00   0.00  -0.00  -29.22   17.83    6.45 6.000 0.000 0 3 1 2  0.741  0.741   2.69    0.00     0.00    0.00   1   15.00     0    0    0     1   0.0  1   1    7    0   0.000    0.000    0.000  1
 16   1    1  1 0 2    15  16    79  224  224     0.00000   1.78364 3.92684e-03   489   850   0.00   0.00  -0.00  -23.22   17.83    6.45 6.000 0.000 0 3 1 2  0.741  0.741   2.69    0.00     0.00    0.00   1   15.00     0    0    0     1   0.0  1   1    7    0   0.000    0.000    0.000  1
  1   1    1  1 18 5    16  16    79  224  224  -250.00000   0.12210 8.19000e+00     0   500   0.00   0.00  -0.00 -113.22   17.84    6.45 6.000 0.000 0 3 1 2  0.741  0.741   0.00    0.00     0.00    0.00   1   15.00     0    0    0     1   0.0  1   1    7    0   0.000    0.000    0.000  1
  2   1    1  1 18 5    17  16    79  224  224  -250.00000   0.12210 8.19000e+00     0   500   0.00   0.00  -0.00 -107.22   17.84    6.45 6.000 0.000 0 3 1 2  0.741  0.741   0.00    0.00     0.00    0.00   1   15.00     0    0    0     1   0.0  1   1    7    0   0.000    0.000    0.000  1
  3   1    1  1 18 5    18  16    79  224  224  -250.00000   0.12210 8.19000e+00     0   500   0.00   0.00  -0.00 -101.22   17.84    6.45 6.000 0.000 0 3 1 2  0.741  0.741   0.00    0.00     0.00    0.00   1   15.00     0    0    0     1   0.0  1   1    7    0   0.000    0.000    0.000  1
  4   1    1  1 18 5    19  16    79  224  224  -250.00000   0.12210 8.19000e+00     0   500   0.00   0.00  -0.00  -95.22   17.84    6.45 6.000 0.000 0 3 1 2  0.741  0.741   0.00    0.00     0.00    0.00   1   15.00     0    0    0     1   0.0  1   1    7    0   0.000    0.000    0.000  1
  5   1    1  1 18 5    20  16    79  224  224  -250.00000   0.12210 8.19000e+00     0   500   0.00   0.00  -0.00  -89.22   17.84    6.45 6.000 0.000 0 3 1 2  0.741  0.741   0.00    0.00     0.00    0.00   1   15.00     0    0    0     1   0.0  1   1    7    0   0.000    0.000    0.000  1
  6   1    1  1 18 5    21  16    79  224  224  -250.00000   0.12210 8.19000e+00     0   500   0.00   0.00  -0.00  -83.22   17.84    6.45 6.000 0.000 0 3 1 2  0.741  0.741   0.00    0.00     0.00    0.00   1   15.00     0    0    0     1   0.0  1   1    7    0   0.000    0.000    0.000  1
  7   1    1  1 18 5    22  16    79  224  224  -250.00000   0.12210 8.19000e+00     0   500   0.00   0.00  -0.00  -77.22   17.84    6.45 6.000 0.000 0 3 1 2  0.741  0.741   0.00    0.00     0.00    0.00   1   15.00     0    0    0     1   0.0  1   1    7    0   0.000    0.000    0.000  1
  8   1    1  1 18 5    23  16    79  224  224  -250.00000   0.12210 8.19000e+00     0   500   0.00   0.00  -0.00  -71.22   17.84    6.45 6.000 0.000 0 3 1 2  0.741  0.741   0.00    0.00     0.00    0.00   1   15.00     0    0    0     1   0.0  1   1    7    0   0.000    0.000    0.000  1
  9   1    1  1 18 5    24  16    79  224  224  -250.00000   0.12210 8.19000e+00     0   500   0.00   0.00  -0.00  -65.22   17.84    6.45 6.000 0.000 0 3 1 2  0.741  0.741   0.00    0.00     0.00    0.00   1   15.00     0    0    0     1   0.0  1   1    7    0   0.000    0.000    0.000  1
 10   1    1  1 18 5    25  16    79  224  224  -250.00000   0.12210 8.19000e+00     0   500   0.00   0.00  -0.00  -59.22   17.84    6.45 6.000 0.000 0 3 1 2  0.741  0.741   0.00    0.00     0.00    0.00   1   15.00     0    0    0     1   0.0  1   1    7    0   0.000    0.000    0.000  1
 11   1    1  1 18 5    26  16    79  224  224  -250.00000   0.12210 8.19000e+00     0   500   0.00   0.00  -0.00  -53.22   17.83    6.45 6.000 0.000 0 3 1 2  0.741  0.741   0.00    0.00     0.00    0.00   1   15.00     0    0    0     1   0.0  1   1    7    0   0.000    0.000    0.000  1
 12   1    1  1 18 5    27  16    79  224  224  -250.00000   0.12210 8.19000e+00     0   500   0.00   0.00  -0.00  -47.22   17.83    6.45 6.000 0.000 0 3 1 2  0.741  0.741   0.00    0.00     0.00    0.00   1   15.00     0    0    0     1   0.0  1   1    7    0   0.000    0.000    0.000  1
 13   1    1  1 18 5    28  16    79  224  224  -250.00000   0.12210 8.19000e+00     0   500   0.00   0.00  -0.00  -41.22   17.83    6.45 6.000 0.000 0 3 1 2  0.741  0.741   0.00    0.00     0.00    0.00   1   15.00     0    0    0     1   0.0  1   1    7    0   0.000    0.000    0.000  1
 14   1    1  1 18 5    29  16    79  224  224  -250.00000   0.12210 8.19000e+00     0   500   0.00   0.00  -0.00  -35.22   17.83    6.45 6.000 0.000 0 3 1 2  0.741  0.741   0.00    0.00     0.00    0.00   1   15.00     0    0    0     1   0.0  1   1    7    0   0.000    0.000    0.000  1
 15   1    1  1 18 5    30  16    79  224  224  -250.00000   0.12210 8.19000e+00     0   500   0.00   0.00  -0.00  -29.22   17.83    6.45 6.000 0.000 0 3 1 2  0.741  0.741   0.00    0.00     0.00    0.00   1   15.00     0    0    0     1   0.0  1   1    7    0   0.000    0.000    0.000  1
 16   1    1  1 18 5    31  16    79  224  224  -250.00000   0.12210 8.19000e+00     0   500   0.00   0.00  -0.00  -23.22   17.83    6.45 6.000 0.000 0 3 1 2  0.741  0.741   0.00    0.00     0.00    0.00   1   15.00     0    0    0     1   0.0  1   1    7    0   0.000    0.000    0.000  1
  1   1    2  1 0 2    32  16    79  224  224     0.00000   1.78364 3.92684e-03   498   865   0.00   0.00  -0.00 -113.22   17.84    6.45 6.000 0.000 0 3 2 2  0.741  0.741   2.69   28.08     0.00    0.00   1   15.00     0    0    0     1   0.0  1   1    7    0   0.000    0.000    0.000  1
  2   1    2  1 0 2    33  16    79  224  224     0.00000   1.78364 3.92684e-03   942  1637   0.00   0.00  -0.00 -107.22   17.84    6.45 6.000 0.000 0 3 2 2  0.741  0.741   2.69   28.08     0.00    0.00   1   15.00     0    0    0     1   0.0  1   1    7    0   0.000    0.000    0.000  1
  3   1    2  1 0 2    34  16    79  224  224     0.00000   1.78364 3.92684e-03  1029  1789   0.00   0.00  -0.00 -101.22   17.84    6.45 6.000 0.000 0 3 2 2  0.741  0.741   2.69   28.08     0.00    0.00   1   15.00     0    0    0     1   0.0  1   1    7    0   0.000    0.000    0.000  1
  4   1    2  1 0 2    35  16    79  224  224     0.00000   1.78364 3.92684e-03  1041  1810   0.00   0.00  -0.00  -95.22   17.84    6.45 6.000 0.000 0 3 2 2  0.741  0.741   2.69   28.08     0.00    0.00   1   15.00     0    0    0     1   0.0  1   1    7    0   0.000    0.000    0.000  1
  5   1    2  1 0 2    36  16    79  224  224     0.00000   1.78364 3.92684e-03  1066  1853   0.00   0.00  -0.00  -89.22   17.84    6.45 6.000 0.000 0 3 2 2  0.741  0.741   2.69   28.08     0.00    0.00   1   15.00     0    0    0     1   0.0  1   1    7    0   0.000    0.000    0.000  1
  6   1    2  1 0 2    37  16    79  224  224     0.00000   1.78364 3.92684e-03  1065  1851   0.00   0.00  -0.00  -83.22   17.84    6.45 6.000 0.000 0 3 2 2  0.741  0.741   2.69   28.08     0.00    0.00   1   15.00     0    0    0     1   0.0  1   1    7    0   0.000    0.000    0.000  1
  7   1    2  1 0 2    38  16    79  224  224     0.00000   1.78364 3.92684e-03  1073  1865   0.00   0.00  -0.00  -77.22   17.84    6.45 6.000 0.000 0 3 2 2  0.741  0.741   2.69   28.08     0.00    0.00   1   15.00     0    0    0     1   0.0  1   1    7    0   0.000    0.000    0.000  1
  8   1    2  1 0 2    39  16    79  224  224     0.00000   1.78364 3.92684e-03  1072  1863   0.00   0.00  -0.00  -71.22   17.84    6.45 6.000 0.000 0 3 2 2  0.741  0.741   2.69   28.08     0.00    0.00   1   15.00     0    0    0     1   0.0  1   1    7    0   0.000    0.000    0.000  1
  9   1    2  1 0 2    40  16    79  224  224     0.00000   1.78364 3.92684e-03  1068  1856   0.00   0.00  -0.00  -65.22   17.84    6.45 6.000 0.000 0 3 2 2  0.741  0.741   2.69   28.08     0.00    0.00   1   15.00     0    0    0     1   0.0  1   1    7    0   0.000    0.000    0.000  1
 10   1    2  1 0 2    41  16    79  224  224     0.00000   1.78364 3.92684e-03  1044  1815   0.00   0.00  -0.00  -59.22   17.84    6.45 6.000 0.000 0 3 2 2  0.741  0.741   2.69   28.08     0.00    0.00   1   15.00     0    0    0     1   0.0  1   1    7    0   0.000    0.000    0.000  1
 11   1    2  1 0 2    42  16    79  224  224     0.00000   1.78364 3.92684e-03  1033  1795   0.00   0.00  -0.00  -53.22   17.83    6.45 6.000 0.000 0 3 2 2  0.741  0.741   2.69   28.08     0.00    0.00   1   15.00     0    0    0     1   0.0  1   1    7    0   0.000    0.000    0.000  1
 12   1    2  1 0 2    43  16    79  224  224     0.00000   1.78364 3.92684e-03   999  1737   0.00   0.00  -0.00  -47.22   17.83    6.45 6.000 0.000 0 3 2 2  0.741  0.741   2.69   28.08     0.00    0.00   1   15.00     0    0    0     1   0.0  1   1    7    0   0.000    0.000    0.000  1
 13   1    2  1 0 2    44  16    79  224  224     0.00000   1.78364 3.92684e-03   986  1715   0.00   0.00  -0.00  -41.22   17.83    6.45 6.000 0.000 0 3 2 2  0.741  0.741   2.69   28.08     0.00    0.00   1   15.00     0    0    0     1   0.0  1   1    7    0   0.000    0.000    0.000  1
 14   1    2  1 0 2    45  16    79  224  224     0.00000   1.78364 3.92684e-03   932  1621   0.00   0.00  -0.00  -35.22   17.83    6.45 6.000 0.000 0 3 2 2  0.741  0.741   2.69   28.08     0.00    0.00   1   15.00     0    0    0     1   0.0  1   1    7    0   0.000    0.000    0.000  1
 15   1    2  1 0 2    46  16    79  224  224     0.00000   1.78364 3.92684e-03   828  1439   0.00   0.00  -0.00  -29.22   17.83    6.45 6.000 0.000 0 3 2 2  0.741  0.741   2.69   28.08     0.00    0.00   1   15.00     0    0    0     1   0.0  1   1    7    0   0.000    0.000    0.000  1
 16   1    2  1 0 2    47  16    79  224  224     0.00000   1.78364 3.92684e-03   486   846   0.00   0.00  -0.00  -23.22   17.83    6.45 6.000 0.000 0 3 2 2  0.741  0.741   2.69   28.08     0.00    0.00   1   15.00     0    0    0     1   0.0  1   1    7    0   0.000    0.000    0.000  1
  1   1    2  1 18 5    48  16    79  224  224  -250.00000   0.12210 8.19000e+00     0   500   0.00   0.00  -0.00 -113.22   17.84    6.45 6.000 0.000 0 3 2 2  0.741  0.741   0.00   28.08     0.00    0.00   1   15.00     0    0    0     1   0.0  1   1    7    0   0.000    0.000    0.000  1
  2   1    2  1 18 5    49  16    79  224  224  -250.00000   0.12210 8.19000e+00     0   500   0.00   0.00  -0.00 -107.22   17.84    6.45 6.000 0.000 0 3 2 2  0.741  0.741   0.00   28.08     0.00    0.00   1   15.00     0    0    0     1   0.0  1   1    7    0   0.000    0.000    0.000  1
  3   1    2  1 18 5    50  16    79  224  224  -250.00000   0.12210 8.19000e+00     0   500   0.00   0.00  -0.00 -101.22   17.84    6.45 6.000 0.000 0 3 2 2  0.741  0.741   0.00   28.08     0.00    0.00   1   15.00     0    0    0     1   0.0  1   1    7    0   0.000    0.000    0.000  1
  4   1    2  1 18 5    51  16    79  224  224  -250.00000   0.12210 8.19000e+00     0   500   0.00   0.00  -0.00  -95.22   17.84    6.45 6.000 0.000 0 3 2 2  0.741  0.741   0.00   28.08     0.00    0.00   1   15.00     0    0    0     1   0.0  1   1    7    0   0.000    0.000    0.000  1
  5   1    2  1 18 5    52  16    79  224  224  -250.00000   0.12210 8.19000e+00     0   500   0.00   0.00  -0.00  -89.22   17.84    6.45 6.000 0.000 0 3 2 2  0.741  0.741   0.00   28.08     0.00    0.00   1   15.00     0    0    0     1   0.0  1   1    7    0   0.000    0.000    0.000  1
  6   1    2  1 18 5    53  16    79  224  224  -250.00000   0.12210 8.19000e+00     0   500   0.00   0.00  -0.00  -83.22   17.84    6.45 6.000 0.000 0 3 2 2  0.741  0.741   0.00   28.08     0.00    0.00   1   15.00     0    0    0     1   0.0  1   1    7    0   0.000    0.000    0.000  1
  7   1    2  1 18 5    54  16    79  224  224  -250.00000   0.12210 8.19000e+00     0   500   0.00   0.00  -0.00  -77.22   17.84    6.45 6.000 0.000 0 3 2 2  0.741  0.741   0.00   28.08     0.00    0.00   1   15.00     0    0    0     1   0.0  1   1    7    0   0.000    0.000    0.000  1
  8   1    2  1 18 5    55  16    79  224  224  -250.00000   0.12210 8.19000e+00     0   500   0.00   0.00  -0.00  -71.22   17.84    6.45 6.000 0.000 0 3 2 2  0.741  0.741   0.00   28.08     0.00    0.00   1   15.00     0    0    0     1   0.0  1   1    7    0   0.000    0.000    0.000  1
  9   1    2  1 18 5    56  16    79  224  224  -250.00000   0.12210 8.19000e+00     0   500   0.00   0.00  -0.00  -65.22   17.84    6.45 6.000 0.000 0 3 2 2  0.741  0.741   0.00   28.08     0.00    0.00   1   15.00     0    0    0     1   0.0  1   1    7    0   0.000    0.000    0.000  1
 10   1    2  1 18 5    57  16    79  224  224  -250.00000   0.12210 8.19000e+00     0   500   0.00   0.00  -0.00  -59.22   17.84    6.45 6.000 0.000 0 3 2 2  0.741  0.741   0.00   28.08     0.00    0.00   1   15.00     0    0    0     1   0.0  1   1    7    0   0.000    0.000    0.000  1
 11   1    2  1 18 5    58  16    79  224  224  -250.00000   0.12210 8.19000e+00     0   500   0.00   0.00  -0.00  -53.22   17.83    6.45 6.000 0.000 0 3 2 2  0.741  0.741   0.00   28.08     0.00    0.00   1   15.00     0    0    0     1   0.0  1   1    7    0   0.000    0.000    0.000  1
 12   1    2  1 18 5    59  16    79  224  224  -250.00000   0.12210 8.19000e+00     0   500   0.00   0.00  -0.00  -47.22   17.83    6.45 6.000 0.000 0 3 2 2  0.741  0.741   0.00   28.08     0.00    0.00   1   15.00     0    0    0     1   0.0  1   1    7    0   0.000    0.000    0.000  1
 13   1    2  1 18 5    60  16    79  224  224  -250.00000   0.12210 8.19000e+00     0   500   0.00   0.00  -0.00  -41.22   17.83    6.45 6.000 0.000 0 3 2 2  0.741  0.741   0.00   28.08     0.00    0.00   1   15.00     0    0    0     1   0.0  1   1    7    0   0.000    0.000    0.000  1
 14   1    2  1 18 5    61  16    79  224  224  -250.00000   0.12210 8.19000e+00     0   500   0.00   0.00  -0.00  -35.22   17.83    6.45 6.000 0.000 0 3 2 2  0.741  0.741   0.00   28.08     0.00    0.00   1   15.00     0    0    0     1   0.0  1   1    7    0   0.000    0.000    0.000  1
 15   1    2  1 18 5    62  16    79  224  224  -250.00000   0.12210 8.19000e+00     0   500   0.00   0.00  -0.00  -29.22   17.83    6.45 6.000 0.000 0 3 2 2  0.741  0.741   0.00   28.08     0.00    0.00   1   15.00     0    0    0     1   0.0  1   1    7    0   0.000    0.000    0.000  1
 16   1    2  1 18 5    63  16    79  224  224  -250.00000   0.12210 8.19000e+00     0   500   0.00   0.00  -0.00  -23.22   17.83    6.45 6.000 0.000 0 3 2 2  0.741  0.741   0.00   28.08     0.00    0.00   1   15.00     0    0    0     1   0.0  1   1    7    0   0.000    0.000    0.000  1
  1   1    3  1 0 2    64  16    79  224  224     0.00000   1.78364 3.92684e-03   494   859   0.00   0.00  -0.00 -113.22   17.84    6.45 6.000 0.000 0 3 3 2  0.741  0.741   2.69   56.16     0.00    0.00   1   15.00     0    0    0     1   0.0  1   1    7    0   0.000    0.000    0.000  1
  2   1    3  1 0 2    65  16    79  224  224     0.00000   1.78364 3.92684e-03   945  1643   0.00   0.00  -0.00 -107.22   17.84    6.45 6.000 0.000 0 3 3 2  0.741  0.741   2.69   56.16     0.00    0.00   1   15.00     0    0    0     1   0.0  1   1    7    0   0.000    0.000    0.000  1
  3   1    3  1 0 2    66  16    79  224  224     0.00000   1.78364 3.92684e-03  1045  1816   0.00   0.00  -0.00 -101.22   17.84    6.45 6.000 0.000 0 3 3 2  0.741  0.741   2.69   56.16     0.00    0.00   1   15.00     0    0    0     1   0.0  1   1    7    0   0.000    0.000    0.000  1
  4   1    3  1 0 2    67  16    79  224  224     0.00000   1.78364 3.92684e-03  1042  1811   0.00   0.00  -0.00  -95.22   17.84    6.45 6.000 0.000 0 3 3 2  0.741  0.741   2.69   56.16     0.00    0.00   1   15.00     0    0    0     1   0.0  1   1    7    0   0.000    0.000    0.000  1
  5   1    3  1 0 2    68  16    79  224  224     0.00000   1.78364 3.92684e-03  1063  1848   0.00   0.00  -0.00  -89.22   17.84    6.45 6.000 0.000 0 3 3 2  0.741  0.741   2.69   56.16     0.00    0.00   1   15.00     0    0    0     1   0.0  1   1    7    0   0.000    0.000    0.000  1
  6   1    3  1 0 2    69  16    79  224  224     0.00000   1.78364 3.92684e-03  1073  1866   0.00   0.00  -0.00  -83.22   17.84    6.45 6.000 0.000 0 3 3 2  0.741  0.741   2.69   56.16     0.00    0.00   1   15.00     0    0    0     1   0.0  1   1    7    0   0.000    0.000    0.000  1
  7   1    3  1 0 2    70  16    79  224  224     0.00000   1.78364 3.92684e-03  1075  1868   0.00   0.00  -0.00  -77.22   17.84    6.45 6.000 0.000 0 3 3 2  0.741  0.741   2.69   56.16     0.00    0.00   1   15.00     0    0    0     1   0.0  1   1    7    0   0.000    0.000    0.000  1
  8   1    3  1 0 2    71  16    79  224  224     0.00000   1.78364 3.92684e-03  1072  1863   0.00   0.00  -0.00  -71.22   17.84    6.45 6.000 0.000 0 3 3 2  0.741  0.741   2.69   56.16     0.00    0.00   1   15.00     0    0    0     1   0.0  1   1    7    0   0.000    0.000    0.000  1
  9   1    3  1 0 2    72  16    79  224  224     0.00000   1.78364 3.92684e-03  1067  1854   0.00   0.00  -0.00  -65.22   17.84    6.45 6.000 0.000 0 3 3 2  0.741  0.741   2.69   56.16     0.00    0.00   1   15.00     0    0    0     1   0.0  1   1    7    0   0.000    0.000    0.000  1
 10   1    3  1 0 2    73  16    79  224  224     0.00000   1.78364 3.92684e-03  1044  1815   0.00   0.00  -0.00  -59.22   17.84    6.45 6.000 0.000 0 3 3 2  0.741  0.741   2.69   56.16     0.00    0.00   1   15.00     0    0    0     1   0.0  1   1    7    0   0.000    0.000    0.000  1
 11   1    3  1 0 2    74  16    79  224  224     0.00000   1.78364 3.92684e-03  1020  1773   0.00   0.00  -0.00  -53.22   17.83    6.45 6.000 0.000 0 3 3 2  0.741  0.741   2.69   56.16     0.00    0.00   1   15.00     0    0    0     1   0.0  1   1    7    0   0.000    0.000    0.000  1
 12   1    3  1 0 2    75  16    79  224  224     0.00000   1.78364 3.92684e-03  1014  1762   0.00   0.00  -0.00  -47.22   17.83    6.45 6.000 0.000 0 3 3 2  0.741  0.741   2.69   56.16     0.00    0.00   1   15.00     0    0    0     1   0.0  1   1    7    0   0.000    0.000    0.000  1
 13   1    3  1 0 2    76  16    79  224  224     0.00000   1.78364 3.92684e-03   982  1707   0.00   0.00  -0.00  -41.22   17.83    6.45 6.000 0.000 0 3 3 2  0.741  0.741   2.69   56.16     0.00    0.00   1   15.00     0    0    0     1   0.0  1   1    7    0   0.000    0.000    0.000  1
 14   1    3  1 0 2    77  16    79  224  224     0.00000   1.78364 3.92684e-03   947  1646   0.00   0.00  -0.00  -35.22   17.83    6.45 6.000 0.000 0 3 3 2  0.741  0.741   2.69   56.16     0.00    0.00   1   15.00     0    0    0     1   0.0  1   1    7    0   0.000    0.000    0.000  1
 15   1    3  1 0 2    78  16    79  224  224     0.00000   1.78364 3.92684e-03   817  1421   0.00   0.00  -0.00  -29.22   17.83    6.45 6.000 0.000 0 3 3 2  0.741  0.741   2.69   56.16     0.00    0.00   1   15.00     0    0    0     1   0.0  1   1    7    0   0.000    0.000    0.000  1
 16   1    3  1 0 2    79  16    79  224  224     0.00000   1.78364 3.92684e-03   484   841   0.00   0.00  -0.00  -23.22   17.83    6.45 6.000 0.000 0 3 3 2  0.741  0.741   2.69   56.16     0.00    0.00   1   15.00     0    0    0     1   0.0  1   1    7    0   0.000    0.000    0.000  1
  1   1    3  1 18 5    80  16    79  224  224  -250.00000   0.12210 8.19000e+00     0   500   0.00   0.00  -0.00 -113.22   17.84    6.45 6.000 0.000 0 3 3 2  0.741  0.741   0.00   56.16     0.00    0.00   1   15.00     0    0    0     1   0.0  1   1    7    0   0.000    0.000    0.000  1
  2   1    3  1 18 5    81  16    79  224  224  -250.00000   0.12210 8.19000e+00     0   500   0.00   0.00  -0.00 -107.22   17.84    6.45 6.000 0.000 0 3 3 2  0.741  0.741   0.00   56.16     0.00    0.00   1   15.00     0    0    0     1   0.0  1   1    7    0   0.000    0.000    0.000  1
  3   1    3  1 18 5    82  16    79  224  224  -250.00000   0.12210 8.19000e+00     0   500   0.00   0.00  -0.00 -101.22   17.84    6.45 6.000 0.000 0 3 3 2  0.741  0.741   0.00   56.16     0.00    0.00   1   15.00     0    0    0     1   0.0  1   1    7    0   0.000    0.000    0.000  1
  4   1    3  1 18 5    83  16    79  224  224  -250.00000   0.12210 8.19000e+00     0   500   0.00   0.00  -0.00  -95.22   17.84    6.45 6.000 0.000 0 3 3 2  0.741  0.741   0.00   56.16     0.00    0.00   1   15.00     0    0    0     1   0.0  1   1    7    0   0.000    0.000    0.000  1
  5   1    3  1 18 5    84  16    79  224  224  -250.00000   0.12210 8.19000e+00     0   500   0.00   0.00  -0.00  -89.22   17.84    6.45 6.000 0.000 0 3 3 2  0.741  0.741   0.00   56.16     0.00    0.00   1   15.00     0    0    0     1   0.0  1   1    7    0   0.000    0.000    0.000  1
  6   1    3  1 18 5    85  16    79  224  224  -250.00000   0.12210 8.19000e+00     0   500   0.00   0.00  -0.00  -83.22   17.84    6.45 6.000 0.000 0 3 3 2  0.741  0.741   0.00   56.16     0.00    0.00   1   15.00     0    0    0     1   0.0  1   1    7    0   0.000    0.000    0.000  1
  7   1    3  1 18 5    86  16    79  224  224  -250.00000   0.12210 8.19000e+00     0   500   0.00   0.00  -0.00  -77.22   17.84    6.45 6.000 0.000 0 3 3 2  0.741  0.741   0.00   56.16     0.00    0.00   1   15.00     0    0    0     1   0.0  1   1    7    0   0.000    0.000    0.000  1
  8   1    3  1 18 5    87  16    79  224  224  -250.00000   0.12210 8.19000e+00     0   500   0.00   0.00  -0.00  -71.22   17.84    6.45 6.000 0.000 0 3 3 2  0.741  0.741   0.00   56.16     0.00    0.00   1   15.00     0    0    0     1   0.0  1   1    7    0   0.000    0.000    0.000  1
  9   1    3  1 18 5    88  16    79  224  224  -250.00000   0.12210 8.19000e+00     0   500   0.00   0.00  -0.00  -65.22   17.84    6.45 6.000 0.000 0 3 3 2  0.741  0.741   0.00   56.16     0.00    0.00   1   15.00     0    0    0     1   0.0  1   1    7    0   0.000    0.000    0.000  1
 10   1    3  1 18 5    89  16    79  224  224  -250.00000   0.12210 8.19000e+00     0   500   0.00   0.00  -0.00  -59.22   17.84    6.45 6.000 0.000 0 3 3 2  0.741  0.741   0.00   56.16     0.00    0.00   1   15.00     0    0    0     1   0.0  1   1    7    0   0.000    0.000    0.000  1
 11   1    3  1 18 5    90  16    79  224  224  -250.00000   0.12210 8.19000e+00     0   500   0.00   0.00  -0.00  -53.22   17.83    6.45 6.000 0.000 0 3 3 2  0.741  0.741   0.00   56.16     0.00    0.00   1   15.00     0    0    0     1   0.0  1   1    7    0   0.000    0.000    0.000  1
 12   1    3  1 18 5    91  16    79  224  224  -250.00000   0.12210 8.19000e+00     0   500   0.00   0.00  -0.00  -47.22   17.83    6.45 6.000 0.000 0 3 3 2  0.741  0.741   0.00   56.16     0.00    0.00   1   15.00     0    0    0     1   0.0  1   1    7    0   0.000    0.000    0.000  1
 13   1    3  1 18 5    92  16    79  224  224  -250.00000   0.12210 8.19000e+00     0   500   0.00   0.00  -0.00  -41.22   17.83    6.45 6.000 0.000 0 3 3 2  0.741  0.741   0.00   56.16     0.00    0.00   1   15.00     0    0    0     1   0.0  1   1    7    0   0.000    0.000    0.000  1
 14   1    3  1 18 5    93  16    79  224  224  -250.00000   0.12210 8.19000e+00     0   500   0.00   0.00  -0.00  -35.22   17.83    6.45 6.000 0.000 0 3 3 2  0.741  0.741   0.00   56.16     0.00    0.00   1   15.00     0    0    0     1   0.0  1   1    7    0   0.000    0.000    0.000  1
 15   1    3  1 18 5    94  16    79  224  224  -250.00000   0.12210 8.19000e+00     0   500   0.00   0.00  -0.00  -29.22   17.83    6.45 6.000 0.000 0 3 3 2  0.741  0.741   0.00   56.16     0.00    0.00   1   15.00     0    0    0     1   0.0  1   1    7    0   0.000    0.000    0.000  1
 16   1    3  1 18 5    95  16    79  224  224  -250.00000   0.12210 8.19000e+00     0   500   0.00   0.00  -0.00  -23.22   17.83    6.45 6.000 0.000 0 3 3 2  0.741  0.741   0.00   56.16     0.00    0.00   1   15.00     0    0    0     1   0.0  1   1    7    0   0.000    0.000    0.000  1
  1   1    4  1 0 2    96  16    79  224  224     0.00000   1.78364 3.92684e-03   494   858   0.00   0.00  -0.00 -113.22   17.84    6.45 6.000 0.000 0 3 4 2  0.741  0.741   2.69   84.24     0.00    0.00   1   15.00     0    0    0     1   0.0  1   1    7    0   0.000    0.000    0.000  1
  2   1    4  1 0 2    97  16    79  224  224     0.00000   1.78364 3.92684e-03   944  1641   0.00   0.00  -0.00 -107.22   17.84    6.45 6.000 0.000 0 3 4 2  0.741  0.741   2.69   84.24     0.00    0.00   1   15.00     0    0    0     1   0.0  1   1    7    0   0.000    0.000    0.000  1
  3   1    4  1 0 2    98  16    79  224  224     0.00000   1.78364 3.92684e-03  1037  1803   0.00   0.00  -0.00 -101.22   17.84    6.45 6.000 0.000 0 3 4 2  0.741  0.741   2.69   84.24     0.00    0.00   1   15.00     0    0    0     1   0.0  1   1    7    0   0.000    0.000    0.000  1
  4   1    4  1 0 2    99  16    79  224  224     0.00000   1.78364 3.92684e-03  1043  1813   0.00   0.00  -0.00  -95.22   17.84    6.45 6.000 0.000 0 3 4 2  0.741  0.741   2.69   84.24     0.00    0.00   1   15.00     0    0    0     1   0.0  1   1    7    0   0.000    0.000    0.000  1
  5   1    4  1 0 2   100  16    79  224  224     0.00000   1.78364 3.92684e-03  1061  1845   0.00   0.00  -0.00  -89.22   17.84    6.45 6.000 0.000 0 3 4 2  0.741  0.741   2.69   84.24     0.00    0.00   1   15.00     0    0    0     1   0.0  1   1    7    0   0.000    0.000    0.000  1
  6   1    4  1 0 2   101  16    79  224  224     0.00000   1.78364 3.92684e-03  1069  1858   0.00   0.00  -0.00  -83.22   17.84    6.45 6.000 0.000 0 3 4 2  0.741  0.741   2.69   84.24     0.00    0.00   1   15.00     0    0    0     1   0.0  1   1    7    0   0.000    0.000    0.000  1
  7   1    4  1 0 2   102  16    79  224  224     0.00000   1.78364 3.92684e-03  1072  1864   0.00   0.00  -0.00  -77.22   17.84    6.45 6.000 0.000 0 3 4 2  0.741  0.741   2.69   84.24     0.00    0.00   1   15.00     0    0    0     1   0.0  1   1    7    0   0.000    0.000    0.000  1
  8   1    4  1 0 2   103  16    79  224  224     0.00000   1.78364 3.92684e-03  1070  1860   0.00   0.00  -0.00  -71.22   17.84    6.45 6.000 0.000 0 3 4 2  0.741  0.741   2.69   84.24     0.00    0.00   1   15.00     0    0    0     1   0.0  1   1    7    0   0.000    0.000    0.000  1
  9   1    4  1 0 2   104  16    79  224  224     0.00000   1.78364 3.92684e-03  1062  1845   0.00   0.00  -0.00  -65.22   17.84    6.45 6.000 0.000 0 3 4 2  0.741  0.741   2.69   84.24     0.00    0.00   1   15.00     0    0    0     1   0.0  1   1    7    0   0.000    0.000    0.000  1
 10   1    4  1 0 2   105  16    79  224  224     0.00000   1.78364 3.92684e-03  1049  1824   0.00   0.00  -0.00  -59.22   17.84    6.45 6.000 0.000 0 3 4 2  0.741  0.741   2.69   84.24     0.00    0.00   1   15.00     0    0    0     1   0.0  1   1    7    0   0.000    0.000    0.000  1
 11   1    4  1 0 2   106  16    79  224  224     0.00000   1.78364 3.92684e-03  1028  1787   0.00   0.00  -0.00  -53.22   17.83    6.45 6.000 0.000 0 3 4 2  0.741  0.741   2.69   84.24     0.00    0.00   1   15.00     0    0    0     1   0.0  1   1    7    0   0.000    0.000    0.000  1
 12   1    4  1 0 2   107  16    79  224  224     0.00000   1.78364 3.92684e-03  1001  1741   0.00   0.00  -0.00  -47.22   17.83    6.45 6.000 0.000 0 3 4 2  0.741  0.741   2.69   84.24     0.00    0.00   1   15.00     0    0    0     1   0.0  1   1    7    0   0.000    0.000    0.000  1
 13   1    4  1 0 2   108  16    79  224  224     0.00000   1.78364 3.92684e-03   990  1721   0.00   0.00  -0.00  -41.22   17.83    6.45 6.000 0.000 0 3 4 2  0.741  0.741   2.69   84.24     0.00    0.00   1   15.00     0    0    0     1   0.0  1   1    7    0   0.000    0.000    0.000  1
 14   1    4  1 0 2   109  16    79  224  224     0.00000   1.78364 3.92684e-03   937  1629   0.00   0.00  -0.00  -35.22   17.83    6.45 6.000 0.000 0 3 4 2  0.741  0.741   2.69   84.24     0.00    0.00   1   15.00     0    0    0     1   0.0  1   1    7    0   0.000    0.000    0.000  1
 15   1    4  1 0 2   110  16    79  224  224     0.00000   1.78364 3.92684e-03   836  1454   0.00   0.00  -0.00  -29.22   17.83    6.45 6.000 0.000 0 3 4 2  0.741  0.741   2.69   84.24     0.00    0.00   1   15.00     0    0    0     1   0.0  1   1    7    0   0.000    0.000    0.000  1
 16   1    4  1 0 2   111  16    79  224  224     0.00000   1.78364 3.92684e-03   475   825   0.00   0.00  -0.00  -23.22   17.83    6.45 6.000 0.000 0 3 4 2  0.741  0.741   2.69   84.24     0.00    0.00   1   15.00     0    0    0     1   0.0  1   1    7    0   0.000    0.000    0.000  1
  1   1    4  1 18 5   112  16    79  224  224  -250.00000   0.12210 8.19000e+00     0   500   0.00   0.00  -0.00 -113.22   17.84    6.45 6.000 0.000 0 3 4 2  0.741  0.741   0.00   84.24     0.00    0.00   1   15.00     0    0    0     1   0.0  1   1    7    0   0.000    0.000    0.000  1
  2   1    4  1 18 5   113  16    79  224  224  -250.00000   0.12210 8.19000e+00     0   500   0.00   0.00  -0.00 -107.22   17.84    6.45 6.000 0.000 0 3 4 2  0.741  0.741   0.00   84.24     0.00    0.00   1   15.00     0    0    0     1   0.0  1   1    7    0   0.000    0.000    0.000  1
  3   1    4  1 18 5   114  16    79  224  224  -250.00000   0.12210 8.19000e+00     0   500   0.00   0.00  -0.00 -101.22   17.84    6.45 6.000 0.000 0 3 4 2  0.741  0.741   0.00   84.24     0.00    0.00   1   15.00     0    0    0     1   0.0  1   1    7    0   0.000    0.000    0.000  1
  4   1    4  1 18 5   115  16    79  224  224  -250.00000   0.12210 8.19000e+00     0   500   0.00   0.00  -0.00  -95.22   17.84    6.45 6.000 0.000 0 3 4 2  0.741  0.741   0.00   84.24     0.00    0.00   1   15.00     0    0    0     1   0.0  1   1    7    0   0.000    0.000    0.000  1
  5   1    4  1 18 5   116  16    79  224  224  -250.00000   0.12210 8.19000e+00     0   500   0.00   0.00  -0.00  -89.22   17.84    6.45 6.000 0.000 0 3 4 2  0.741  0.741   0.00   84.24     0.00    0.00   1   15.00     0    0    0     1   0.0  1   1    7    0   0.000    0.000    0.000  1
  6   1    4  1 18 5   117  16    79  224  224  -250.00000   0.12210 8.19000e+00     0   500   0.00   0.00  -0.00  -83.22   17.84    6.45 6.000 0.000 0 3 4 2  0.741  0.741   0.00   84.24     0.00    0.00   1   15.00     0    0    0     1   0.0  1   1    7    0   0.000    0.000    0.000  1
  7   1    4  1 18 5   118  16    79  224  224  -250.00000   0.12210 8.19000e+00     0   500   0.00   0.00  -0.00  -77.22   17.84    6.45 6.000 0.000 0 3 4 2  0.741  0.741   0.00   84.24     0.00    0.00   1   15.00     0    0    0     1   0.0  1   1    7    0   0.000    0.000    0.000  1
  8   1    4  1 18 5   119  16    79  224  224  -250.00000   0.12210 8.19000e+00     0   500   0.00   0.00  -0.00  -71.22   17.84    6.45 6.000 0.000 0 3 4 2  0.741  0.741   0.00   84.24     0.00    0.00   1   15.00     0    0    0     1   0.0  1   1    7    0   0.000    0.000    0.000  1
  9   1    4  1 18 5   120  16    79  224  224  -250.00000   0.12210 8.19000e+00     0   500   0.00   0.00  -0.00  -65.22   17.84    6.45 6.000 0.000 0 3 4 2  0.741  0.741   0.00   84.24     0.00    0.00   1   15.00     0    0    0     1   0.0  1   1    7    0   0.000    0.000    0.000  1
 10   1    4  1 18 5   121  16    79  224  224  -250.00000   0.12210 8.19000e+00     0   500   0.00   0.00  -0.00  -59.22   17.84    6.45 6.000 0.000 0 3 4 2  0.741  0.741   0.00   84.24     0.00    0.00   1   15.00     0    0    0     1   0.0  1   1    7    0   0.000    0.000    0.000  1
 11   1    4  1 18 5   122  16    79  224  224  -250.00000   0.12210 8.19000e+00     0   500   0.00   0.00  -0.00  -53.22   17.83    6.45 6.000 0.000 0 3 4 2  0.741  0.741   0.00   84.24     0.00    0.00   1   15.00     0    0    0     1   0.0  1   1    7    0   0.000    0.000    0.000  1
 12   1    4  1 18 5   123  16    79  224  224  -250.00000   0.12210 8.19000e+00     0   500   0.00   0.00  -0.00  -47.22   17.83    6.45 6.000 0.000 0 3 4 2  0.741  0.741   0.00   84.24     0.00    0.00   1   15.00     0    0    0     1   0.0  1   1    7    0   0.000    0.000    0.000  1
 13   1    4  1 18 5   124  16    79  224  224  -250.00000   0.12210 8.19000e+00     0   500   0.00   0.00  -0.00  -41.22   17.83    6.45 6.000 0.000 0 3 4 2  0.741  0.741   0.00   84.24     0.00    0.00   1   15.00     0    0    0     1   0.0  1   1    7    0   0.000    0.000    0.000  1
 14   1    4  1 18 5   125  16    79  224  224  -250.00000   0.12210 8.19000e+00     0   500   0.00   0.00  -0.00  -35.22   17.83    6.45 6.000 0.000 0 3 4 2  0.741  0.741   0.00   84.24     0.00    0.00   1   15.00     0    0    0     1   0.0  1   1    7    0   0.000    0.000    0.000  1
 15   1    4  1 18 5   126  16    79  224  224  -250.00000   0.12210 8.19000e+00     0   500   0.00   0.00  -0.00  -29.22   17.83    6.45 6.000 0.000 0 3 4 2  0.741  0.741   0.00   84.24     0.00    0.00   1   15.00     0    0    0     1   0.0  1   1    7    0   0.000    0.000    0.000  1
 16   1    4  1 18 5   127  16    79  224  224  -250.00000   0.12210 8.19000e+00     0   500   0.00   0.00  -0.00  -23.22   17.83    6.45 6.000 0.000 0 3 4 2  0.741  0.741   0.00   84.24     0.00    0.00   1   15.00     0    0    0     1   0.0  1   1    7    0   0.000    0.000    0.000  1
  1   1    5  1 0 2   128  16    79  224  224     0.00000   1.78364 3.92684e-03   492   855   0.00   0.00  -0.00 -113.22   17.84    6.45 6.000 0.000 0 3 5 2  0.741  0.741   2.69  112.32     0.00    0.00   1   15.00     0    0    0     1   0.0  1   1    7    0   0.000    0.000    0.000  1
  2   1    5  1 0 2   129  16    79  224  224     0.00000   1.78364 3.92684e-03   960  1669   0.00   0.00  -0.00 -107.22   17.84    6.45 6.000 0.000 0 3 5 2  0.741  0.741   2.69  112.32     0.00    0.00   1   15.00     0    0    0     1   0.0  1   1    7    0   0.000    0.000    0.000  1
  3   1    5  1 0 2   130  16    79  224  224     0.00000   1.78364 3.92684e-03  1033  1795   0.00   0.00  -0.00 -101.22   17.84    6.45 6.000 0.000 0 3 5 2  0.741  0.741   2.69  112.32     0.00    0.00   1   15.00     0    0    0     1   0.0  1   1    7    0   0.000    0.000    0.000  1
  4   1    5  1 0 2   131  16    79  224  224     0.00000   1.78364 3.92684e-03  1040  1808   0.00   0.00  -0.00  -95.22   17.84    6.45 6.000 0.000 0 3 5 2  0.741  0.741   2.69  112.32     0.00    0.00   1   15.00     0    0    0     1   0.0  1   1    7    0   0.000    0.000    0.000  1
  5   1    5  1 0 2   132  16    79  224  224     0.00000   1.78364 3.92684e-03  1064  1850   0.00   0.00  -0.00  -89.22   17.84    6.45 6.000 0.000 0 3 5 2  0.741  0.741   2.69  112.32     0.00    0.00   1   15.00     0    0    0     1   0.0  1   1    7    0   0.000    0.000    0.000  1
  6   1    5  1 0 2   133  16    79  224  224     0.00000   1.78364 3.92684e-03  1062  1847   0.00   0.00  -0.00  -83.22   17.84    6.45 6.000 0.000 0 3 5 2  0.741  0.741   2.69  112.32     0.00    0.00   1   15.00     0    0    0     1   0.0  1   1    7    0   0.000    0.000    0.000  1
  7   1    5  1 0 2   134  16    79  224  224     0.00000   1.78364 3.92684e-03  1076  1871   0.00   0.00  -0.00  -77.22   17.84    6.45 6.000 0.000 0 3 5 2  0.741  0.741   2.69  112.32     0.00    0.00   1   15.00     0    0    0     1   0.0  1   1    7    0   0.000    0.000    0.000  1
  8   1    5  1 0 2   135  16    79  224  224     0.00000   1.78364 3.92684e-03  1069  1858   0.00   0.00  -0.00  -71.22   17.84    6.45 6.000 0.000 0 3 5 2  0.741  0.741   2.69  112.32     0.00    0.00   1   15.00     0    0    0     1   0.0  1   1    7    0   0.000    0.000    0.000  1
  9   1    5  1 0 2   136  16    79  224  224     0.00000   1.78364 3.92684e-03  1059  1841   0.00   0.00  -0.00  -65.22   17.84    6.45 6.000 0.000 0 3 5 2  0.741  0.741   2.69  112.32     0.00    0.00   1   15.00     0    0    0     1   0.0  1   1    7    0   0.000    0.000    0.000  1
 10   1    5  1 0 2   137  16    79  224  224     0.00000   1.78364 3.92684e-03  1038  1804   0.00   0.00  -0.00  -59.22   17.84    6.45 6.000 0.000 0 3 5 2  0.741  0.741   2.69  112.32     0.00    0.00   1   15.00     0    0    0     1   0.0  1   1    7    0   0.000    0.000    0.000  1
 11   1    5  1 0 2   138  16    79  224  224     0.00000   1.78364 3.92684e-03  1018  1770   0.00   0.00  -0.00  -53.22   17.83    6.45 6.000 0.000 0 3 5 2  0.741  0.741   2.69  112.32     0.00    0.00   1   15.00     0    0    0     1   0.0  1   1    7    0   0.000    0.000    0.000  1
 12   1    5  1 0 2   139  16    79  224  224     0.00000   1.78364 3.92684e-03  1004  1745   0.00   0.00  -0.00  -47.22   17.83    6.45 6.000 0.000 0 3 5 2  0.741  0.741   2.69  112.32     0.00    0.00   1   15.00     0    0    0     1   0.0  1   1    7    0   0.000    0.000    0.000  1
 13   1    5  1 0 2   140  16    79  224  224     0.00000   1.78364 3.92684e-03   974  1693   0.00   0.00  -0.00  -41.22   17.83    6.45 6.000 0.000 0 3 5 2  0.741  0.741   2.69  112.32     0.00    0.00   1   15.00     0    0    0     1   0.0  1   1    7    0   0.000    0.000    0.000  1
 14   1    5  1 0 2   141  16    79  224  224     0.00000   1.78364 3.92684e-03   938  1631   0.00   0.00  -0.00  -35.22   17.83    6.45 6.000 0.000 0 3 5 2  0.741  0.741   2.69  112.32     0.00    0.00   1   15.00     0    0    0     1   0.0  1   1    7    0   0.000    0.000    0.000  1
 15   1    5  1 0 2   142  16    79  224  224     0.00000   1.78364 3.92684e-03   817  1419   0.00   0.00  -0.00  -29.22   17.83    6.45 6.000 0.000 0 3 5 2  0.741  0.741   2.69  112.32     0.00    0.00   1   15.00     0    0    0     1   0.0  1   1    7    0   0.000    0.000    0.000  1
 16   1    5  1 0 2   143  16    79  224  224     0.00000   1.78364 3.92684e-03   472   820   0.00   0.00  -0.00  -23.22   17.83    6.45 6.000 0.000 0 3 5 2  0.741  0.741   2.69  112.32     0.00    0.00   1   15.00     0    0    0     1   0.0  1   1    7    0   0.000    0.000    0.000  1
  1   1    5  1 18 5   144  16    79  224  224  -250.00000   0.12210 8.19000e+00     0   500   0.00   0.00  -0.00 -113.22   17.84    6.45 6.000 0.000 0 3 5 2  0.741  0.741   0.00  112.32     0.00    0.00   1   15.00     0    0    0     1   0.0  1   1    7    0   0.000    0.000    0.000  1
  2   1    5  1 18 5   145  16    79  224  224  -250.00000   0.12210 8.19000e+00     0   500   0.00   0.00  -0.00 -107.22   17.84    6.45 6.000 0.000 0 3 5 2  0.741  0.741   0.00  112.32     0.00    0.00   1   15.00     0    0    0     1   0.0  1   1    7    0   0.000    0.000    0.000  1
  3   1    5  1 18 5   146  16    79  224  224  -250.00000   0.12210 8.19000e+00     0   500   0.00   0.00  -0.00 -101.22   17.84    6.45 6.000 0.000 0 3 5 2  0.741  0.741   0.00  112.32     0.00    0.00   1   15.00     0    0    0     1   0.0  1   1    7    0   0.000    0.000    0.000  1
  4   1    5  1 18 5   147  16    79  224  224  -250.00000   0.12210 8.19000e+00     0   500   0.00   0.00  -0.00  -95.22   17.84    6.45 6.000 0.000 0 3 5 2  0.741  0.741   0.00  112.32     0.00    0.00   1   15.00     0    0    0     1   0.0  1   1    7    0   0.000    0.000    0.000  1
  5   1    5  1 18 5   148  16    79  224  224  -250.00000   0.12210 8.19000e+00     0   500   0.00   0.00  -0.00  -89.22   17.84    6.45 6.000 0.000 0 3 5 2  0.741  0.741   0.00  112.32     0.00    0.00   1   15.00     0    0    0     1   0.0  1   1    7    0   0.000    0.000    0.000  1
  6   1    5  1 18 5   149  16    79  224  224  -250.00000   0.12210 8.19000e+00     0   500   0.00   0.00  -0.00  -83.22   17.84    6.45 6.000 0.000 0 3 5 2  0.741  0.741   0.00  112.32     0.00    0.00   1   15.00     0    0    0     1   0.0  1   1    7    0   0.000    0.000    0.000  1
  7   1    5  1 18 5   150  16    79  224  224  -250.00000   0.12210 8.19000e+00     0   500   0.00   0.00  -0.00  -77.22   17.84    6.45 6.000 0.000 0 3 5 2  0.741  0.741   0.00  112.32     0.00    0.00   1   15.00     0    0    0     1   0.0  1   1    7    0   0.000    0.000    0.000  1
  8   1    5  1 18 5   151  16    79  224  224  -250.00000   0.12210 8.19000e+00     0   500   0.00   0.00  -0.00  -71.22   17.84    6.45 6.000 0.000 0 3 5 2  0.741  0.741   0.00  112.32     0.00    0.00   1   15.00     0    0    0     1   0.0  1   1    7    0   0.000    0.000    0.000  1
  9   1    5  1 18 5   152  16    79  224  224  -250.00000   0.12210 8.19000e+00     0   500   0.00   0.00  -0.00  -65.22   17.84    6.45 6.000 0.000 0 3 5 2  0.741  0.741   0.00  112.32     0.00    0.00   1   15.00     0    0    0     1   0.0  1   1    7    0   0.000    0.000    0.000  1
 10   1    5  1 18 5   153  16    79  224  224  -250.00000   0.12210 8.19000e+00     0   500   0.00   0.00  -0.00  -59.22   17.84    6.45 6.000 0.000 0 3 5 2  0.741  0.741   0.00  112.32     0.00    0.00   1   15.00     0    0    0     1   0.0  1   1    7    0   0.000    0.000    0.000  1
 11   1    5  1 18 5   154  16    79  224  224  -250.00000   0.12210 8.19000e+00     0   500   0.00   0.00  -0.00  -53.22   17.83    6.45 6.000 0.000 0 3 5 2  0.741  0.741   0.00  112.32     0.00    0.00   1   15.00     0    0    0     1   0.0  1   1    7    0   0.000    0.000    0.000  1
 12   1    5  1 18 5   155  16    79  224  224  -250.00000   0.12210 8.19000e+00     0   500   0.00   0.00  -0.00  -47.22   17.83    6.45 6.000 0.000 0 3 5 2  0.741  0.741   0.00  112.32     0.00    0.00   1   15.00     0    0    0     1   0.0  1   1    7    0   0.000    0.000    0.000  1
 13   1    5  1 18 5   156  16    79  224  224  -250.00000   0.12210 8.19000e+00     0   500   0.00   0.00  -0.00  -41.22   17.83    6.45 6.000 0.000 0 3 5 2  0.741  0.741   0.00  112.32     0.00    0.00   1   15.00     0    0    0     1   0.0  1   1    7    0   0.000    0.000    0.000  1
 14   1    5  1 18 5   157  16    79  224  224  -250.00000   0.12210 8.19000e+00     0   500   0.00   0.00  -0.00  -35.22   17.83    6.45 6.000 0.000 0 3 5 2  0.741  0.741   0.00  112.32     0.00    0.00   1   15.00     0    0    0     1   0.0  1   1    7    0   0.000    0.000    0.000  1
 15   1    5  1 18 5   158  16    79  224  224  -250.00000   0.12210 8.19000e+00     0   500   0.00   0.00  -0.00  -29.22   17.83    6.45 6.000 0.000 0 3 5 2  0.741  0.741   0.00  112.32     0.00    0.00   1   15.00     0    0    0     1   0.0  1   1    7    0   0.000    0.000    0.000  1
 16   1    5  1 18 5   159  16    79  224  224  -250.00000   0.12210 8.19000e+00     0   500   0.00   0.00  -0.00  -23.22   17.83    6.45 6.000 0.000 0 3 5 2  0.741  0.741   0.00  112.32     0.00    0.00   1   15.00     0    0    0     1   0.0  1   1    7    0   0.000    0.000    0.000  1
  1   1    6  1 0 2   160  16    79  224  224     0.00000   1.78364 3.92684e-03   506   880   0.00   0.00  -0.00 -113.22   17.84    6.45 6.000 0.000 0 3 6 2  0.741  0.741   2.69  140.40     0.00    0.00   1   15.00     0    0    0     1   0.0  1   1    7    0   0.000    0.000    0.000  1
  2   1    6  1 0 2   161  16    79  224  224     0.00000   1.78364 3.92684e-03   949  1649   0.00   0.00  -0.00 -107.22   17.84    6.45 6.000 0.000 0 3 6 2  0.741  0.741   2.69  140.40     0.00    0.00   1   15.00     0    0    0     1   0.0  1   1    7    0   0.000    0.000    0.000  1
  3   1    6  1 0 2   162  16    79  224  224     0.00000   1.78364 3.92684e-03  1041  1809   0.00   0.00  -0.00 -101.22   17.84    6.45 6.000 0.000 0 3 6 2  0.741  0.741   2.69  140.40     0.00    0.00   1   15.00     0    0    0     1   0.0  1   1    7    0   0.000    0.000    0.000  1
  4   1    6  1 0 2   163  16    79  224  224     0.00000   1.78364 3.92684e-03  1042  1811   0.00   0.00  -0.00  -95.22   17.84    6.45 6.000 0.000 0 3 6 2  0.741  0.741   2.69  140.40     0.00    0.00   1   15.00     0    0    0     1   0.0  1   1    7    0   0.000    0.000    0.000  1
  5   1    6  1 0 2   164  16    79  224  224     0.00000   1.78364 3.92684e-03  1064  1850   0.00   0.00  -0.00  -89.22   17.84    6.45 6.000 0.000 0 3 6 2  0.741  0.741   2.69  140.40     0.00    0.00   1   15.00     0    0    0     1   0.0  1   1    7    0   0.000    0.000    0.000  1
  6   1    6  1 0 2   165  16    79  224  224     0.00000   1.78364 3.92684e-03  1070  1860   0.00   0.00  -0.00  -83.22   17.84    6.45 6.000 0.000 0 3 6 2  0.741  0.741   2.69  140.40     0.00    0.00   1   15.00     0    0    0     1   0.0  1   1    7    0   0.000    0.000    0.000  1
  7   1    6  1 0 2   166  16    79  224  224     0.00000   1.78364 3.92684e-03  1081  1878   0.00   0.00  -0.00  -77.22   17.84    6.45 6.000 0.000 0 3 6 2  0.741  0.741   2.69  140.40     0.00    0.00   1   15.00     0    0    0     1   0.0  1   1    7    0   0.000    0.000    0.000  1
  8   1    6  1 0 2   167  16    79  224  224     0.00000   1.78364 3.92684e-03  1067  1855   0.00   0.00  -0.00  -71.22   17.84    6.45 6.000 0.000 0 3 6 2  0.741  0.741   2.69  140.40     0.00    0.00   1   15.00     0    0    0     1   0.0  1   1    7    0   0.000    0.000    0.000  1
  9   1    6  1 0 2   168  16    79  224  224     0.00000   1.78364 3.92684e-03  1063  1847   0.00   0.00  -0.00  -65.22   17.84    6.45 6.000 0.000 0 3 6 2  0.741  0.741   2.69  140.40     0.00    0.00   1   15.00     0    0    0     1   0.0  1   1    7    0   0.000    0.000    0.000  1
 10   1    6  1 0 2   169  16    79  224  224     0.00000   1.78364 3.92684e-03  1044  1815   0.00   0.00  -0.00  -59.22   17.84    6.45 6.000 0.000 0 3 6 2  0.741  0.741   2.69  140.40     0.00    0.00   1   15.00     0    0    0     1   0.0  1   1    7    0   0.000    0.000    0.000  1
 11   1    6  1 0 2   170  16    79  224  224     0.00000   1.78364 3.92684e-03  1019  1771   0.00   0.00  -0.00  -53.22   17.83    6.45 6.000 0.000 0 3 6 2  0.741  0.741   2.69  140.40     0.00    0.00   1   15.00     0    0    0     1   0.0  1   1    7    0   0.000    0.000    0.000  1
 12   1    6  1 0 2   171  16    79  224  224     0.00000   1.78364 3.92684e-03   994  1728   0.00   0.00  -0.00  -47.22   17.83    6.45 6.000 0.000 0 3 6 2  0.741  0.741   2.69  140.40     0.00    0.00   1   15.00     0    0    0     1   0.0  1   1    7    0   0.000    0.000    0.000  1
 13   1    6  1 0 2   172  16    79  224  224     0.00000   1.78364 3.92684e-03   977  1699   0.00   0.00  -0.00  -41.22   17.83    6.45 6.000 0.000 0 3 6 2  0.741  0.741   2.69  140.40     0.00    0.00   1   15.00     0    0    0     1   0.0  1   1    7    0   0.000    0.000    0.000  1
 14   1    6  1 0 2   173  16    79  224  224     0.00000   1.78364 3.92684e-03   949  1649   0.00   0.00  -0.00  -35.22   17.83    6.45 6.000 0.000 0 3 6 2  0.741  0.741   2.69  140.40     0.00    0.00   1   15.00     0    0    0     1   0.0  1   1    7    0   0.000    0.000    0.000  1
 15   1    6  1 0 2   174  16    79  224  224     0.00000   1.78364 3.92684e-03   823  1431   0.00   0.00  -0.00  -29.22   17.83    6.45 6.000 0.000 0 3 6 2  0.741  0.741   2.69  140.40     0.00    0.00   1   15.00     0    0    0     1   0.0  1   1    7    0   0.000    0.000    0.000  1
 16   1    6  1 0 2   175  16    79  224  224     0.00000   1.78364 3.92684e-03   481   837   0.00   0.00  -0.00  -23.22   17.83    6.45 6.000 0.000 0 3 6 2  0.741  0.741   2.69  140.40     0.00    0.00   1   15.00     0    0    0     1   0.0  1   1    7    0   0.000    0.000    0.000  1
  1   1    6  1 18 5   176  16    79  224  224  -250.00000   0.12210 8.19000e+00     0   500   0.00   0.00  -0.00 -113.22   17.84    6.45 6.000 0.000 0 3 6 2  0.741  0.741   0.00  140.40     0.00    0.00   1   15.00     0    0    0     1   0.0  1   1    7    0   0.000    0.000    0.000  1
  2   1    6  1 18 5   177  16    79  224  224  -250.00000   0.12210 8.19000e+00     0   500   0.00   0.00  -0.00 -107.22   17.84    6.45 6.000 0.000 0 3 6 2  0.741  0.741   0.00  140.40     0.00    0.00   1   15.00     0    0    0     1   0.0  1   1    7    0   0.000    0.000    0.000  1
  3   1    6  1 18 5   178  16    79  224  224  -250.00000   0.12210 8.19000e+00     0   500   0.00   0.00  -0.00 -101.22   17.84    6.45 6.000 0.000 0 3 6 2  0.741  0.741   0.00  140.40     0.00    0.00   1   15.00     0    0    0     1   0.0  1   1    7    0   0.000    0.000    0.000  1
  4   1    6  1 18 5   179  16    79  224  224  -250.00000   0.12210 8.19000e+00     0   500   0.00   0.00  -0.00  -95.22   17.84    6.45 6.000 0.000 0 3 6 2  0.741  0.741   0.00  140.40     0.00    0.00   1   15.00     0    0    0     1   0.0  1   1    7    0   0.000    0.000    0.000  1
  5   1    6  1 18 5   180  16    79  224  224  -250.00000   0.12210 8.19000e+00     0   500   0.00   0.00  -0.00  -89.22   17.84    6.45 6.000 0.000 0 3 6 2  0.741  0.741   0.00  140.40     0.00    0.00   1   15.00     0    0    0     1   0.0  1   1    7    0   0.000    0.000    0.000  1
  6   1    6  1 18 5   181  16    79  224  224  -250.00000   0.12210 8.19000e+00     0   500   0.00   0.00  -0.00  -83.22   17.84    6.45 6.000 0.000 0 3 6 2  0.741  0.741   0.00  140.40     0.00    0.00   1   15.00     0    0    0     1   0.0  1   1    7    0   0.000    0.000    0.000  1
  7   1    6  1 18 5   182  16    79  224  224  -250.00000   0.12210 8.19000e+00     0   500   0.00   0.00  -0.00  -77.22   17.84    6.45 6.000 0.000 0 3 6 2  0.741  0.741   0.00  140.40     0.00    0.00   1   15.00     0    0    0     1   0.0  1   1    7    0   0.000    0.000    0.000  1
  8   1    6  1 18 5   183  16    79  224  224  -250.00000   0.12210 8.19000e+00     0   500   0.00   0.00  -0.00  -71.22   17.84    6.45 6.000 0.000 0 3 6 2  0.741  0.741   0.00  140.40     0.00    0.00   1   15.00     0    0    0     1   0.0  1   1    7    0   0.000    0.000    0.000  1
  9   1    6  1 18 5   184  16    79  224  224  -250.00000   0.12210 8.19000e+00     0   500   0.00   0.00  -0.00  -65.22   17.84    6.45 6.000 0.000 0 3 6 2  0.741  0.741   0.00  140.40     0.00    0.00   1   15.00     0    0    0     1   0.0  1   1    7    0   0.000    0.000    0.000  1
 10   1    6  1 18 5   185  16    79  224  224  -250.00000   0.12210 8.19000e+00     0   500   0.00   0.00  -0.00  -59.22   17.84    6.45 6.000 0.000 0 3 6 2  0.741  0.741   0.00  140.40     0.00    0.00   1   15.00     0    0    0     1   0.0  1   1    7    0   0.000    0.000    0.000  1
 11   1    6  1 18 5   186  16    79  224  224  -250.00000   0.12210 8.19000e+00     0   500   0.00   0.00  -0.00  -53.22   17.83    6.45 6.000 0.000 0 3 6 2  0.741  0.741   0.00  140.40     0.00    0.00   1   15.00     0    0    0     1   0.0  1   1    7    0   0.000    0.000    0.000  1
 12   1    6  1 18 5   187  16    79  224  224  -250.00000   0.12210 8.19000e+00     0   500   0.00   0.00  -0.00  -47.22   17.83    6.45 6.000 0.000 0 3 6 2  0.741  0.741   0.00  140.40     0.00    0.00   1   15.00     0    0    0     1   0.0  1   1    7    0   0.000    0.000    0.000  1
 13   1    6  1 18 5   188  16    79  224  224  -250.00000   0.12210 8.19000e+00     0   500   0.00   0.00  -0.00  -41.22   17.83    6.45 6.000 0.000 0 3 6 2  0.741  0.741   0.00  140.40     0.00    0.00   1   15.00     0    0    0     1   0.0  1   1    7    0   0.000    0.000    0.000  1
 14   1    6  1 18 5   189  16    79  224  224  -250.00000   0.12210 8.19000e+00     0   500   0.00   0.00  -0.00  -35.22   17.83    6.45 6.000 0.000 0 3 6 2  0.741  0.741   0.00  140.40     0.00    0.00   1   15.00     0    0    0     1   0.0  1   1    7    0   0.000    0.000    0.000  1
 15   1    6  1 18 5   190  16    79  224  224  -250.00000   0.12210 8.19000e+00     0   500   0.00   0.00  -0.00  -29.22   17.83    6.45 6.000 0.000 0 3 6 2  0.741  0.741   0.00  140.40     0.00    0.00   1   15.00     0    0    0     1   0.0  1   1    7    0   0.000    0.000    0.000  1
 16   1    6  1 18 5   191  16    79  224  224  -250.00000   0.12210 8.19000e+00     0   500   0.00   0.00  -0.00  -23.22   17.83    6.45 6.000 0.000 0 3 6 2  0.741  0.741   0.00  140.40     0.00    0.00   1   15.00     0    0    0     1   0.0  1   1    7    0   0.000    0.000    0.000  1
  1   1    7  1 0 2   192  16    79  224  224     0.00000   1.78364 3.92684e-03   500   870   0.00   0.00  -0.00 -113.22   17.84    6.45 6.000 0.000 0 3 7 2  0.741  0.741   2.69  168.48     0.00    0.00   1   15.00     0    0    0     1   0.0  1   1    7    0   0.000    0.000    0.000  1
  2   1    7  1 0 2   193  16    79  224  224     0.00000   1.78364 3.92684e-03   944  1640   0.00   0.00  -0.00 -107.22   17.84    6.45 6.000 0.000 0 3 7 2  0.741  0.741   2.69  168.48     0.00    0.00   1   15.00     0    0    0     1   0.0  1   1    7    0   0.000    0.000    0.000  1
  3   1    7  1 0 2   194  16    79  224  224     0.00000   1.78364 3.92684e-03  1036  1801   0.00   0.00  -0.00 -101.22   17.84    6.45 6.000 0.000 0 3 7 2  0.741  0.741   2.69  168.48     0.00    0.00   1   15.00     0    0    0     1   0.0  1   1    7    0   0.000    0.000    0.000  1
  4   1    7  1 0 2   195  16    79  224  224     0.00000   1.78364 3.92684e-03  1052  1828   0.00   0.00  -0.00  -95.22   17.84    6.45 6.000 0.000 0 3 7 2  0.741  0.741   2.69  168.48     0.00    0.00   1   15.00     0    0    0     1   0.0  1   1    7    0   0.000    0.000    0.000  1
  5   1    7  1 0 2   196  16    79  224  224     0.00000   1.78364 3.92684e-03  1064  1849   0.00   0.00  -0.00  -89.22   17.84    6.45 6.000 0.000 0 3 7 2  0.741  0.741   2.69  168.48     0.00    0.00   1   15.00     0    0    0     1   0.0  1   1    7    0   0.000    0.000    0.000  1
  6   1    7  1 0 2   197  16    79  224  224     0.00000   1.78364 3.92684e-03  1058  1840   0.00   0.00  -0.00  -83.22   17.84    6.45 6.000 0.000 0 3 7 2  0.741  0.741   2.69  168.48     0.00    0.00   1   15.00     0    0    0     1   0.0  1   1    7    0   0.000    0.000    0.000  1
  7   1    7  1 0 2   198  16    79  224  224     0.00000   1.78364 3.92684e-03  1067  1854   0.00   0.00  -0.00  -77.22   17.84    6.45 6.000 0.000 0 3 7 2  0.741  0.741   2.69  168.48     0.00    0.00   1   15.00     0    0    0     1   0.0  1   1    7    0   0.000    0.000    0.000  1
  8   1    7  1 0 2   199  16    79  224  224     0.00000   1.78364 3.92684e-03  1076  1870   0.00   0.00  -0.00  -71.22   17.84    6.45 6.000 0.000 0 3 7 2  0.741  0.741   2.69  168.48     0.00    0.00   1   15.00     0    0    0     1   0.0  1   1    7    0   0.000    0.000    0.000  1
  9   1    7  1 0 2   200  16    79  224  224     0.00000   1.78364 3.92684e-03  1062  1846   0.00   0.00  -0.00  -65.22   17.84    6.45 6.000 0.000 0 3 7 2  0.741  0.741   2.69  168.48     0.00    0.00   1   15.00     0    0    0     1   0.0  1   1    7    0   0.000    0.000    0.000  1
 10   1    7  1 0 2   201  16    79  224  224     0.00000   1.78364 3.92684e-03  1046  1819   0.00   0.00  -0.00  -59.22   17.84    6.45 6.000 0.000 0 3 7 2  0.741  0.741   2.69  168.48     0.00    0.00   1   15.00     0    0    0     1   0.0  1   1    7    0   0.000    0.000    0.000  1
 11   1    7  1 0 2   202  16    79  224  224     0.00000   1.78364 3.92684e-03  1027  1786   0.00   0.00  -0.00  -53.22   17.83    6.45 6.000 0.000 0 3 7 2  0.741  0.741   2.69  168.48     0.00    0.00   1   15.00     0    0    0     1   0.0  1   1    7    0   0.000    0.000    0.000  1
 12   1    7  1 0 2   203  16    79  224  224     0.00000   1.78364 3.92684e-03  1005  1747   0.00   0.00  -0.00  -47.22   17.83    6.45 6.000 0.000 0 3 7 2  0.741  0.741   2.69  168.48     0.00    0.00   1   15.00     0    0    0     1   0.0  1   1    7    0   0.000    0.000    0.000  1
 13   1    7  1 0 2   204  16    79  224  224     0.00000   1.78364 3.92684e-03   990  1722   0.00   0.00  -0.00  -41.22   17.83    6.45 6.000 0.000 0 3 7 2  0.741  0.741   2.69  168.48     0.00    0.00   1   15.00     0    0    0     1   0.0  1   1    7    0   0.000    0.000    0.000  1
 14   1    7  1 0 2   205  16    79  224  224     0.00000   1.78364 3.92684e-03   950  1652   0.00   0.00  -0.00  -35.22   17.83    6.45 6.000 0.000 0 3 7 2  0.741  0.741   2.69  168.48     0.00    0.00   1   15.00     0    0    0     1   0.0  1   1    7    0   0.000    0.000    0.000  1
 15   1    7  1 0 2   206  16    79  224  224     0.00000   1.78364 3.92684e-03   816  1418   0.00   0.00  -0.00  -29.22   17.83    6.45 6.000 0.000 0 3 7 2  0.741  0.741   2.69  168.48     0.00    0.00   1   15.00     0    0    0     1   0.0  1   1    7    0   0.000    0.000    0.000  1
 16   1    7  1 0 2   207  16    79  224  224     0.00000   1.78364 3.92684e-03   485   844   0.00   0.00  -0.00  -23.22   17.83    6.45 6.000 0.000 0 3 7 2  0.741  0.741   2.69  168.48     0.00    0.00   1   15.00     0    0    0     1   0.0  1   1    7    0   0.000    0.000    0.000  1
  1   1    7  1 18 5   208  16    79  224  224  -250.00000   0.12210 8.19000e+00     0   500   0.00   0.00  -0.00 -113.22   17.84    6.45 6.000 0.000 0 3 7 2  0.741  0.741   0.00  168.48     0.00    0.00   1   15.00     0    0    0     1   0.0  1   1    7    0   0.000    0.000    0.000  1
  2   1    7  1 18 5   209  16    79  224  224  -250.00000   0.12210 8.19000e+00     0   500   0.00   0.00  -0.00 -107.22   17.84    6.45 6.000 0.000 0 3 7 2  0.741  0.741   0.00  168.48     0.00    0.00   1   15.00     0    0    0     1   0.0  1   1    7    0   0.000    0.000    0.000  1
  3   1    7  1 18 5   210  16    79  224  224  -250.00000   0.12210 8.19000e+00     0   500   0.00   0.00  -0.00 -101.22   17.84    6.45 6.000 0.000 0 3 7 2  0.741  0.741   0.00  168.48     0.00    0.00   1   15.00     0    0    0     1   0.0  1   1    7    0   0.000    0.000    0.000  1
  4   1    7  1 18 5   211  16    79  224  224  -250.00000   0.12210 8.19000e+00     0   500   0.00   0.00  -0.00  -95.22   17.84    6.45 6.000 0.000 0 3 7 2  0.741  0.741   0.00  168.48     0.00    0.00   1   15.00     0    0    0     1   0.0  1   1    7    0   0.000    0.000    0.000  1
  5   1    7  1 18 5   212  16    79  224  224  -250.00000   0.12210 8.19000e+00     0   500   0.00   0.00  -0.00  -89.22   17.84    6.45 6.000 0.000 0 3 7 2  0.741  0.741   0.00  168.48     0.00    0.00   1   15.00     0    0    0     1   0.0  1   1    7    0   0.000    0.000    0.000  1
  6   1    7  1 18 5   213  16    79  224  224  -250.00000   0.12210 8.19000e+00     0   500   0.00   0.00  -0.00  -83.22   17.84    6.45 6.000 0.000 0 3 7 2  0.741  0.741   0.00  168.48     0.00    0.00   1   15.00     0    0    0     1   0.0  1   1    7    0   0.000    0.000    0.000  1
  7   1    7  1 18 5   214  16    79  224  224  -250.00000   0.12210 8.19000e+00     0   500   0.00   0.00  -0.00  -77.22   17.84    6.45 6.000 0.000 0 3 7 2  0.741  0.741   0.00  168.48     0.00    0.00   1   15.00     0    0    0     1   0.0  1   1    7    0   0.000    0.000    0.000  1
  8   1    7  1 18 5   215  16    79  224  224  -250.00000   0.12210 8.19000e+00     0   500   0.00   0.00  -0.00  -71.22   17.84    6.45 6.000 0.000 0 3 7 2  0.741  0.741   0.00  168.48     0.00    0.00   1   15.00     0    0    0     1   0.0  1   1    7    0   0.000    0.000    0.000  1
  9   1    7  1 18 5   216  16    79  224  224  -250.00000   0.12210 8.19000e+00     0   500   0.00   0.00  -0.00  -65.22   17.84    6.45 6.000 0.000 0 3 7 2  0.741  0.741   0.00  168.48     0.00    0.00   1   15.00     0    0    0     1   0.0  1   1    7    0   0.000    0.000    0.000  1
 10   1    7  1 18 5   217  16    79  224  224  -250.00000   0.12210 8.19000e+00     0   500   0.00   0.00  -0.00  -59.22   17.84    6.45 6.000 0.000 0 3 7 2  0.741  0.741   0.00  168.48     0.00    0.00   1   15.00     0    0    0     1   0.0  1   1    7    0   0.000    0.000    0.000  1
 11   1    7  1 18 5   218  16    79  224  224  -250.00000   0.12210 8.19000e+00     0   500   0.00   0.00  -0.00  -53.22   17.83    6.45 6.000 0.000 0 3 7 2  0.741  0.741   0.00  168.48     0.00    0.00   1   15.00     0    0    0     1   0.0  1   1    7    0   0.000    0.000    0.000  1
 12   1    7  1 18 5   219  16    79  224  224  -250.00000   0.12210 8.19000e+00     0   500   0.00   0.00  -0.00  -47.22   17.83    6.45 6.000 0.000 0 3 7 2  0.741  0.741   0.00  168.48     0.00    0.00   1   15.00     0    0    0     1   0.0  1   1    7    0   0.000    0.000    0.000  1
 13   1    7  1 18 5   220  16    79  224  224  -250.00000   0.12210 8.19000e+00     0   500   0.00   0.00  -0.00  -41.22   17.83    6.45 6.000 0.000 0 3 7 2  0.741  0.741   0.00  168.48     0.00    0.00   1   15.00     0    0    0     1   0.0  1   1    7    0   0.000    0.000    0.000  1
 14   1    7  1 18 5   221  16    79  224  224  -250.00000   0.12210 8.19000e+00     0   500   0.00   0.00  -0.00  -35.22   17.83    6.45 6.000 0.000 0 3 7 2  0.741  0.741   0.00  168.48     0.00    0.00   1   15.00     0    0    0     1   0.0  1   1    7    0   0.000    0.000    0.000  1
 15   1    7  1 18 5   222  16    79  224  224  -250.00000   0.12210 8.19000e+00     0   500   0.00   0.00  -0.00  -29.22   17.83    6.45 6.000 0.000 0 3 7 2  0.741  0.741   0.00  168.48     0.00    0.00   1   15.00     0    0    0     1   0.0  1   1    7    0   0.000    0.000    0.000  1
 16   1    7  1 18 5   223  16    79  224  224  -250.00000   0.12210 8.19000e+00     0   500   0.00   0.00  -0.00  -23.22   17.83    6.45 6.000 0.000 0 3 7 2  0.741  0.741   0.00  168.48     0.00    0.00   1   15.00     0    0    0     1   0.0  1   1    7    0   0.000    0.000    0.000  1
  1   1    8  1 0 2   224  16    79  224  224     0.00000   1.78364 3.92684e-03   494   859   0.00   0.00  -0.00 -113.22   17.84    6.45 6.000 0.000 0 3 8 2  0.741  0.741   2.69  196.56     0.00    0.00   1   15.00     0    0    0     1   0.0  1   1    7    0   0.000    0.000    0.000  1
  2   1    8  1 0 2   225  16    79  224  224     0.00000   1.78364 3.92684e-03   942  1638   0.00   0.00  -0.00 -107.22   17.84    6.45 6.000 0.000 0 3 8 2  0.741  0.741   2.69  196.56     0.00    0.00   1   15.00     0    0    0     1   0.0  1   1    7    0   0.000    0.000    0.000  1
  3   1    8  1 0 2   226  16    79  224  224     0.00000   1.78364 3.92684e-03  1043  1812   0.00   0.00  -0.00 -101.22   17.84    6.45 6.000 0.000 0 3 8 2  0.741  0.741   2.69  196.56     0.00    0.00   1   15.00     0    0    0     1   0.0  1   1    7    0   0.000    0.000    0.000  1
  4   1    8  1 0 2   227  16    79  224  224     0.00000   1.78364 3.92684e-03  1046  1818   0.00   0.00  -0.00  -95.22   17.84    6.45 6.000 0.000 0 3 8 2  0.741  0.741   2.69  196.56     0.00    0.00   1   15.00     0    0    0     1   0.0  1   1    7    0   0.000    0.000    0.000  1
  5   1    8  1 0 2   228  16    79  224  224     0.00000   1.78364 3.92684e-03  1059  1840   0.00   0.00  -0.00  -89.22   17.84    6.45 6.000 0.000 0 3 8 2  0.741  0.741   2.69  196.56     0.00    0.00   1   15.00     0    0    0     1   0.0  1   1    7    0   0.000    0.000    0.000  1
  6   1    8  1 0 2   229  16    79  224  224     0.00000   1.78364 3.92684e-03  1063  1848   0.00   0.00  -0.00  -83.22   17.84    6.45 6.000 0.000 0 3 8 2  0.741  0.741   2.69  196.56     0.00    0.00   1   15.00     0    0    0     1   0.0  1   1    7    0   0.000    0.000    0.000  1
  7   1    8  1 0 2   230  16    79  224  224     0.00000   1.78364 3.92684e-03  1070  1860   0.00   0.00  -0.00  -77.22   17.84    6.45 6.000 0.000 0 3 8 2  0.741  0.741   2.69  196.56     0.00    0.00   1   15.00     0    0    0     1   0.0  1   1    7    0   0.000    0.000    0.000  1
  8   1    8  1 0 2   231  16    79  224  224     0.00000   1.78364 3.92684e-03  1063  1848   0.00   0.00  -0.00  -71.22   17.84    6.45 6.000 0.000 0 3 8 2  0.741  0.741   2.69  196.56     0.00    0.00   1   15.00     0    0    0     1   0.0  1   1    7    0   0.000    0.000    0.000  1
  9   1    8  1 0 2   232  16    79  224  224     0.00000   1.78364 3.92684e-03  1061  1845   0.00   0.00  -0.00  -65.22   17.84    6.45 6.000 0.000 0 3 8 2  0.741  0.741   2.69  196.56     0.00    0.00   1   15.00     0    0    0     1   0.0  1   1    7    0   0.000    0.000    0.000  1
 10   1    8  1 0 2   233  16    79  224  224     0.00000   1.78364 3.92684e-03  1045  1817   0.00   0.00  -0.00  -59.22   17.84    6.45 6.000 0.000 0 3 8 2  0.741  0.741   2.69  196.56     0.00    0.00   1   15.00     0    0    0     1   0.0  1   1    7    0   0.000    0.000    0.000  1
 11   1    8  1 0 2   234  16    79  224  224     0.00000   1.78364 3.92684e-03  1011  1757   0.00   0.00  -0.00  -53.22   17.83    6.45 6.000 0.000 0 3 8 2  0.741  0.741   2.69  196.56     0.00    0.00   1   15.00     0    0    0     1   0.0  1   1    7    0   0.000    0.000    0.000  1
 12   1    8  1 0 2   235  16    79  224  224     0.00000   1.78364 3.92684e-03   990  1721   0.00   0.00  -0.00  -47.22   17.83    6.45 6.000 0.000 0 3 8 2  0.741  0.741   2.69  196.56     0.00    0.00   1   15.00     0    0    0     1   0.0  1   1    7    0   0.000    0.000    0.000  1
 13   1    8  1 0 2   236  16    79  224  224     0.00000   1.78364 3.92684e-03   975  1695   0.00   0.00  -0.00  -41.22   17.83    6.45 6.000 0.000 0 3 8 2  0.741  0.741   2.69  196.56     0.00    0.00   1   15.00     0    0    0     1   0.0  1   1    7    0   0.000    0.000    0.000  1
 14   1    8  1 0 2   237  16    79  224  224     0.00000   1.78364 3.92684e-03   923  1604   0.00   0.00  -0.00  -35.22   17.83    6.45 6.000 0.000 0 3 8 2  0.741  0.741   2.69  196.56     0.00    0.00   1   15.00     0    0    0     1   0.0  1   1    7    0   0.000    0.000    0.000  1
 15   1    8  1 0 2   238  16    79  224  224     0.00000   1.78364 3.92684e-03   812  1411   0.00   0.00  -0.00  -29.22   17.83    6.45 6.000 0.000 0 3 8 2  0.741  0.741   2.69  196.56     0.00    0.00   1   15.00     0    0    0     1   0.0  1   1    7    0   0.000    0.000    0.000  1
 16   1    8  1 0 2   239  16    79  224  224     0.00000   1.78364 3.92684e-03   475   826   0.00   0.00  -0.00  -23.22   17.83    6.45 6.000 0.000 0 3 8 2  0.741  0.741   2.69  196.56     0.00    0.00   1   15.00     0    0    0     1   0.0  1   1    7    0   0.000    0.000    0.000  1
  1   1    8  1 18 5   240  16    79  224  224  -250.00000   0.12210 8.19000e+00     0   500   0.00   0.00  -0.00 -113.22   17.84    6.45 6.000 0.000 0 3 8 2  0.741  0.741   0.00  196.56     0.00    0.00   1   15.00     0    0    0     1   0.0  1   1    7    0   0.000    0.000    0.000  1
  2   1    8  1 18 5   241  16    79  224  224  -250.00000   0.12210 8.19000e+00     0   500   0.00   0.00  -0.00 -107.22   17.84    6.45 6.000 0.000 0 3 8 2  0.741  0.741   0.00  196.56     0.00    0.00   1   15.00     0    0    0     1   0.0  1   1    7    0   0.000    0.000    0.000  1
  3   1    8  1 18 5   242  16    79  224  224  -250.00000   0.12210 8.19000e+00     0   500   0.00   0.00  -0.00 -101.22   17.84    6.45 6.000 0.000 0 3 8 2  0.741  0.741   0.00  196.56     0.00    0.00   1   15.00     0    0    0     1   0.0  1   1    7    0   0.000    0.000    0.000  1
  4   1    8  1 18 5   243  16    79  224  224  -250.00000   0.12210 8.19000e+00     0   500   0.00   0.00  -0.00  -95.22   17.84    6.45 6.000 0.000 0 3 8 2  0.741  0.741   0.00  196.56     0.00    0.00   1   15.00     0    0    0     1   0.0  1   1    7    0   0.000    0.000    0.000  1
  5   1    8  1 18 5   244  16    79  224  224  -250.00000   0.12210 8.19000e+00     0   500   0.00   0.00  -0.00  -89.22   17.84    6.45 6.000 0.000 0 3 8 2  0.741  0.741   0.00  196.56     0.00    0.00   1   15.00     0    0    0     1   0.0  1   1    7    0   0.000    0.000    0.000  1
  6   1    8  1 18 5   245  16    79  224  224  -250.00000   0.12210 8.19000e+00     0   500   0.00   0.00  -0.00  -83.22   17.84    6.45 6.000 0.000 0 3 8 2  0.741  0.741   0.00  196.56     0.00    0.00   1   15.00     0    0    0     1   0.0  1   1    7    0   0.000    0.000    0.000  1
  7   1    8  1 18 5   246  16    79  224  224  -250.00000   0.12210 8.19000e+00     0   500   0.00   0.00  -0.00  -77.22   17.84    6.45 6.000 0.000 0 3 8 2  0.741  0.741   0.00  196.56     0.00    0.00   1   15.00     0    0    0     1   0.0  1   1    7    0   0.000    0.000    0.000  1
  8   1    8  1 18 5   247  16    79  224  224  -250.00000   0.12210 8.19000e+00     0   500   0.00   0.00  -0.00  -71.22   17.84    6.45 6.000 0.000 0 3 8 2  0.741  0.741   0.00  196.56     0.00    0.00   1   15.00     0    0    0     1   0.0  1   1    7    0   0.000    0.000    0.000  1
  9   1    8  1 18 5   248  16    79  224  224  -250.00000   0.12210 8.19000e+00     0   500   0.00   0.00  -0.00  -65.22   17.84    6.45 6.000 0.000 0 3 8 2  0.741  0.741   0.00  196.56     0.00    0.00   1   15.00     0    0    0     1   0.0  1   1    7    0   0.000    0.000    0.000  1
 10   1    8  1 18 5   249  16    79  224  224  -250.00000   0.12210 8.19000e+00     0   500   0.00   0.00  -0.00  -59.22   17.84    6.45 6.000 0.000 0 3 8 2  0.741  0.741   0.00  196.56     0.00    0.00   1   15.00     0    0    0     1   0.0  1   1    7    0   0.000    0.000    0.000  1
 11   1    8  1 18 5   250  16    79  224  224  -250.00000   0.12210 8.19000e+00     0   500   0.00   0.00  -0.00  -53.22   17.83    6.45 6.000 0.000 0 3 8 2  0.741  0.741   0.00  196.56     0.00    0.00   1   15.00     0    0    0     1   0.0  1   1    7    0   0.000    0.000    0.000  1
 12   1    8  1 18 5   251  16    79  224  224  -250.00000   0.12210 8.19000e+00     0   500   0.00   0.00  -0.00  -47.22   17.83    6.45 6.000 0.000 0 3 8 2  0.741  0.741   0.00  196.56     0.00    0.00   1   15.00     0    0    0     1   0.0  1   1    7    0   0.000    0.000    0.000  1
 13   1    8  1 18 5   252  16    79  224  224  -250.00000   0.12210 8.19000e+00     0   500   0.00   0.00  -0.00  -41.22   17.83    6.45 6.000 0.000 0 3 8 2  0.741  0.741   0.00  196.56     0.00    0.00   1   15.00     0    0    0     1   0.0  1   1    7    0   0.000    0.000    0.000  1
 14   1    8  1 18 5   253  16    79  224  224  -250.00000   0.12210 8.19000e+00     0   500   0.00   0.00  -0.00  -35.22   17.83    6.45 6.000 0.000 0 3 8 2  0.741  0.741   0.00  196.56     0.00    0.00   1   15.00     0    0    0     1   0.0  1   1    7    0   0.000    0.000    0.000  1
 15   1    8  1 18 5   254  16    79  224  224  -250.00000   0.12210 8.19000e+00     0   500   0.00   0.00  -0.00  -29.22   17.83    6.45 6.000 0.000 0 3 8 2  0.741  0.741   0.00  196.56     0.00    0.00   1   15.00     0    0    0     1   0.0  1   1    7    0   0.000    0.000    0.000  1
 16   1    8  1 18 5   255  16    79  224  224  -250.00000   0.12210 8.19000e+00     0   500   0.00   0.00  -0.00  -23.22   17.83    6.45 6.000 0.000 0 3 8 2  0.741  0.741   0.00  196.56     0.00    0.00   1   15.00     0    0    0     1   0.0  1   1    7    0   0.000    0.000    0.000  1
  1   1    9  1 0 2   256  16    79  224  224     0.00000   1.78364 3.92684e-03   488   849   0.00   0.00  -0.00 -113.22   17.84    6.45 6.000 0.000 0 3 9 2  0.741  0.741   2.69  224.64     0.00    0.00   1   15.00     0    0    0     1   0.0  1   1    7    0   0.000    0.000    0.000  1
  2   1    9  1 0 2   257  16    79  224  224     0.00000   1.78364 3.92684e-03   957  1664   0.00   0.00  -0.00 -107.22   17.84    6.45 6.000 0.000 0 3 9 2  0.741  0.741   2.69  224.64     0.00    0.00   1   15.00     0    0    0     1   0.0  1   1    7    0   0.000    0.000    0.000  1
  3   1    9  1 0 2   258  16    79  224  224     0.00000   1.78364 3.92684e-03  1039  1806   0.00   0.00  -0.00 -101.22   17.84    6.45 6.000 0.000 0 3 9 2  0.741  0.741   2.69  224.64     0.00    0.00   1   15.00     0    0    0     1   0.0  1   1    7    0   0.000    0.000    0.000  1
  4   1    9  1 0 2   259  16    79  224  224     0.00000   1.78364 3.92684e-03  1050  1825   0.00   0.00  -0.00  -95.22   17.84    6.45 6.000 0.000 0 3 9 2  0.741  0.741   2.69  224.64     0.00    0.00   1   15.00     0    0    0     1   0.0  1   1    7    0   0.000    0.000    0.000  1
  5   1    9  1 0 2   260  16    79  224  224     0.00000   1.78364 3.92684e-03  1070  1860   0.00   0.00  -0.00  -89.22   17.84    6.45 6.000 0.000 0 3 9 2  0.741  0.741   2.69  224.64     0.00    0.00   1   15.00     0    0    0     1   0.0  1   1    7    0   0.000    0.000    0.000  1
  6   1    9  1 0 2   261  16    79  224  224     0.00000   1.78364 3.92684e-03  1070  1859   0.00   0.00  -0.00  -83.22   17.84    6.45 6.000 0.000 0 3 9 2  0.741  0.741   2.69  224.64     0.00    0.00   1   15.00     0    0    0     1   0.0  1   1    7    0   0.000    0.000    0.000  1
  7   1    9  1 0 2   262  16    79  224  224     0.00000   1.78364 3.92684e-03  1077  1873   0.00   0.00  -0.00  -77.22   17.84    6.45 6.000 0.000 0 3 9 2  0.741  0.741   2.69  224.64     0.00    0.00   1   15.00     0    0    0     1   0.0  1   1    7    0   0.000    0.000    0.000  1
  8   1    9  1 0 2   263  16    79  224  224     0.00000   1.78364 3.92684e-03  1069  1858   0.00   0.00  -0.00  -71.22   17.84    6.45 6.000 0.000 0 3 9 2  0.741  0.741   2.69  224.64     0.00    0.00   1   15.00     0    0    0     1   0.0  1   1    7    0   0.000    0.000    0.000  1
  9   1    9  1 0 2   264  16    79  224  224     0.00000   1.78364 3.92684e-03  1069  1858   0.00   0.00  -0.00  -65.22   17.84    6.45 6.000 0.000 0 3 9 2  0.741  0.741   2.69  224.64     0.00    0.00   1   15.00     0    0    0     1   0.0  1   1    7    0   0.000    0.000    0.000  1
 10   1    9  1 0 2   265  16    79  224  224     0.00000   1.78364 3.92684e-03  1055  1833   0.00   0.00  -0.00  -59.22   17.84    6.45 6.000 0.000 0 3 9 2  0.741  0.741   2.69  224.64     0.00    0.00   1   15.00     0    0    0     1   0.0  1   1    7    0   0.000    0.000    0.000  1
 11   1    9  1 0 2   266  16    79  224  224     0.00000   1.78364 3.92684e-03  1020  1774   0.00   0.00  -0.00  -53.22   17.83    6.45 6.000 0.000 0 3 9 2  0.741  0.741   2.69  224.64     0.00    0.00   1   15.00     0    0    0     1   0.0  1   1    7    0   0.000    0.000    0.000  1
 12   1    9  1 0 2   267  16    79  224  224     0.00000   1.78364 3.92684e-03  1009  1754   0.00   0.00  -0.00  -47.22   17.83    6.45 6.000 0.000 0 3 9 2  0.741  0.741   2.69  224.64     0.00    0.00   1   15.00     0    0    0     1   0.0  1   1    7    0   0.000    0.000    0.000  1
 13   1    9  1 0 2   268  16    79  224  224     0.00000   1.78364 3.92684e-03   981  1705   0.00   0.00  -0.00  -41.22   17.83    6.45 6.000 0.000 0 3 9 2  0.741  0.741   2.69  224.64     0.00    0.00   1   15.00     0    0    0     1   0.0  1   1    7    0   0.000    0.000    0.000  1
 14   1    9  1 0 2   269  16    79  224  224     0.00000   1.78364 3.92684e-03   939  1632   0.00   0.00  -0.00  -35.22   17.83    6.45 6.000 0.000 0 3 9 2  0.741  0.741   2.69  224.64     0.00    0.00   1   15.00     0    0    0     1   0.0  1   1    7    0   0.000    0.000    0.000  1
 15   1    9  1 0 2   270  16    79  224  224     0.00000   1.78364 3.92684e-03   851  1480   0.00   0.00  -0.00  -29.22   17.83    6.45 6.000 0.000 0 3 9 2  0.741  0.741   2.69  224.64     0.00    0.00   1   15.00     0    0    0     1   0.0  1   1    7    0   0.000    0.000    0.000  1
 16   1    9  1 0 2   271  16    79  224  224     0.00000   1.78364 3.92684e-03   503   874   0.00   0.00  -0.00  -23.22   17.83    6.45 6.000 0.000 0 3 9 2  0.741  0.741   2.69  224.64     0.00    0.00   1   15.00     0    0    0     1   0.0  1   1    7    0   0.000    0.000    0.000  1
  1   1    9  1 18 5   272  16    79  224  224  -250.00000   0.12210 8.19000e+00     0   500   0.00   0.00  -0.00 -113.22   17.84    6.45 6.000 0.000 0 3 9 2  0.741  0.741   0.00  224.64     0.00    0.00   1   15.00     0    0    0     1   0.0  1   1    7    0   0.000    0.000    0.000  1
  2   1    9  1 18 5   273  16    79  224  224  -250.00000   0.12210 8.19000e+00     0   500   0.00   0.00  -0.00 -107.22   17.84    6.45 6.000 0.000 0 3 9 2  0.741  0.741   0.00  224.64     0.00    0.00   1   15.00     0    0    0     1   0.0  1   1    7    0   0.000    0.000    0.000  1
  3   1    9  1 18 5   274  16    79  224  224  -250.00000   0.12210 8.19000e+00     0   500   0.00   0.00  -0.00 -101.22   17.84    6.45 6.000 0.000 0 3 9 2  0.741  0.741   0.00  224.64     0.00    0.00   1   15.00     0    0    0     1   0.0  1   1    7    0   0.000    0.000    0.000  1
  4   1    9  1 18 5   275  16    79  224  224  -250.00000   0.12210 8.19000e+00     0   500   0.00   0.00  -0.00  -95.22   17.84    6.45 6.000 0.000 0 3 9 2  0.741  0.741   0.00  224.64     0.00    0.00   1   15.00     0    0    0     1   0.0  1   1    7    0   0.000    0.000    0.000  1
  5   1    9  1 18 5   276  16    79  224  224  -250.00000   0.12210 8.19000e+00     0   500   0.00   0.00  -0.00  -89.22   17.84    6.45 6.000 0.000 0 3 9 2  0.741  0.741   0.00  224.64     0.00    0.00   1   15.00     0    0    0     1   0.0  1   1    7    0   0.000    0.000    0.000  1
  6   1    9  1 18 5   277  16    79  224  224  -250.00000   0.12210 8.19000e+00     0   500   0.00   0.00  -0.00  -83.22   17.84    6.45 6.000 0.000 0 3 9 2  0.741  0.741   0.00  224.64     0.00    0.00   1   15.00     0    0    0     1   0.0  1   1    7    0   0.000    0.000    0.000  1
  7   1    9  1 18 5   278  16    79  224  224  -250.00000   0.12210 8.19000e+00     0   500   0.00   0.00  -0.00  -77.22   17.84    6.45 6.000 0.000 0 3 9 2  0.741  0.741   0.00  224.64     0.00    0.00   1   15.00     0    0    0     1   0.0  1   1    7    0   0.000    0.000    0.000  1
  8   1    9  1 18 5   279  16    79  224  224  -250.00000   0.12210 8.19000e+00     0   500   0.00   0.00  -0.00  -71.22   17.84    6.45 6.000 0.000 0 3 9 2  0.741  0.741   0.00  224.64     0.00    0.00   1   15.00     0    0    0     1   0.0  1   1    7    0   0.000    0.000    0.000  1
  9   1    9  1 18 5   280  16    79  224  224  -250.00000   0.12210 8.19000e+00     0   500   0.00   0.00  -0.00  -65.22   17.84    6.45 6.000 0.000 0 3 9 2  0.741  0.741   0.00  224.64     0.00    0.00   1   15.00     0    0    0     1   0.0  1   1    7    0   0.000    0.000    0.000  1
 10   1    9  1 18 5   281  16    79  224  224  -250.00000   0.12210 8.19000e+00     0   500   0.00   0.00  -0.00  -59.22   17.84    6.45 6.000 0.000 0 3 9 2  0.741  0.741   0.00  224.64     0.00    0.00   1   15.00     0    0    0     1   0.0  1   1    7    0   0.000    0.000    0.000  1
 11   1    9  1 18 5   282  16    79  224  224  -250.00000   0.12210 8.19000e+00     0   500   0.00   0.00  -0.00  -53.22   17.83    6.45 6.000 0.000 0 3 9 2  0.741  0.741   0.00  224.64     0.00    0.00   1   15.00     0    0    0     1   0.0  1   1    7    0   0.000    0.000    0.000  1
 12   1    9  1 18 5   283  16    79  224  224  -250.00000   0.12210 8.19000e+00     0   500   0.00   0.00  -0.00  -47.22   17.83    6.45 6.000 0.000 0 3 9 2  0.741  0.741   0.00  224.64     0.00    0.00   1   15.00     0    0    0     1   0.0  1   1    7    0   0.000    0.000    0.000  1
 13   1    9  1 18 5   284  16    79  224  224  -250.00000   0.12210 8.19000e+00     0   500   0.00   0.00  -0.00  -41.22   17.83    6.45 6.000 0.000 0 3 9 2  0.741  0.741   0.00  224.64     0.00    0.00   1   15.00     0    0    0     1   0.0  1   1    7    0   0.000    0.000    0.000  1
 14   1    9  1 18 5   285  16    79  224  224  -250.00000   0.12210 8.19000e+00     0   500   0.00   0.00  -0.00  -35.22   17.83    6.45 6.000 0.000 0 3 9 2  0.741  0.741   0.00  224.64     0.00    0.00   1   15.00     0    0    0     1   0.0  1   1    7    0   0.000    0.000    0.000  1
 15   1    9  1 18 5   286  16    79  224  224  -250.00000   0.12210 8.19000e+00     0   500   0.00   0.00  -0.00  -29.22   17.83    6.45 6.000 0.000 0 3 9 2  0.741  0.741   0.00  224.64     0.00    0.00   1   15.00     0    0    0     1   0.0  1   1    7    0   0.000    0.000    0.000  1
 16   1    9  1 18 5   287  16    79  224  224  -250.00000   0.12210 8.19000e+00     0   500   0.00   0.00  -0.00  -23.22   17.83    6.45 6.000 0.000 0 3 9 2  0.741  0.741   0.00  224.64     0.00    0.00   1   15.00     0    0    0     1   0.0  1   1    7    0   0.000    0.000    0.000  1
  1   1   10  1 0 2   288  16    79  224  224     0.00000   1.78364 3.92684e-03   502   873   0.00   0.00  -0.00 -113.22   17.84    6.45 6.000 0.000 0 3 10 2  0.741  0.741   2.69  252.72     0.00    0.00   1   15.00     0    0    0     1   0.0  1   1    7    0   0.000    0.000    0.000  1
  2   1   10  1 0 2   289  16    79  224  224     0.00000   1.78364 3.92684e-03   971  1688   0.00   0.00  -0.00 -107.22   17.84    6.45 6.000 0.000 0 3 10 2  0.741  0.741   2.69  252.72     0.00    0.00   1   15.00     0    0    0     1   0.0  1   1    7    0   0.000    0.000    0.000  1
  3   1   10  1 0 2   290  16    79  224  224     0.00000   1.78364 3.92684e-03  1046  1819   0.00   0.00  -0.00 -101.22   17.84    6.45 6.000 0.000 0 3 10 2  0.741  0.741   2.69  252.72     0.00    0.00   1   15.00     0    0    0     1   0.0  1   1    7    0   0.000    0.000    0.000  1
  4   1   10  1 0 2   291  16    79  224  224     0.00000   1.78364 3.92684e-03  1050  1825   0.00   0.00  -0.00  -95.22   17.84    6.45 6.000 0.000 0 3 10 2  0.741  0.741   2.69  252.72     0.00    0.00   1   15.00     0    0    0     1   0.0  1   1    7    0   0.000    0.000    0.000  1
  5   1   10  1 0 2   292  16    79  224  224     0.00000   1.78364 3.92684e-03  1070  1860   0.00   0.00  -0.00  -89.22   17.84    6.45 6.000 0.000 0 3 10 2  0.741  0.741   2.69  252.72     0.00    0.00   1   15.00     0    0    0     1   0.0  1   1    7    0   0.000    0.000    0.000  1
  6   1   10  1 0 2   293  16    79  224  224     0.00000   1.78364 3.92684e-03  1076  1871   0.00   0.00  -0.00  -83.22   17.84    6.45 6.000 0.000 0 3 10 2  0.741  0.741   2.69  252.72     0.00    0.00   1   15.00     0    0    0     1   0.0  1   1    7    0   0.000    0.000    0.000  1
  7   1   10  1 0 2   294  16    79  224  224     0.00000   1.78364 3.92684e-03  1087  1890   0.00   0.00  -0.00  -77.22   17.84    6.45 6.000 0.000 0 3 10 2  0.741  0.741   2.69  252.72     0.00    0.00   1   15.00     0    0    0     1   0.0  1   1    7    0   0.000    0.000    0.000  1
  8   1   10  1 0 2   295  16    79  224  224     0.00000   1.78364 3.92684e-03  1080  1877   0.00   0.00  -0.00  -71.22   17.84    6.45 6.000 0.000 0 3 10 2  0.741  0.741   2.69  252.72     0.00    0.00   1   15.00     0    0    0     1   0.0  1   1    7    0   0.000    0.000    0.000  1
  9   1   10  1 0 2   296  16    79  224  224     0.00000   1.78364 3.92684e-03  1067  1855   0.00   0.00  -0.00  -65.22   17.84    6.45 6.000 0.000 0 3 10 2  0.741  0.741   2.69  252.72     0.00    0.00   1   15.00     0    0    0     1   0.0  1   1    7    0   0.000    0.000    0.000  1
 10   1   10  1 0 2   297  16    79  224  224     0.00000   1.78364 3.92684e-03  1055  1834   0.00   0.00  -0.00  -59.22   17.84    6.45 6.000 0.000 0 3 10 2  0.741  0.741   2.69  252.72     0.00    0.00   1   15.00     0    0    0     1   0.0  1   1    7    0   0.000    0.000    0.000  1
 11   1   10  1 0 2   298  16    79  224  224     0.00000   1.78364 3.92684e-03  1032  1795   0.00   0.00  -0.00  -53.22   17.83    6.45 6.000 0.000 0 3 10 2  0.741  0.741   2.69  252.72     0.00    0.00   1   15.00     0    0    0     1   0.0  1   1    7    0   0.000    0.000    0.000  1
 12   1   10  1 0 2   299  16    79  224  224     0.00000   1.78364 3.92684e-03  1012  1760   0.00   0.00  -0.00  -47.22   17.83    6.45 6.000 0.000 0 3 10 2  0.741  0.741   2.69  252.72     0.00    0.00   1   15.00     0    0    0     1   0.0  1   1    7    0   0.000    0.000    0.000  1
 13   1   10  1 0 2   300  16    79  224  224     0.00000   1.78364 3.92684e-03   987  1715   0.00   0.00  -0.00  -41.22   17.83    6.45 6.000 0.000 0 3 10 2  0.741  0.741   2.69  252.72     0.00    0.00   1   15.00     0    0    0     1   0.0  1   1    7    0   0.000    0.000    0.000  1
 14   1   10  1 0 2   301  16    79  224  224     0.00000   1.78364 3.92684e-03   946  1644   0.00   0.00  -0.00  -35.22   17.83    6.45 6.000 0.000 0 3 10 2  0.741  0.741   2.69  252.72     0.00    0.00   1   15.00     0    0    0     1   0.0  1   1    7    0   0.000    0.000    0.000  1
 15   1   10  1 0 2   302  16    79  224  224     0.00000   1.78364 3.92684e-03   813  1413   0.00   0.00  -0.00  -29.22   17.83    6.45 6.000 0.000 0 3 10 2  0.741  0.741   2.69  252.72     0.00    0.00   1   15.00     0    0    0     1   0.0  1   1    7    0   0.000    0.000    0.000  1
 16   1   10  1 0 2   303  16    79  224  224     0.00000   1.78364 3.92684e-03   470   817   0.00   0.00  -0.00  -23.22   17.83    6.45 6.000 0.000 0 3 10 2  0.741  0.741   2.69  252.72     0.00    0.00   1   15.00     0    0    0     1   0.0  1   1    7    0   0.000    0.000    0.000  1
  1   1   10  1 18 5   304  16    79  224  224  -250.00000   0.12210 8.19000e+00     0   500   0.00   0.00  -0.00 -113.22   17.84    6.45 6.000 0.000 0 3 10 2  0.741  0.741   0.00  252.72     0.00    0.00   1   15.00     0    0    0     1   0.0  1   1    7    0   0.000    0.000    0.000  1
  2   1   10  1 18 5   305  16    79  224  224  -250.00000   0.12210 8.19000e+00     0   500   0.00   0.00  -0.00 -107.22   17.84    6.45 6.000 0.000 0 3 10 2  0.741  0.741   0.00  252.72     0.00    0.00   1   15.00     0    0    0     1   0.0  1   1    7    0   0.000    0.000    0.000  1
  3   1   10  1 18 5   306  16    79  224  224  -250.00000   0.12210 8.19000e+00     0   500   0.00   0.00  -0.00 -101.22   17.84    6.45 6.000 0.000 0 3 10 2  0.741  0.741   0.00  252.72     0.00    0.00   1   15.00     0    0    0     1   0.0  1   1    7    0   0.000    0.000    0.000  1
  4   1   10  1 18 5   307  16    79  224  224  -250.00000   0.12210 8.19000e+00     0   500   0.00   0.00  -0.00  -95.22   17.84    6.45 6.000 0.000 0 3 10 2  0.741  0.741   0.00  252.72     0.00    0.00   1   15.00     0    0    0     1   0.0  1   1    7    0   0.000    0.000    0.000  1
  5   1   10  1 18 5   308  16    79  224  224  -250.00000   0.12210 8.19000e+00     0   500   0.00   0.00  -0.00  -89.22   17.84    6.45 6.000 0.000 0 3 10 2  0.741  0.741   0.00  252.72     0.00    0.00   1   15.00     0    0    0     1   0.0  1   1    7    0   0.000    0.000    0.000  1
  6   1   10  1 18 5   309  16    79  224  224  -250.00000   0.12210 8.19000e+00     0   500   0.00   0.00  -0.00  -83.22   17.84    6.45 6.000 0.000 0 3 10 2  0.741  0.741   0.00  252.72     0.00    0.00   1   15.00     0    0    0     1   0.0  1   1    7    0   0.000    0.000    0.000  1
  7   1   10  1 18 5   310  16    79  224  224  -250.00000   0.12210 8.19000e+00     0   500   0.00   0.00  -0.00  -77.22   17.84    6.45 6.000 0.000 0 3 10 2  0.741  0.741   0.00  252.72     0.00    0.00   1   15.00     0    0    0     1   0.0  1   1    7    0   0.000    0.000    0.000  1
  8   1   10  1 18 5   311  16    79  224  224  -250.00000   0.12210 8.19000e+00     0   500   0.00   0.00  -0.00  -71.22   17.84    6.45 6.000 0.000 0 3 10 2  0.741  0.741   0.00  252.72     0.00    0.00   1   15.00     0    0    0     1   0.0  1   1    7    0   0.000    0.000    0.000  1
  9   1   10  1 18 5   312  16    79  224  224  -250.00000   0.12210 8.19000e+00     0   500   0.00   0.00  -0.00  -65.22   17.84    6.45 6.000 0.000 0 3 10 2  0.741  0.741   0.00  252.72     0.00    0.00   1   15.00     0    0    0     1   0.0  1   1    7    0   0.000    0.000    0.000  1
 10   1   10  1 18 5   313  16    79  224  224  -250.00000   0.12210 8.19000e+00     0   500   0.00   0.00  -0.00  -59.22   17.84    6.45 6.000 0.000 0 3 10 2  0.741  0.741   0.00  252.72     0.00    0.00   1   15.00     0    0    0     1   0.0  1   1    7    0   0.000    0.000    0.000  1
 11   1   10  1 18 5   314  16    79  224  224  -250.00000   0.12210 8.19000e+00     0   500   0.00   0.00  -0.00  -53.22   17.83    6.45 6.000 0.000 0 3 10 2  0.741  0.741   0.00  252.72     0.00    0.00   1   15.00     0    0    0     1   0.0  1   1    7    0   0.000    0.000    0.000  1
 12   1   10  1 18 5   315  16    79  224  224  -250.00000   0.12210 8.19000e+00     0   500   0.00   0.00  -0.00  -47.22   17.83    6.45 6.000 0.000 0 3 10 2  0.741  0.741   0.00  252.72     0.00    0.00   1   15.00     0    0    0     1   0.0  1   1    7    0   0.000    0.000    0.000  1
 13   1   10  1 18 5   316  16    79  224  224  -250.00000   0.12210 8.19000e+00     0   500   0.00   0.00  -0.00  -41.22   17.83    6.45 6.000 0.000 0 3 10 2  0.741  0.741   0.00  252.72     0.00    0.00   1   15.00     0    0    0     1   0.0  1   1    7    0   0.000    0.000    0.000  1
 14   1   10  1 18 5   317  16    79  224  224  -250.00000   0.12210 8.19000e+00     0   500   0.00   0.00  -0.00  -35.22   17.83    6.45 6.000 0.000 0 3 10 2  0.741  0.741   0.00  252.72     0.00    0.00   1   15.00     0    0    0     1   0.0  1   1    7    0   0.000    0.000    0.000  1
 15   1   10  1 18 5   318  16    79  224  224  -250.00000   0.12210 8.19000e+00     0   500   0.00   0.00  -0.00  -29.22   17.83    6.45 6.000 0.000 0 3 10 2  0.741  0.741   0.00  252.72     0.00    0.00   1   15.00     0    0    0     1   0.0  1   1    7    0   0.000    0.000    0.000  1
 16   1   10  1 18 5   319  16    79  224  224  -250.00000   0.12210 8.19000e+00     0   500   0.00   0.00  -0.00  -23.22   17.83    6.45 6.000 0.000 0 3 10 2  0.741  0.741   0.00  252.72     0.00    0.00   1   15.00     0    0    0     1   0.0  1   1    7    0   0.000    0.000    0.000  1
  1   1   11  1 0 2   320  16    79  224  224     0.00000   1.78364 3.92684e-03   489   849   0.00   0.00  -0.00 -113.22   17.84    6.45 6.000 0.000 0 3 11 2  0.741  0.741   2.69  280.80     0.00    0.00   1   15.00     0    0    0     1   0.0  1   1    7    0   0.000    0.000    0.000  1
  2   1   11  1 0 2   321  16    79  224  224     0.00000   1.78364 3.92684e-03   937  1629   0.00   0.00  -0.00 -107.22   17.84    6.45 6.000 0.000 0 3 11 2  0.741  0.741   2.69  280.80     0.00    0.00   1   15.00     0    0    0     1   0.0  1   1    7    0   0.000    0.000    0.000  1
  3   1   11  1 0 2   322  16    79  224  224     0.00000   1.78364 3.92684e-03  1039  1806   0.00   0.00  -0.00 -101.22   17.84    6.45 6.000 0.000 0 3 11 2  0.741  0.741   2.69  280.80     0.00    0.00   1   15.00     0    0    0     1   0.0  1   1    7    0   0.000    0.000    0.000  1
  4   1   11  1 0 2   323  16    79  224  224     0.00000   1.78364 3.92684e-03  1052  1829   0.00   0.00  -0.00  -95.22   17.84    6.45 6.000 0.000 0 3 11 2  0.741  0.741   2.69  280.80     0.00    0.00   1   15.00     0    0    0     1   0.0  1   1    7    0   0.000    0.000    0.000  1
  5   1   11  1 0 2   324  16    79  224  224     0.00000   1.78364 3.92684e-03  1065  1851   0.00   0.00  -0.00  -89.22   17.84    6.45 6.000 0.000 0 3 11 2  0.741  0.741   2.69  280.80     0.00    0.00   1   15.00     0    0    0     1   0.0  1   1    7    0   0.000    0.000    0.000  1
  6   1   11  1 0 2   325  16    79  224  224     0.00000   1.78364 3.92684e-03  1070  1861   0.00   0.00  -0.00  -83.22   17.84    6.45 6.000 0.000 0 3 11 2  0.741  0.741   2.69  280.80     0.00    0.00   1   15.00     0    0    0     1   0.0  1   1    7    0   0.000    0.000    0.000  1
  7   1   11  1 0 2   326  16    79  224  224     0.00000   1.78364 3.92684e-03  1074  1866   0.00   0.00  -0.00  -77.22   17.84    6.45 6.000 0.000 0 3 11 2  0.741  0.741   2.69  280.80     0.00    0.00   1   15.00     0    0    0     1   0.0  1   1    7    0   0.000    0.000    0.000  1
  8   1   11  1 0 2   327  16    79  224  224     0.00000   1.78364 3.92684e-03  1075  1869   0.00   0.00  -0.00  -71.22   17.84    6.45 6.000 0.000 0 3 11 2  0.741  0.741   2.69  280.80     0.00    0.00   1   15.00     0    0    0     1   0.0  1   1    7    0   0.000    0.000    0.000  1
  9   1   11  1 0 2   328  16    79  224  224     0.00000   1.78364 3.92684e-03  1067  1854   0.00   0.00  -0.00  -65.22   17.84    6.45 6.000 0.000 0 3 11 2  0.741  0.741   2.69  280.80     0.00    0.00   1   15.00     0    0    0     1   0.0  1   1    7    0   0.000    0.000    0.000  1
 10   1   11  1 0 2   329  16    79  224  224     0.00000   1.78364 3.92684e-03  1050  1825   0.00   0.00  -0.00  -59.22   17.84    6.45 6.000 0.000 0 3 11 2  0.741  0.741   2.69  280.80     0.00    0.00   1   15.00     0    0    0     1   0.0  1   1    7    0   0.000    0.000    0.000  1
 11   1   11  1 0 2   330  16    79  224  224     0.00000   1.78364 3.92684e-03  1016  1767   0.00   0.00  -0.00  -53.22   17.83    6.45 6.000 0.000 0 3 11 2  0.741  0.741   2.69  280.80     0.00    0.00   1   15.00     0    0    0     1   0.0  1   1    7    0   0.000    0.000    0.000  1
 12   1   11  1 0 2   331  16    79  224  224     0.00000   1.78364 3.92684e-03  1009  1754   0.00   0.00  -0.00  -47.22   17.83    6.45 6.000 0.000 0 3 11 2  0.741  0.741   2.69  280.80     0.00    0.00   1   15.00     0    0    0     1   0.0  1   1    7    0   0.000    0.000    0.000  1
 13   1   11  1 0 2   332  16    79  224  224     0.00000   1.78364 3.92684e-03   972  1690   0.00   0.00  -0.00  -41.22   17.83    6.45 6.000 0.000 0 3 11 2  0.741  0.741   2.69  280.80     0.00    0.00   1   15.00     0    0    0     1   0.0  1   1    7    0   0.000    0.000    0.000  1
 14   1   11  1 0 2   333  16    79  224  224     0.00000   1.78364 3.92684e-03   936  1628   0.00   0.00  -0.00  -35.22   17.83    6.45 6.000 0.000 0 3 11 2  0.741  0.741   2.69  280.80     0.00    0.00   1   15.00     0    0    0     1   0.0  1   1    7    0   0.000    0.000    0.000  1
 15   1   11  1 0 2   334  16    79  224  224     0.00000   1.78364 3.92684e-03   800  1391   0.00   0.00  -0.00  -29.22   17.83    6.45 6.000 0.000 0 3 11 2  0.741  0.741   2.69  280.80     0.00    0.00   1   15.00     0    0    0     1   0.0  1   1    7    0   0.000    0.000    0.000  1
 16   1   11  1 0 2   335  16    79  224  224     0.00000   1.78364 3.92684e-03   461   801   0.00   0.00  -0.00  -23.22   17.83    6.45 6.000 0.000 0 3 11 2  0.741  0.741   2.69  280.80     0.00    0.00   1   15.00     0    0    0     1   0.0  1   1    7    0   0.000    0.000    0.000  1
  1   1   11  1 18 5   336  16    79  224  224  -250.00000   0.12210 8.19000e+00     0   500   0.00   0.00  -0.00 -113.22   17.84    6.45 6.000 0.000 0 3 11 2  0.741  0.741   0.00  280.80     0.00    0.00   1   15.00     0    0    0     1   0.0  1   1    7    0   0.000    0.000    0.000  1
  2   1   11  1 18 5   337  16    79  224  224  -250.00000   0.12210 8.19000e+00     0   500   0.00   0.00  -0.00 -107.22   17.84    6.45 6.000 0.000 0 3 11 2  0.741  0.741   0.00  280.80     0.00    0.00   1   15.00     0    0    0     1   0.0  1   1    7    0   0.000    0.000    0.000  1
  3   1   11  1 18 5   338  16    79  224  224  -250.00000   0.12210 8.19000e+00     0   500   0.00   0.00  -0.00 -101.22   17.84    6.45 6.000 0.000 0 3 11 2  0.741  0.741   0.00  280.80     0.00    0.00   1   15.00     0    0    0     1   0.0  1   1    7    0   0.000    0.000    0.000  1
  4   1   11  1 18 5   339  16    79  224  224  -250.00000   0.12210 8.19000e+00     0   500   0.00   0.00  -0.00  -95.22   17.84    6.45 6.000 0.000 0 3 11 2  0.741  0.741   0.00  280.80     0.00    0.00   1   15.00     0    0    0     1   0.0  1   1    7    0   0.000    0.000    0.000  1
  5   1   11  1 18 5   340  16    79  224  224  -250.00000   0.12210 8.19000e+00     0   500   0.00   0.00  -0.00  -89.22   17.84    6.45 6.000 0.000 0 3 11 2  0.741  0.741   0.00  280.80     0.00    0.00   1   15.00     0    0    0     1   0.0  1   1    7    0   0.000    0.000    0.000  1
  6   1   11  1 18 5   341  16    79  224  224  -250.00000   0.12210 8.19000e+00     0   500   0.00   0.00  -0.00  -83.22   17.84    6.45 6.000 0.000 0 3 11 2  0.741  0.741   0.00  280.80     0.00    0.00   1   15.00     0    0    0     1   0.0  1   1    7    0   0.000    0.000    0.000  1
  7   1   11  1 18 5   342  16    79  224  224  -250.00000   0.12210 8.19000e+00     0   500   0.00   0.00  -0.00  -77.22   17.84    6.45 6.000 0.000 0 3 11 2  0.741  0.741   0.00  280.80     0.00    0.00   1   15.00     0    0    0     1   0.0  1   1    7    0   0.000    0.000    0.000  1
  8   1   11  1 18 5   343  16    79  224  224  -250.00000   0.12210 8.19000e+00     0   500   0.00   0.00  -0.00  -71.22   17.84    6.45 6.000 0.000 0 3 11 2  0.741  0.741   0.00  280.80     0.00    0.00   1   15.00     0    0    0     1   0.0  1   1    7    0   0.000    0.000    0.000  1
  9   1   11  1 18 5   344  16    79  224  224  -250.00000   0.12210 8.19000e+00     0   500   0.00   0.00  -0.00  -65.22   17.84    6.45 6.000 0.000 0 3 11 2  0.741  0.741   0.00  280.80     0.00    0.00   1   15.00     0    0    0     1   0.0  1   1    7    0   0.000    0.000    0.000  1
 10   1   11  1 18 5   345  16    79  224  224  -250.00000   0.12210 8.19000e+00     0   500   0.00   0.00  -0.00  -59.22   17.84    6.45 6.000 0.000 0 3 11 2  0.741  0.741   0.00  280.80     0.00    0.00   1   15.00     0    0    0     1   0.0  1   1    7    0   0.000    0.000    0.000  1
 11   1   11  1 18 5   346  16    79  224  224  -250.00000   0.12210 8.19000e+00     0   500   0.00   0.00  -0.00  -53.22   17.83    6.45 6.000 0.000 0 3 11 2  0.741  0.741   0.00  280.80     0.00    0.00   1   15.00     0    0    0     1   0.0  1   1    7    0   0.000    0.000    0.000  1
 12   1   11  1 18 5   347  16    79  224  224  -250.00000   0.12210 8.19000e+00     0   500   0.00   0.00  -0.00  -47.22   17.83    6.45 6.000 0.000 0 3 11 2  0.741  0.741   0.00  280.80     0.00    0.00   1   15.00     0    0    0     1   0.0  1   1    7    0   0.000    0.000    0.000  1
 13   1   11  1 18 5   348  16    79  224  224  -250.00000   0.12210 8.19000e+00     0   500   0.00   0.00  -0.00  -41.22   17.83    6.45 6.000 0.000 0 3 11 2  0.741  0.741   0.00  280.80     0.00    0.00   1   15.00     0    0    0     1   0.0  1   1    7    0   0.000    0.000    0.000  1
 14   1   11  1 18 5   349  16    79  224  224  -250.00000   0.12210 8.19000e+00     0   500   0.00   0.00  -0.00  -35.22   17.83    6.45 6.000 0.000 0 3 11 2  0.741  0.741   0.00  280.80     0.00    0.00   1   15.00     0    0    0     1   0.0  1   1    7    0   0.000    0.000    0.000  1
 15   1   11  1 18 5   350  16    79  224  224  -250.00000   0.12210 8.19000e+00     0   500   0.00   0.00  -0.00  -29.22   17.83    6.45 6.000 0.000 0 3 11 2  0.741  0.741   0.00  280.80     0.00    0.00   1   15.00     0    0    0     1   0.0  1   1    7    0   0.000    0.000    0.000  1
 16   1   11  1 18 5   351  16    79  224  224  -250.00000   0.12210 8.19000e+00     0   500   0.00   0.00  -0.00  -23.22   17.83    6.45 6.000 0.000 0 3 11 2  0.741  0.741   0.00  280.80     0.00    0.00   1   15.00     0    0    0     1   0.0  1   1    7    0   0.000    0.000    0.000  1
  1   1   12  1 0 2   352  16    79  224  224     0.00000   1.78364 3.92684e-03   501   871   0.00   0.00  -0.00 -113.22   17.84    6.45 6.000 0.000 0 3 12 2  0.741  0.741   2.69  308.88     0.00    0.00   1   15.00     0    0    0     1   0.0  1   1    7    0   0.000    0.000    0.000  1
  2   1   12  1 0 2   353  16    79  224  224     0.00000   1.78364 3.92684e-03   957  1663   0.00   0.00  -0.00 -107.22   17.84    6.45 6.000 0.000 0 3 12 2  0.741  0.741   2.69  308.88     0.00    0.00   1   15.00     0    0    0     1   0.0  1   1    7    0   0.000    0.000    0.000  1
  3   1   12  1 0 2   354  16    79  224  224     0.00000   1.78364 3.92684e-03  1037  1803   0.00   0.00  -0.00 -101.22   17.84    6.45 6.000 0.000 0 3 12 2  0.741  0.741   2.69  308.88     0.00    0.00   1   15.00     0    0    0     1   0.0  1   1    7    0   0.000    0.000    0.000  1
  4   1   12  1 0 2   355  16    79  224  224     0.00000   1.78364 3.92684e-03  1041  1810   0.00   0.00  -0.00  -95.22   17.84    6.45 6.000 0.000 0 3 12 2  0.741  0.741   2.69  308.88     0.00    0.00   1   15.00     0    0    0     1   0.0  1   1    7    0   0.000    0.000    0.000  1
  5   1   12  1 0 2   356  16    79  224  224     0.00000   1.78364 3.92684e-03  1065  1851   0.00   0.00  -0.00  -89.22   17.84    6.45 6.000 0.000 0 3 12 2  0.741  0.741   2.69  308.88     0.00    0.00   1   15.00     0    0    0     1   0.0  1   1    7    0   0.000    0.000    0.000  1
  6   1   12  1 0 2   357  16    79  224  224     0.00000   1.78364 3.92684e-03  1070  1860   0.00   0.00  -0.00  -83.22   17.84    6.45 6.000 0.000 0 3 12 2  0.741  0.741   2.69  308.88     0.00    0.00   1   15.00     0    0    0     1   0.0  1   1    7    0   0.000    0.000    0.000  1
  7   1   12  1 0 2   358  16    79  224  224     0.00000   1.78364 3.92684e-03  1074  1867   0.00   0.00  -0.00  -77.22   17.84    6.45 6.000 0.000 0 3 12 2  0.741  0.741   2.69  308.88     0.00    0.00   1   15.00     0    0    0     1   0.0  1   1    7    0   0.000    0.000    0.000  1
  8   1   12  1 0 2   359  16    79  224  224     0.00000   1.78364 3.92684e-03  1082  1881   0.00   0.00  -0.00  -71.22   17.84    6.45 6.000 0.000 0 3 12 2  0.741  0.741   2.69  308.88     0.00    0.00   1   15.00     0    0    0     1   0.0  1   1    7    0   0.000    0.000    0.000  1
  9   1   12  1 0 2   360  16    79  224  224     0.00000   1.78364 3.92684e-03  1076  1871   0.00   0.00  -0.00  -65.22   17.84    6.45 6.000 0.000 0 3 12 2  0.741  0.741   2.69  308.88     0.00    0.00   1   15.00     0    0    0     1   0.0  1   1    7    0   0.000    0.000    0.000  1
 10   1   12  1 0 2   361  16    79  224  224     0.00000   1.78364 3.92684e-03  1042  1812   0.00   0.00  -0.00  -59.22   17.84    6.45 6.000 0.000 0 3 12 2  0.741  0.741   2.69  308.88     0.00    0.00   1   15.00     0    0    0     1   0.0  1   1    7    0   0.000    0.000    0.000  1
 11   1   12  1 0 2   362  16    79  224  224     0.00000   1.78364 3.92684e-03  1019  1771   0.00   0.00  -0.00  -53.22   17.83    6.45 6.000 0.000 0 3 12 2  0.741  0.741   2.69  308.88     0.00    0.00   1   15.00     0    0    0     1   0.0  1   1    7    0   0.000    0.000    0.000  1
 12   1   12  1 0 2   363  16    79  224  224     0.00000   1.78364 3.92684e-03  1027  1784   0.00   0.00  -0.00  -47.22   17.83    6.45 6.000 0.000 0 3 12 2  0.741  0.741   2.69  308.88     0.00    0.00   1   15.00     0    0    0     1   0.0  1   1    7    0   0.000    0.000    0.000  1
 13   1   12  1 0 2   364  16    79  224  224     0.00000   1.78364 3.92684e-03   983  1709   0.00   0.00  -0.00  -41.22   17.83    6.45 6.000 0.000 0 3 12 2  0.741  0.741   2.69  308.88     0.00    0.00   1   15.00     0    0    0     1   0.0  1   1    7    0   0.000    0.000    0.000  1
 14   1   12  1 0 2   365  16    79  224  224     0.00000   1.78364 3.92684e-03   947  1647   0.00   0.00  -0.00  -35.22   17.83    6.45 6.000 0.000 0 3 12 2  0.741  0.741   2.69  308.88     0.00    0.00   1   15.00     0    0    0     1   0.0  1   1    7    0   0.000    0.000    0.000  1
 15   1   12  1 0 2   366  16    79  224  224     0.00000   1.78364 3.92684e-03   815  1417   0.00   0.00  -0.00  -29.22   17.83    6.45 6.000 0.000 0 3 12 2  0.741  0.741   2.69  308.88     0.00    0.00   1   15.00     0    0    0     1   0.0  1   1    7    0   0.000    0.000    0.000  1
 16   1   12  1 0 2   367  16    79  224  224     0.00000   1.78364 3.92684e-03   469   815   0.00   0.00  -0.00  -23.22   17.83    6.45 6.000 0.000 0 3 12 2  0.741  0.741   2.69  308.88     0.00    0.00   1   15.00     0    0    0     1   0.0  1   1    7    0   0.000    0.000    0.000  1
  1   1   12  1 18 5   368  16    79  224  224  -250.00000   0.12210 8.19000e+00     0   500   0.00   0.00  -0.00 -113.22   17.84    6.45 6.000 0.000 0 3 12 2  0.741  0.741   0.00  308.88     0.00    0.00   1   15.00     0    0    0     1   0.0  1   1    7    0   0.000    0.000    0.000  1
  2   1   12  1 18 5   369  16    79  224  224  -250.00000   0.12210 8.19000e+00     0   500   0.00   0.00  -0.00 -107.22   17.84    6.45 6.000 0.000 0 3 12 2  0.741  0.741   0.00  308.88     0.00    0.00   1   15.00     0    0    0     1   0.0  1   1    7    0   0.000    0.000    0.000  1
  3   1   12  1 18 5   370  16    79  224  224  -250.00000   0.12210 8.19000e+00     0   500   0.00   0.00  -0.00 -101.22   17.84    6.45 6.000 0.000 0 3 12 2  0.741  0.741   0.00  308.88     0.00    0.00   1   15.00     0    0    0     1   0.0  1   1    7    0   0.000    0.000    0.000  1
  4   1   12  1 18 5   371  16    79  224  224  -250.00000   0.12210 8.19000e+00     0   500   0.00   0.00  -0.00  -95.22   17.84    6.45 6.000 0.000 0 3 12 2  0.741  0.741   0.00  308.88     0.00    0.00   1   15.00     0    0    0     1   0.0  1   1    7    0   0.000    0.000    0.000  1
  5   1   12  1 18 5   372  16    79  224  224  -250.00000   0.12210 8.19000e+00     0   500   0.00   0.00  -0.00  -89.22   17.84    6.45 6.000 0.000 0 3 12 2  0.741  0.741   0.00  308.88     0.00    0.00   1   15.00     0    0    0     1   0.0  1   1    7    0   0.000    0.000    0.000  1
  6   1   12  1 18 5   373  16    79  224  224  -250.00000   0.12210 8.19000e+00     0   500   0.00   0.00  -0.00  -83.22   17.84    6.45 6.000 0.000 0 3 12 2  0.741  0.741   0.00  308.88     0.00    0.00   1   15.00     0    0    0     1   0.0  1   1    7    0   0.000    0.000    0.000  1
  7   1   12  1 18 5   374  16    79  224  224  -250.00000   0.12210 8.19000e+00     0   500   0.00   0.00  -0.00  -77.22   17.84    6.45 6.000 0.000 0 3 12 2  0.741  0.741   0.00  308.88     0.00    0.00   1   15.00     0    0    0     1   0.0  1   1    7    0   0.000    0.000    0.000  1
  8   1   12  1 18 5   375  16    79  224  224  -250.00000   0.12210 8.19000e+00     0   500   0.00   0.00  -0.00  -71.22   17.84    6.45 6.000 0.000 0 3 12 2  0.741  0.741   0.00  308.88     0.00    0.00   1   15.00     0    0    0     1   0.0  1   1    7    0   0.000    0.000    0.000  1
  9   1   12  1 18 5   376  16    79  224  224  -250.00000   0.12210 8.19000e+00     0   500   0.00   0.00  -0.00  -65.22   17.84    6.45 6.000 0.000 0 3 12 2  0.741  0.741   0.00  308.88     0.00    0.00   1   15.00     0    0    0     1   0.0  1   1    7    0   0.000    0.000    0.000  1
 10   1   12  1 18 5   377  16    79  224  224  -250.00000   0.12210 8.19000e+00     0   500   0.00   0.00  -0.00  -59.22   17.84    6.45 6.000 0.000 0 3 12 2  0.741  0.741   0.00  308.88     0.00    0.00   1   15.00     0    0    0     1   0.0  1   1    7    0   0.000    0.000    0.000  1
 11   1   12  1 18 5   378  16    79  224  224  -250.00000   0.12210 8.19000e+00     0   500   0.00   0.00  -0.00  -53.22   17.83    6.45 6.000 0.000 0 3 12 2  0.741  0.741   0.00  308.88     0.00    0.00   1   15.00     0    0    0     1   0.0  1   1    7    0   0.000    0.000    0.000  1
 12   1   12  1 18 5   379  16    79  224  224  -250.00000   0.12210 8.19000e+00     0   500   0.00   0.00  -0.00  -47.22   17.83    6.45 6.000 0.000 0 3 12 2  0.741  0.741   0.00  308.88     0.00    0.00   1   15.00     0    0    0     1   0.0  1   1    7    0   0.000    0.000    0.000  1
 13   1   12  1 18 5   380  16    79  224  224  -250.00000   0.12210 8.19000e+00     0   500   0.00   0.00  -0.00  -41.22   17.83    6.45 6.000 0.000 0 3 12 2  0.741  0.741   0.00  308.88     0.00    0.00   1   15.00     0    0    0     1   0.0  1   1    7    0   0.000    0.000    0.000  1
 14   1   12  1 18 5   381  16    79  224  224  -250.00000   0.12210 8.19000e+00     0   500   0.00   0.00  -0.00  -35.22   17.83    6.45 6.000 0.000 0 3 12 2  0.741  0.741   0.00  308.88     0.00    0.00   1   15.00     0    0    0     1   0.0  1   1    7    0   0.000    0.000    0.000  1
 15   1   12  1 18 5   382  16    79  224  224  -250.00000   0.12210 8.19000e+00     0   500   0.00   0.00  -0.00  -29.22   17.83    6.45 6.000 0.000 0 3 12 2  0.741  0.741   0.00  308.88     0.00    0.00   1   15.00     0    0    0     1   0.0  1   1    7    0   0.000    0.000    0.000  1
 16   1   12  1 18 5   383  16    79  224  224  -250.00000   0.12210 8.19000e+00     0   500   0.00   0.00  -0.00  -23.22   17.83    6.45 6.000 0.000 0 3 12 2  0.741  0.741   0.00  308.88     0.00    0.00   1   15.00     0    0    0     1   0.0  1   1    7    0   0.000    0.000    0.000  1
  1   1   13  1 0 2   384  16    79  224  224     0.00000   1.78364 3.92684e-03   494   859   0.00   0.00  -0.00 -113.22   17.84    6.45 6.000 0.000 0 3 13 2  0.741  0.741   2.69  336.96     0.00    0.00   1   15.00     0    0    0     1   0.0  1   1    7    0   0.000    0.000    0.000  1
  2   1   13  1 0 2   385  16    79  224  224     0.00000   1.78364 3.92684e-03   943  1639   0.00   0.00  -0.00 -107.22   17.84    6.45 6.000 0.000 0 3 13 2  0.741  0.741   2.69  336.96     0.00    0.00   1   15.00     0    0    0     1   0.0  1   1    7    0   0.000    0.000    0.000  1
  3   1   13  1 0 2   386  16    79  224  224     0.00000   1.78364 3.92684e-03  1046  1818   0.00   0.00  -0.00 -101.22   17.84    6.45 6.000 0.000 0 3 13 2  0.741  0.741   2.69  336.96     0.00    0.00   1   15.00     0    0    0     1   0.0  1   1    7    0   0.000    0.000    0.000  1
  4   1   13  1 0 2   387  16    79  224  224     0.00000   1.78364 3.92684e-03  1049  1824   0.00   0.00  -0.00  -95.22   17.84    6.45 6.000 0.000 0 3 13 2  0.741  0.741   2.69  336.96     0.00    0.00   1   15.00     0    0    0     1   0.0  1   1    7    0   0.000    0.000    0.000  1
  5   1   13  1 0 2   388  16    79  224  224     0.00000   1.78364 3.92684e-03  1072  1863   0.00   0.00  -0.00  -89.22   17.84    6.45 6.000 0.000 0 3 13 2  0.741  0.741   2.69  336.96     0.00    0.00   1   15.00     0    0    0     1   0.0  1   1    7    0   0.000    0.000    0.000  1
  6   1   13  1 0 2   389  16    79  224  224     0.00000   1.78364 3.92684e-03  1078  1875   0.00   0.00  -0.00  -83.22   17.84    6.45 6.000 0.000 0 3 13 2  0.741  0.741   2.69  336.96     0.00    0.00   1   15.00     0    0    0     1   0.0  1   1    7    0   0.000    0.000    0.000  1
  7   1   13  1 0 2   390  16    79  224  224     0.00000   1.78364 3.92684e-03  1077  1871   0.00   0.00  -0.00  -77.22   17.84    6.45 6.000 0.000 0 3 13 2  0.741  0.741   2.69  336.96     0.00    0.00   1   15.00     0    0    0     1   0.0  1   1    7    0   0.000    0.000    0.000  1
  8   1   13  1 0 2   391  16    79  224  224     0.00000   1.78364 3.92684e-03  1075  1868   0.00   0.00  -0.00  -71.22   17.84    6.45 6.000 0.000 0 3 13 2  0.741  0.741   2.69  336.96     0.00    0.00   1   15.00     0    0    0     1   0.0  1   1    7    0   0.000    0.000    0.000  1
  9   1   13  1 0 2   392  16    79  224  224     0.00000   1.78364 3.92684e-03  1073  1866   0.00   0.00  -0.00  -65.22   17.84    6.45 6.000 0.000 0 3 13 2  0.741  0.741   2.69  336.96     0.00    0.00   1   15.00     0    0    0     1   0.0  1   1    7    0   0.000    0.000    0.000  1
 10   1   13  1 0 2   393  16    79  224  224     0.00000   1.78364 3.92684e-03  1048  1822   0.00   0.00  -0.00  -59.22   17.84    6.45 6.000 0.000 0 3 13 2  0.741  0.741   2.69  336.96     0.00    0.00   1   15.00     0    0    0     1   0.0  1   1    7    0   0.000    0.000    0.000  1
 11   1   13  1 0 2   394  16    79  224  224     0.00000   1.78364 3.92684e-03  1027  1786   0.00   0.00  -0.00  -53.22   17.83    6.45 6.000 0.000 0 3 13 2  0.741  0.741   2.69  336.96     0.00    0.00   1   15.00     0    0    0     1   0.0  1   1    7    0   0.000    0.000    0.000  1
 12   1   13  1 0 2   395  16    79  224  224     0.00000   1.78364 3.92684e-03  1013  1761   0.00   0.00  -0.00  -47.22   17.83    6.45 6.000 0.000 0 3 13 2  0.741  0.741   2.69  336.96     0.00    0.00   1   15.00     0    0    0     1   0.0  1   1    7    0   0.000    0.000    0.000  1
 13   1   13  1 0 2   396  16    79  224  224     0.00000   1.78364 3.92684e-03   987  1715   0.00   0.00  -0.00  -41.22   17.83    6.45 6.000 0.000 0 3 13 2  0.741  0.741   2.69  336.96     0.00    0.00   1   15.00     0    0    0     1   0.0  1   1    7    0   0.000    0.000    0.000  1
 14   1   13  1 0 2   397  16    79  224  224     0.00000   1.78364 3.92684e-03   935  1625   0.00   0.00  -0.00  -35.22   17.83    6.45 6.000 0.000 0 3 13 2  0.741  0.741   2.69  336.96     0.00    0.00   1   15.00     0    0    0     1   0.0  1   1    7    0   0.000    0.000    0.000  1
 15   1   13  1 0 2   398  16    79  224  224     0.00000   1.78364 3.92684e-03   855  1487   0.00   0.00  -0.00  -29.22   17.83    6.45 6.000 0.000 0 3 13 2  0.741  0.741   2.69  336.96     0.00    0.00   1   15.00     0    0    0     1   0.0  1   1    7    0   0.000    0.000    0.000  1
 16   1   13  1 0 2   399  16    79  224  224     0.00000   1.78364 3.92684e-03   508   884   0.00   0.00  -0.00  -23.22   17.83    6.45 6.000 0.000 0 3 13 2  0.741  0.741   2.69  336.96     0.00    0.00   1   15.00     0    0    0     1   0.0  1   1    7    0   0.000    0.000    0.000  1
  1   1   13  1 18 5   400  16    79  224  224  -250.00000   0.12210 8.19000e+00     0   500   0.00   0.00  -0.00 -113.22   17.84    6.45 6.000 0.000 0 3 13 2  0.741  0.741   0.00  336.96     0.00    0.00   1   15.00     0    0    0     1   0.0  1   1    7    0   0.000    0.000    0.000  1
  2   1   13  1 18 5   401  16    79  224  224  -250.00000   0.12210 8.19000e+00     0   500   0.00   0.00  -0.00 -107.22   17.84    6.45 6.000 0.000 0 3 13 2  0.741  0.741   0.00  336.96     0.00    0.00   1   15.00     0    0    0     1   0.0  1   1    7    0   0.000    0.000    0.000  1
  3   1   13  1 18 5   402  16    79  224  224  -250.00000   0.12210 8.19000e+00     0   500   0.00   0.00  -0.00 -101.22   17.84    6.45 6.000 0.000 0 3 13 2  0.741  0.741   0.00  336.96     0.00    0.00   1   15.00     0    0    0     1   0.0  1   1    7    0   0.000    0.000    0.000  1
  4   1   13  1 18 5   403  16    79  224  224  -250.00000   0.12210 8.19000e+00     0   500   0.00   0.00  -0.00  -95.22   17.84    6.45 6.000 0.000 0 3 13 2  0.741  0.741   0.00  336.96     0.00    0.00   1   15.00     0    0    0     1   0.0  1   1    7    0   0.000    0.000    0.000  1
  5   1   13  1 18 5   404  16    79  224  224  -250.00000   0.12210 8.19000e+00     0   500   0.00   0.00  -0.00  -89.22   17.84    6.45 6.000 0.000 0 3 13 2  0.741  0.741   0.00  336.96     0.00    0.00   1   15.00     0    0    0     1   0.0  1   1    7    0   0.000    0.000    0.000  1
  6   1   13  1 18 5   405  16    79  224  224  -250.00000   0.12210 8.19000e+00     0   500   0.00   0.00  -0.00  -83.22   17.84    6.45 6.000 0.000 0 3 13 2  0.741  0.741   0.00  336.96     0.00    0.00   1   15.00     0    0    0     1   0.0  1   1    7    0   0.000    0.000    0.000  1
  7   1   13  1 18 5   406  16    79  224  224  -250.00000   0.12210 8.19000e+00     0   500   0.00   0.00  -0.00  -77.22   17.84    6.45 6.000 0.000 0 3 13 2  0.741  0.741   0.00  336.96     0.00    0.00   1   15.00     0    0    0     1   0.0  1   1    7    0   0.000    0.000    0.000  1
  8   1   13  1 18 5   407  16    79  224  224  -250.00000   0.12210 8.19000e+00     0   500   0.00   0.00  -0.00  -71.22   17.84    6.45 6.000 0.000 0 3 13 2  0.741  0.741   0.00  336.96     0.00    0.00   1   15.00     0    0    0     1   0.0  1   1    7    0   0.000    0.000    0.000  1
  9   1   13  1 18 5   408  16    79  224  224  -250.00000   0.12210 8.19000e+00     0   500   0.00   0.00  -0.00  -65.22   17.84    6.45 6.000 0.000 0 3 13 2  0.741  0.741   0.00  336.96     0.00    0.00   1   15.00     0    0    0     1   0.0  1   1    7    0   0.000    0.000    0.000  1
 10   1   13  1 18 5   409  16    79  224  224  -250.00000   0.12210 8.19000e+00     0   500   0.00   0.00  -0.00  -59.22   17.84    6.45 6.000 0.000 0 3 13 2  0.741  0.741   0.00  336.96     0.00    0.00   1   15.00     0    0    0     1   0.0  1   1    7    0   0.000    0.000    0.000  1
 11   1   13  1 18 5   410  16    79  224  224  -250.00000   0.12210 8.19000e+00     0   500   0.00   0.00  -0.00  -53.22   17.83    6.45 6.000 0.000 0 3 13 2  0.741  0.741   0.00  336.96     0.00    0.00   1   15.00     0    0    0     1   0.0  1   1    7    0   0.000    0.000    0.000  1
 12   1   13  1 18 5   411  16    79  224  224  -250.00000   0.12210 8.19000e+00     0   500   0.00   0.00  -0.00  -47.22   17.83    6.45 6.000 0.000 0 3 13 2  0.741  0.741   0.00  336.96     0.00    0.00   1   15.00     0    0    0     1   0.0  1   1    7    0   0.000    0.000    0.000  1
 13   1   13  1 18 5   412  16    79  224  224  -250.00000   0.12210 8.19000e+00     0   500   0.00   0.00  -0.00  -41.22   17.83    6.45 6.000 0.000 0 3 13 2  0.741  0.741   0.00  336.96     0.00    0.00   1   15.00     0    0    0     1   0.0  1   1    7    0   0.000    0.000    0.000  1
 14   1   13  1 18 5   413  16    79  224  224  -250.00000   0.12210 8.19000e+00     0   500   0.00   0.00  -0.00  -35.22   17.83    6.45 6.000 0.000 0 3 13 2  0.741  0.741   0.00  336.96     0.00    0.00   1   15.00     0    0    0     1   0.0  1   1    7    0   0.000    0.000    0.000  1
 15   1   13  1 18 5   414  16    79  224  224  -250.00000   0.12210 8.19000e+00     0   500   0.00   0.00  -0.00  -29.22   17.83    6.45 6.000 0.000 0 3 13 2  0.741  0.741   0.00  336.96     0.00    0.00   1   15.00     0    0    0     1   0.0  1   1    7    0   0.000    0.000    0.000  1
 16   1   13  1 18 5   415  16    79  224  224  -250.00000   0.12210 8.19000e+00     0   500   0.00   0.00  -0.00  -23.22   17.83    6.45 6.000 0.000 0 3 13 2  0.741  0.741   0.00  336.96     0.00    0.00   1   15.00     0    0    0     1   0.0  1   1    7    0   0.000    0.000    0.000  1
  1   1   14  1 0 2   416  16    79  224  224     0.00000   1.78364 3.92684e-03   495   861   0.00   0.00  -0.00 -113.22   17.84    6.45 6.000 0.000 0 3 14 2  0.741  0.741   2.69  365.04     0.00    0.00   1   15.00     0    0    0     1   0.0  1   1    7    0   0.000    0.000    0.000  1
  2   1   14  1 0 2   417  16    79  224  224     0.00000   1.78364 3.92684e-03   946  1644   0.00   0.00  -0.00 -107.22   17.84    6.45 6.000 0.000 0 3 14 2  0.741  0.741   2.69  365.04     0.00    0.00   1   15.00     0    0    0     1   0.0  1   1    7    0   0.000    0.000    0.000  1
  3   1   14  1 0 2   418  16    79  224  224     0.00000   1.78364 3.92684e-03  1039  1806   0.00   0.00  -0.00 -101.22   17.84    6.45 6.000 0.000 0 3 14 2  0.741  0.741   2.69  365.04     0.00    0.00   1   15.00     0    0    0     1   0.0  1   1    7    0   0.000    0.000    0.000  1
  4   1   14  1 0 2   419  16    79  224  224     0.00000   1.78364 3.92684e-03  1046  1818   0.00   0.00  -0.00  -95.22   17.84    6.45 6.000 0.000 0 3 14 2  0.741  0.741   2.69  365.04     0.00    0.00   1   15.00     0    0    0     1   0.0  1   1    7    0   0.000    0.000    0.000  1
  5   1   14  1 0 2   420  16    79  224  224     0.00000   1.78364 3.92684e-03  1063  1847   0.00   0.00  -0.00  -89.22   17.84    6.45 6.000 0.000 0 3 14 2  0.741  0.741   2.69  365.04     0.00    0.00   1   15.00     0    0    0     1   0.0  1   1    7    0   0.000    0.000    0.000  1
  6   1   14  1 0 2   421  16    79  224  224     0.00000   1.78364 3.92684e-03  1063  1848   0.00   0.00  -0.00  -83.22   17.84    6.45 6.000 0.000 0 3 14 2  0.741  0.741   2.69  365.04     0.00    0.00   1   15.00     0    0    0     1   0.0  1   1    7    0   0.000    0.000    0.000  1
  7   1   14  1 0 2   422  16    79  224  224     0.00000   1.78364 3.92684e-03  1075  1869   0.00   0.00  -0.00  -77.22   17.84    6.45 6.000 0.000 0 3 14 2  0.741  0.741   2.69  365.04     0.00    0.00   1   15.00     0    0    0     1   0.0  1   1    7    0   0.000    0.000    0.000  1
  8   1   14  1 0 2   423  16    79  224  224     0.00000   1.78364 3.92684e-03  1067  1855   0.00   0.00  -0.00  -71.22   17.84    6.45 6.000 0.000 0 3 14 2  0.741  0.741   2.69  365.04     0.00    0.00   1   15.00     0    0    0     1   0.0  1   1    7    0   0.000    0.000    0.000  1
  9   1   14  1 0 2   424  16    79  224  224     0.00000   1.78364 3.92684e-03  1059  1841   0.00   0.00  -0.00  -65.22   17.84    6.45 6.000 0.000 0 3 14 2  0.741  0.741   2.69  365.04     0.00    0.00   1   15.00     0    0    0     1   0.0  1   1    7    0   0.000    0.000    0.000  1
 10   1   14  1 0 2   425  16    79  224  224     0.00000   1.78364 3.92684e-03  1046  1819   0.00   0.00  -0.00  -59.22   17.84    6.45 6.000 0.000 0 3 14 2  0.741  0.741   2.69  365.04     0.00    0.00   1   15.00     0    0    0     1   0.0  1   1    7    0   0.000    0.000    0.000  1
 11   1   14  1 0 2   426  16    79  224  224     0.00000   1.78364 3.92684e-03  1015  1764   0.00   0.00  -0.00  -53.22   17.83    6.45 6.000 0.000 0 3 14 2  0.741  0.741   2.69  365.04     0.00    0.00   1   15.00     0    0    0     1   0.0  1   1    7    0   0.000    0.000    0.000  1
 12   1   14  1 0 2   427  16    79  224  224     0.00000   1.78364 3.92684e-03  1001  1740   0.00   0.00  -0.00  -47.22   17.83    6.45 6.000 0.000 0 3 14 2  0.741  0.741   2.69  365.04     0.00    0.00   1   15.00     0    0    0     1   0.0  1   1    7    0   0.000    0.000    0.000  1
 13   1   14  1 0 2   428  16    79  224  224     0.00000   1.78364 3.92684e-03   967  1681   0.00   0.00  -0.00  -41.22   17.83    6.45 6.000 0.000 0 3 14 2  0.741  0.741   2.69  365.04     0.00    0.00   1   15.00     0    0    0     1   0.0  1   1    7    0   0.000    0.000    0.000  1
 14   1   14  1 0 2   429  16    79  224  224     0.00000   1.78364 3.92684e-03   923  1604   0.00   0.00  -0.00  -35.22   17.83    6.45 6.000 0.000 0 3 14 2  0.741  0.741   2.69  365.04     0.00    0.00   1   15.00     0    0    0     1   0.0  1   1    7    0   0.000    0.000    0.000  1
 15   1   14  1 0 2   430  16    79  224  224     0.00000   1.78364 3.92684e-03   815  1417   0.00   0.00  -0.00  -29.22   17.83    6.45 6.000 0.000 0 3 14 2  0.741  0.741   2.69  365.04     0.00    0.00   1   15.00     0    0    0     1   0.0  1   1    7    0   0.000    0.000    0.000  1
 16   1   14  1 0 2   431  16    79  224  224     0.00000   1.78364 3.92684e-03   467   811   0.00   0.00  -0.00  -23.22   17.83    6.45 6.000 0.000 0 3 14 2  0.741  0.741   2.69  365.04     0.00    0.00   1   15.00     0    0    0     1   0.0  1   1    7    0   0.000    0.000    0.000  1
  1   1   14  1 18 5   432  16    79  224  224  -250.00000   0.12210 8.19000e+00     0   500   0.00   0.00  -0.00 -113.22   17.84    6.45 6.000 0.000 0 3 14 2  0.741  0.741   0.00  365.04     0.00    0.00   1   15.00     0    0    0     1   0.0  1   1    7    0   0.000    0.000    0.000  1
  2   1   14  1 18 5   433  16    79  224  224  -250.00000   0.12210 8.19000e+00     0   500   0.00   0.00  -0.00 -107.22   17.84    6.45 6.000 0.000 0 3 14 2  0.741  0.741   0.00  365.04     0.00    0.00   1   15.00     0    0    0     1   0.0  1   1    7    0   0.000    0.000    0.000  1
  3   1   14  1 18 5   434  16    79  224  224  -250.00000   0.12210 8.19000e+00     0   500   0.00   0.00  -0.00 -101.22   17.84    6.45 6.000 0.000 0 3 14 2  0.741  0.741   0.00  365.04     0.00    0.00   1   15.00     0    0    0     1   0.0  1   1    7    0   0.000    0.000    0.000  1
  4   1   14  1 18 5   435  16    79  224  224  -250.00000   0.12210 8.19000e+00     0   500   0.00   0.00  -0.00  -95.22   17.84    6.45 6.000 0.000 0 3 14 2  0.741  0.741   0.00  365.04     0.00    0.00   1   15.00     0    0    0     1   0.0  1   1    7    0   0.000    0.000    0.000  1
  5   1   14  1 18 5   436  16    79  224  224  -250.00000   0.12210 8.19000e+00     0   500   0.00   0.00  -0.00  -89.22   17.84    6.45 6.000 0.000 0 3 14 2  0.741  0.741   0.00  365.04     0.00    0.00   1   15.00     0    0    0     1   0.0  1   1    7    0   0.000    0.000    0.000  1
  6   1   14  1 18 5   437  16    79  224  224  -250.00000   0.12210 8.19000e+00     0   500   0.00   0.00  -0.00  -83.22   17.84    6.45 6.000 0.000 0 3 14 2  0.741  0.741   0.00  365.04     0.00    0.00   1   15.00     0    0    0     1   0.0  1   1    7    0   0.000    0.000    0.000  1
  7   1   14  1 18 5   438  16    79  224  224  -250.00000   0.12210 8.19000e+00     0   500   0.00   0.00  -0.00  -77.22   17.84    6.45 6.000 0.000 0 3 14 2  0.741  0.741   0.00  365.04     0.00    0.00   1   15.00     0    0    0     1   0.0  1   1    7    0   0.000    0.000    0.000  1
  8   1   14  1 18 5   439  16    79  224  224  -250.00000   0.12210 8.19000e+00     0   500   0.00   0.00  -0.00  -71.22   17.84    6.45 6.000 0.000 0 3 14 2  0.741  0.741   0.00  365.04     0.00    0.00   1   15.00     0    0    0     1   0.0  1   1    7    0   0.000    0.000    0.000  1
  9   1   14  1 18 5   440  16    79  224  224  -250.00000   0.12210 8.19000e+00     0   500   0.00   0.00  -0.00  -65.22   17.84    6.45 6.000 0.000 0 3 14 2  0.741  0.741   0.00  365.04     0.00    0.00   1   15.00     0    0    0     1   0.0  1   1    7    0   0.000    0.000    0.000  1
 10   1   14  1 18 5   441  16    79  224  224  -250.00000   0.12210 8.19000e+00     0   500   0.00   0.00  -0.00  -59.22   17.84    6.45 6.000 0.000 0 3 14 2  0.741  0.741   0.00  365.04     0.00    0.00   1   15.00     0    0    0     1   0.0  1   1    7    0   0.000    0.000    0.000  1
 11   1   14  1 18 5   442  16    79  224  224  -250.00000   0.12210 8.19000e+00     0   500   0.00   0.00  -0.00  -53.22   17.83    6.45 6.000 0.000 0 3 14 2  0.741  0.741   0.00  365.04     0.00    0.00   1   15.00     0    0    0     1   0.0  1   1    7    0   0.000    0.000    0.000  1
 12   1   14  1 18 5   443  16    79  224  224  -250.00000   0.12210 8.19000e+00     0   500   0.00   0.00  -0.00  -47.22   17.83    6.45 6.000 0.000 0 3 14 2  0.741  0.741   0.00  365.04     0.00    0.00   1   15.00     0    0    0     1   0.0  1   1    7    0   0.000    0.000    0.000  1
 13   1   14  1 18 5   444  16    79  224  224  -250.00000   0.12210 8.19000e+00     0   500   0.00   0.00  -0.00  -41.22   17.83    6.45 6.000 0.000 0 3 14 2  0.741  0.741   0.00  365.04     0.00    0.00   1   15.00     0    0    0     1   0.0  1   1    7    0   0.000    0.000    0.000  1
 14   1   14  1 18 5   445  16    79  224  224  -250.00000   0.12210 8.19000e+00     0   500   0.00   0.00  -0.00  -35.22   17.83    6.45 6.000 0.000 0 3 14 2  0.741  0.741   0.00  365.04     0.00    0.00   1   15.00     0    0    0     1   0.0  1   1    7    0   0.000    0.000    0.000  1
 15   1   14  1 18 5   446  16    79  224  224  -250.00000   0.12210 8.19000e+00     0   500   0.00   0.00  -0.00  -29.22   17.83    6.45 6.000 0.000 0 3 14 2  0.741  0.741   0.00  365.04     0.00    0.00   1   15.00     0    0    0     1   0.0  1   1    7    0   0.000    0.000    0.000  1
 16   1   14  1 18 5   447  16    79  224  224  -250.00000   0.12210 8.19000e+00     0   500   0.00   0.00  -0.00  -23.22   17.83    6.45 6.000 0.000 0 3 14 2  0.741  0.741   0.00  365.04     0.00    0.00   1   15.00     0    0    0     1   0.0  1   1    7    0   0.000    0.000    0.000  1
  1   1   15  1 0 2   448  16    79  224  224     0.00000   1.78364 3.92684e-03   501   871   0.00   0.00  -0.00 -113.22   17.84    6.45 6.000 0.000 0 3 15 2  0.741  0.741   2.69  393.12     0.00    0.00   1   15.00     0    0    0     1   0.0  1   1    7    0   0.000    0.000    0.000  1
  2   1   15  1 0 2   449  16    79  224  224     0.00000   1.78364 3.92684e-03   943  1640   0.00   0.00  -0.00 -107.22   17.84    6.45 6.000 0.000 0 3 15 2  0.741  0.741   2.69  393.12     0.00    0.00   1   15.00     0    0    0     1   0.0  1   1    7    0   0.000    0.000    0.000  1
  3   1   15  1 0 2   450  16    79  224  224     0.00000   1.78364 3.92684e-03  1034  1797   0.00   0.00  -0.00 -101.22   17.84    6.45 6.000 0.000 0 3 15 2  0.741  0.741   2.69  393.12     0.00    0.00   1   15.00     0    0    0     1   0.0  1   1    7    0   0.000    0.000    0.000  1
  4   1   15  1 0 2   451  16    79  224  224     0.00000   1.78364 3.92684e-03  1048  1822   0.00   0.00  -0.00  -95.22   17.84    6.45 6.000 0.000 0 3 15 2  0.741  0.741   2.69  393.12     0.00    0.00   1   15.00     0    0    0     1   0.0  1   1    7    0   0.000    0.000    0.000  1
  5   1   15  1 0 2   452  16    79  224  224     0.00000   1.78364 3.92684e-03  1071  1862   0.00   0.00  -0.00  -89.22   17.84    6.45 6.000 0.000 0 3 15 2  0.741  0.741   2.69  393.12     0.00    0.00   1   15.00     0    0    0     1   0.0  1   1    7    0   0.000    0.000    0.000  1
  6   1   15  1 0 2   453  16    79  224  224     0.00000   1.78364 3.92684e-03  1069  1858   0.00   0.00  -0.00  -83.22   17.84    6.45 6.000 0.000 0 3 15 2  0.741  0.741   2.69  393.12     0.00    0.00   1   15.00     0    0    0     1   0.0  1   1    7    0   0.000    0.000    0.000  1
  7   1   15  1 0 2   454  16    79  224  224     0.00000   1.78364 3.92684e-03  1072  1864   0.00   0.00  -0.00  -77.22   17.84    6.45 6.000 0.000 0 3 15 2  0.741  0.741   2.69  393.12     0.00    0.00   1   15.00     0    0    0     1   0.0  1   1    7    0   0.000    0.000    0.000  1
  8   1   15  1 0 2   455  16    79  224  224     0.00000   1.78364 3.92684e-03  1068  1857   0.00   0.00  -0.00  -71.22   17.84    6.45 6.000 0.000 0 3 15 2  0.741  0.741   2.69  393.12     0.00    0.00   1   15.00     0    0    0     1   0.0  1   1    7    0   0.000    0.000    0.000  1
  9   1   15  1 0 2   456  16    79  224  224     0.00000   1.78364 3.92684e-03  1060  1843   0.00   0.00  -0.00  -65.22   17.84    6.45 6.000 0.000 0 3 15 2  0.741  0.741   2.69  393.12     0.00    0.00   1   15.00     0    0    0     1   0.0  1   1    7    0   0.000    0.000    0.000  1
 10   1   15  1 0 2   457  16    79  224  224     0.00000   1.78364 3.92684e-03  1054  1832   0.00   0.00  -0.00  -59.22   17.84    6.45 6.000 0.000 0 3 15 2  0.741  0.741   2.69  393.12     0.00    0.00   1   15.00     0    0    0     1   0.0  1   1    7    0   0.000    0.000    0.000  1
 11   1   15  1 0 2   458  16    79  224  224     0.00000   1.78364 3.92684e-03  1027  1786   0.00   0.00  -0.00  -53.22   17.83    6.45 6.000 0.000 0 3 15 2  0.741  0.741   2.69  393.12     0.00    0.00   1   15.00     0    0    0     1   0.0  1   1    7    0   0.000    0.000    0.000  1
 12   1   15  1 0 2   459  16    79  224  224     0.00000   1.78364 3.92684e-03  1009  1754   0.00   0.00  -0.00  -47.22   17.83    6.45 6.000 0.000 0 3 15 2  0.741  0.741   2.69  393.12     0.00    0.00   1   15.00     0    0    0     1   0.0  1   1    7    0   0.000    0.000    0.000  1
 13   1   15  1 0 2   460  16    79  224  224     0.00000   1.78364 3.92684e-03   989  1720   0.00   0.00  -0.00  -41.22   17.83    6.45 6.000 0.000 0 3 15 2  0.741  0.741   2.69  393.12     0.00    0.00   1   15.00     0    0    0     1   0.0  1   1    7    0   0.000    0.000    0.000  1
 14   1   15  1 0 2   461  16    79  224  224     0.00000   1.78364 3.92684e-03   953  1656   0.00   0.00  -0.00  -35.22   17.83    6.45 6.000 0.000 0 3 15 2  0.741  0.741   2.69  393.12     0.00    0.00   1   15.00     0    0    0     1   0.0  1   1    7    0   0.000    0.000    0.000  1
 15   1   15  1 0 2   462  16    79  224  224     0.00000   1.78364 3.92684e-03   828  1439   0.00   0.00  -0.00  -29.22   17.83    6.45 6.000 0.000 0 3 15 2  0.741  0.741   2.69  393.12     0.00    0.00   1   15.00     0    0    0     1   0.0  1   1    7    0   0.000    0.000    0.000  1
 16   1   15  1 0 2   463  16    79  224  224     0.00000   1.78364 3.92684e-03   480   834   0.00   0.00  -0.00  -23.22   17.83    6.45 6.000 0.000 0 3 15 2  0.741  0.741   2.69  393.12     0.00    0.00   1   15.00     0    0    0     1   0.0  1   1    7    0   0.000    0.000    0.000  1
  1   1   15  1 18 5   464  16    79  224  224  -250.00000   0.12210 8.19000e+00     0   500   0.00   0.00  -0.00 -113.22   17.84    6.45 6.000 0.000 0 3 15 2  0.741  0.741   0.00  393.12     0.00    0.00   1   15.00     0    0    0     1   0.0  1   1    7    0   0.000    0.000    0.000  1
  2   1   15  1 18 5   465  16    79  224  224  -250.00000   0.12210 8.19000e+00     0   500   0.00   0.00  -0.00 -107.22   17.84    6.45 6.000 0.000 0 3 15 2  0.741  0.741   0.00  393.12     0.00    0.00   1   15.00     0    0    0     1   0.0  1   1    7    0   0.000    0.000    0.000  1
  3   1   15  1 18 5   466  16    79  224  224  -250.00000   0.12210 8.19000e+00     0   500   0.00   0.00  -0.00 -101.22   17.84    6.45 6.000 0.000 0 3 15 2  0.741  0.741   0.00  393.12     0.00    0.00   1   15.00     0    0    0     1   0.0  1   1    7    0   0.000    0.000    0.000  1
  4   1   15  1 18 5   467  16    79  224  224  -250.00000   0.12210 8.19000e+00     0   500   0.00   0.00  -0.00  -95.22   17.84    6.45 6.000 0.000 0 3 15 2  0.741  0.741   0.00  393.12     0.00    0.00   1   15.00     0    0    0     1   0.0  1   1    7    0   0.000    0.000    0.000  1
  5   1   15  1 18 5   468  16    79  224  224  -250.00000   0.12210 8.19000e+00     0   500   0.00   0.00  -0.00  -89.22   17.84    6.45 6.000 0.000 0 3 15 2  0.741  0.741   0.00  393.12     0.00    0.00   1   15.00     0    0    0     1   0.0  1   1    7    0   0.000    0.000    0.000  1
  6   1   15  1 18 5   469  16    79  224  224  -250.00000   0.12210 8.19000e+00     0   500   0.00   0.00  -0.00  -83.22   17.84    6.45 6.000 0.000 0 3 15 2  0.741  0.741   0.00  393.12     0.00    0.00   1   15.00     0    0    0     1   0.0  1   1    7    0   0.000    0.000    0.000  1
  7   1   15  1 18 5   470  16    79  224  224  -250.00000   0.12210 8.19000e+00     0   500   0.00   0.00  -0.00  -77.22   17.84    6.45 6.000 0.000 0 3 15 2  0.741  0.741   0.00  393.12     0.00    0.00   1   15.00     0    0    0     1   0.0  1   1    7    0   0.000    0.000    0.000  1
  8   1   15  1 18 5   471  16    79  224  224  -250.00000   0.12210 8.19000e+00     0   500   0.00   0.00  -0.00  -71.22   17.84    6.45 6.000 0.000 0 3 15 2  0.741  0.741   0.00  393.12     0.00    0.00   1   15.00     0    0    0     1   0.0  1   1    7    0   0.000    0.000    0.000  1
  9   1   15  1 18 5   472  16    79  224  224  -250.00000   0.12210 8.19000e+00     0   500   0.00   0.00  -0.00  -65.22   17.84    6.45 6.000 0.000 0 3 15 2  0.741  0.741   0.00  393.12     0.00    0.00   1   15.00     0    0    0     1   0.0  1   1    7    0   0.000    0.000    0.000  1
 10   1   15  1 18 5   473  16    79  224  224  -250.00000   0.12210 8.19000e+00     0   500   0.00   0.00  -0.00  -59.22   17.84    6.45 6.000 0.000 0 3 15 2  0.741  0.741   0.00  393.12     0.00    0.00   1   15.00     0    0    0     1   0.0  1   1    7    0   0.000    0.000    0.000  1
 11   1   15  1 18 5   474  16    79  224  224  -250.00000   0.12210 8.19000e+00     0   500   0.00   0.00  -0.00  -53.22   17.83    6.45 6.000 0.000 0 3 15 2  0.741  0.741   0.00  393.12     0.00    0.00   1   15.00     0    0    0     1   0.0  1   1    7    0   0.000    0.000    0.000  1
 12   1   15  1 18 5   475  16    79  224  224  -250.00000   0.12210 8.19000e+00     0   500   0.00   0.00  -0.00  -47.22   17.83    6.45 6.000 0.000 0 3 15 2  0.741  0.741   0.00  393.12     0.00    0.00   1   15.00     0    0    0     1   0.0  1   1    7    0   0.000    0.000    0.000  1
 13   1   15  1 18 5   476  16    79  224  224  -250.00000   0.12210 8.19000e+00     0   500   0.00   0.00  -0.00  -41.22   17.83    6.45 6.000 0.000 0 3 15 2  0.741  0.741   0.00  393.12     0.00    0.00   1   15.00     0    0    0     1   0.0  1   1    7    0   0.000    0.000    0.000  1
 14   1   15  1 18 5   477  16    79  224  224  -250.00000   0.12210 8.19000e+00     0   500   0.00   0.00  -0.00  -35.22   17.83    6.45 6.000 0.000 0 3 15 2  0.741  0.741   0.00  393.12     0.00    0.00   1   15.00     0    0    0     1   0.0  1   1    7    0   0.000    0.000    0.000  1
 15   1   15  1 18 5   478  16    79  224  224  -250.00000   0.12210 8.19000e+00     0   500   0.00   0.00  -0.00  -29.22   17.83    6.45 6.000 0.000 0 3 15 2  0.741  0.741   0.00  393.12     0.00    0.00   1   15.00     0    0    0     1   0.0  1   1    7    0   0.000    0.000    0.000  1
 16   1   15  1 18 5   479  16    79  224  224  -250.00000   0.12210 8.19000e+00     0   500   0.00   0.00  -0.00  -23.22   17.83    6.45 6.000 0.000 0 3 15 2  0.741  0.741   0.00  393.12     0.00    0.00   1   15.00     0    0    0     1   0.0  1   1    7    0   0.000    0.000    0.000  1
  1   1   16  1 0 2   480  16    79  224  224     0.00000   1.78364 3.92684e-03   489   850   0.00   0.00  -0.00 -113.22   17.84    6.45 6.000 0.000 0 3 16 2  0.741  0.741   2.69  421.20     0.00    0.00   1   15.00     0    0    0     1   0.0  1   1    7    0   0.000    0.000    0.000  1
  2   1   16  1 0 2   481  16    79  224  224     0.00000   1.78364 3.92684e-03   940  1634   0.00   0.00  -0.00 -107.22   17.84    6.45 6.000 0.000 0 3 16 2  0.741  0.741   2.69  421.20     0.00    0.00   1   15.00     0    0    0     1   0.0  1   1    7    0   0.000    0.000    0.000  1
  3   1   16  1 0 2   482  16    79  224  224     0.00000   1.78364 3.92684e-03  1047  1820   0.00   0.00  -0.00 -101.22   17.84    6.45 6.000 0.000 0 3 16 2  0.741  0.741   2.69  421.20     0.00    0.00   1   15.00     0    0    0     1   0.0  1   1    7    0   0.000    0.000    0.000  1
  4   1   16  1 0 2   483  16    79  224  224     0.00000   1.78364 3.92684e-03  1046  1819   0.00   0.00  -0.00  -95.22   17.84    6.45 6.000 0.000 0 3 16 2  0.741  0.741   2.69  421.20     0.00    0.00   1   15.00     0    0    0     1   0.0  1   1    7    0   0.000    0.000    0.000  1
  5   1   16  1 0 2   484  16    79  224  224     0.00000   1.78364 3.92684e-03  1072  1863   0.00   0.00  -0.00  -89.22   17.84    6.45 6.000 0.000 0 3 16 2  0.741  0.741   2.69  421.20     0.00    0.00   1   15.00     0    0    0     1   0.0  1   1    7    0   0.000    0.000    0.000  1
  6   1   16  1 0 2   485  16    79  224  224     0.00000   1.78364 3.92684e-03  1072  1863   0.00   0.00  -0.00  -83.22   17.84    6.45 6.000 0.000 0 3 16 2  0.741  0.741   2.69  421.20     0.00    0.00   1   15.00     0    0    0     1   0.0  1   1    7    0   0.000    0.000    0.000  1
  7   1   16  1 0 2   486  16    79  224  224     0.00000   1.78364 3.92684e-03  1087  1889   0.00   0.00  -0.00  -77.22   17.84    6.45 6.000 0.000 0 3 16 2  0.741  0.741   2.69  421.20     0.00    0.00   1   15.00     0    0    0     1   0.0  1   1    7    0   0.000    0.000    0.000  1
  8   1   16  1 0 2   487  16    79  224  224     0.00000   1.78364 3.92684e-03  1073  1865   0.00   0.00  -0.00  -71.22   17.84    6.45 6.000 0.000 0 3 16 2  0.741  0.741   2.69  421.20     0.00    0.00   1   15.00     0    0    0     1   0.0  1   1    7    0   0.000    0.000    0.000  1
  9   1   16  1 0 2   488  16    79  224  224     0.00000   1.78364 3.92684e-03  1069  1859   0.00   0.00  -0.00  -65.22   17.84    6.45 6.000 0.000 0 3 16 2  0.741  0.741   2.69  421.20     0.00    0.00   1   15.00     0    0    0     1   0.0  1   1    7    0   0.000    0.000    0.000  1
 10   1   16  1 0 2   489  16    79  224  224     0.00000   1.78364 3.92684e-03  1050  1825   0.00   0.00  -0.00  -59.22   17.84    6.45 6.000 0.000 0 3 16 2  0.741  0.741   2.69  421.20     0.00    0.00   1   15.00     0    0    0     1   0.0  1   1    7    0   0.000    0.000    0.000  1
 11   1   16  1 0 2   490  16    79  224  224     0.00000   1.78364 3.92684e-03  1032  1794   0.00   0.00  -0.00  -53.22   17.83    6.45 6.000 0.000 0 3 16 2  0.741  0.741   2.69  421.20     0.00    0.00   1   15.00     0    0    0     1   0.0  1   1    7    0   0.000    0.000    0.000  1
 12   1   16  1 0 2   491  16    79  224  224     0.00000   1.78364 3.92684e-03  1013  1761   0.00   0.00  -0.00  -47.22   17.83    6.45 6.000 0.000 0 3 16 2  0.741  0.741   2.69  421.20     0.00    0.00   1   15.00     0    0    0     1   0.0  1   1    7    0   0.000    0.000    0.000  1
 13   1   16  1 0 2   492  16    79  224  224     0.00000   1.78364 3.92684e-03   990  1721   0.00   0.00  -0.00  -41.22   17.83    6.45 6.000 0.000 0 3 16 2  0.741  0.741   2.69  421.20     0.00    0.00   1   15.00     0    0    0     1   0.0  1   1    7    0   0.000    0.000    0.000  1
 14   1   16  1 0 2   493  16    79  224  224     0.00000   1.78364 3.92684e-03   944  1641   0.00   0.00  -0.00  -35.22   17.83    6.45 6.000 0.000 0 3 16 2  0.741  0.741   2.69  421.20     0.00    0.00   1   15.00     0    0    0     1   0.0  1   1    7    0   0.000    0.000    0.000  1
 15   1   16  1 0 2   494  16    79  224  224     0.00000   1.78364 3.92684e-03   838  1457   0.00   0.00  -0.00  -29.22   17.83    6.45 6.000 0.000 0 3 16 2  0.741  0.741   2.69  421.20     0.00    0.00   1   15.00     0    0    0     1   0.0  1   1    7    0   0.000    0.000    0.000  1
 16   1   16  1 0 2   495  16    79  224  224     0.00000   1.78364 3.92684e-03   498   865   0.00   0.00  -0.00  -23.22   17.83    6.45 6.000 0.000 0 3 16 2  0.741  0.741   2.69  421.20     0.00    0.00   1   15.00     0    0    0     1   0.0  1   1    7    0   0.000    0.000    0.000  1
  1   1   16  1 18 5   496  16    79  224  224  -250.00000   0.12210 8.19000e+00     0   500   0.00   0.00  -0.00 -113.22   17.84    6.45 6.000 0.000 0 3 16 2  0.741  0.741   0.00  421.20     0.00    0.00   1   15.00     0    0    0     1   0.0  1   1    7    0   0.000    0.000    0.000  1
  2   1   16  1 18 5   497  16    79  224  224  -250.00000   0.12210 8.19000e+00     0   500   0.00   0.00  -0.00 -107.22   17.84    6.45 6.000 0.000 0 3 16 2  0.741  0.741   0.00  421.20     0.00    0.00   1   15.00     0    0    0     1   0.0  1   1    7    0   0.000    0.000    0.000  1
  3   1   16  1 18 5   498  16    79  224  224  -250.00000   0.12210 8.19000e+00     0   500   0.00   0.00  -0.00 -101.22   17.84    6.45 6.000 0.000 0 3 16 2  0.741  0.741   0.00  421.20     0.00    0.00   1   15.00     0    0    0     1   0.0  1   1    7    0   0.000    0.000    0.000  1
  4   1   16  1 18 5   499  16    79  224  224  -250.00000   0.12210 8.19000e+00     0   500   0.00   0.00  -0.00  -95.22   17.84    6.45 6.000 0.000 0 3 16 2  0.741  0.741   0.00  421.20     0.00    0.00   1   15.00     0    0    0     1   0.0  1   1    7    0   0.000    0.000    0.000  1
  5   1   16  1 18 5   500  16    79  224  224  -250.00000   0.12210 8.19000e+00     0   500   0.00   0.00  -0.00  -89.22   17.84    6.45 6.000 0.000 0 3 16 2  0.741  0.741   0.00  421.20     0.00    0.00   1   15.00     0    0    0     1   0.0  1   1    7    0   0.000    0.000    0.000  1
  6   1   16  1 18 5   501  16    79  224  224  -250.00000   0.12210 8.19000e+00     0   500   0.00   0.00  -0.00  -83.22   17.84    6.45 6.000 0.000 0 3 16 2  0.741  0.741   0.00  421.20     0.00    0.00   1   15.00     0    0    0     1   0.0  1   1    7    0   0.000    0.000    0.000  1
  7   1   16  1 18 5   502  16    79  224  224  -250.00000   0.12210 8.19000e+00     0   500   0.00   0.00  -0.00  -77.22   17.84    6.45 6.000 0.000 0 3 16 2  0.741  0.741   0.00  421.20     0.00    0.00   1   15.00     0    0    0     1   0.0  1   1    7    0   0.000    0.000    0.000  1
  8   1   16  1 18 5   503  16    79  224  224  -250.00000   0.12210 8.19000e+00     0   500   0.00   0.00  -0.00  -71.22   17.84    6.45 6.000 0.000 0 3 16 2  0.741  0.741   0.00  421.20     0.00    0.00   1   15.00     0    0    0     1   0.0  1   1    7    0   0.000    0.000    0.000  1
  9   1   16  1 18 5   504  16    79  224  224  -250.00000   0.12210 8.19000e+00     0   500   0.00   0.00  -0.00  -65.22   17.84    6.45 6.000 0.000 0 3 16 2  0.741  0.741   0.00  421.20     0.00    0.00   1   15.00     0    0    0     1   0.0  1   1    7    0   0.000    0.000    0.000  1
 10   1   16  1 18 5   505  16    79  224  224  -250.00000   0.12210 8.19000e+00     0   500   0.00   0.00  -0.00  -59.22   17.84    6.45 6.000 0.000 0 3 16 2  0.741  0.741   0.00  421.20     0.00    0.00   1   15.00     0    0    0     1   0.0  1   1    7    0   0.000    0.000    0.000  1
 11   1   16  1 18 5   506  16    79  224  224  -250.00000   0.12210 8.19000e+00     0   500   0.00   0.00  -0.00  -53.22   17.83    6.45 6.000 0.000 0 3 16 2  0.741  0.741   0.00  421.20     0.00    0.00   1   15.00     0    0    0     1   0.0  1   1    7    0   0.000    0.000    0.000  1
 12   1   16  1 18 5   507  16    79  224  224  -250.00000   0.12210 8.19000e+00     0   500   0.00   0.00  -0.00  -47.22   17.83    6.45 6.000 0.000 0 3 16 2  0.741  0.741   0.00  421.20     0.00    0.00   1   15.00     0    0    0     1   0.0  1   1    7    0   0.000    0.000    0.000  1
 13   1   16  1 18 5   508  16    79  224  224  -250.00000   0.12210 8.19000e+00     0   500   0.00   0.00  -0.00  -41.22   17.83    6.45 6.000 0.000 0 3 16 2  0.741  0.741   0.00  421.20     0.00    0.00   1   15.00     0    0    0     1   0.0  1   1    7    0   0.000    0.000    0.000  1
 14   1   16  1 18 5   509  16    79  224  224  -250.00000   0.12210 8.19000e+00     0   500   0.00   0.00  -0.00  -35.22   17.83    6.45 6.000 0.000 0 3 16 2  0.741  0.741   0.00  421.20     0.00    0.00   1   15.00     0    0    0     1   0.0  1   1    7    0   0.000    0.000    0.000  1
 15   1   16  1 18 5   510  16    79  224  224  -250.00000   0.12210 8.19000e+00     0   500   0.00   0.00  -0.00  -29.22   17.83    6.45 6.000 0.000 0 3 16 2  0.741  0.741   0.00  421.20     0.00    0.00   1   15.00     0    0    0     1   0.0  1   1    7    0   0.000    0.000    0.000  1
 16   1   16  1 18 5   511  16    79  224  224  -250.00000   0.12210 8.19000e+00     0   500   0.00   0.00  -0.00  -23.22   17.83    6.45 6.000 0.000 0 3 16 2  0.741  0.741   0.00  421.20     0.00    0.00   1   15.00     0    0    0     1   0.0  1   1    7    0   0.000    0.000    0.000  1

# === END OF DATA DESCRIPTION FILE ===============================================
